{
  "aor": 0.0013530731707317072,
  "aqi": 0.009326733951219511,
  "bids_meta": {
    "AcquisitionDateTime": "2015-01-24T16:54:59.000000",
    "Authors": [
      "Arafat Angulo-Perkins and Luis Concha"
    ],
    "ConversionSoftware": "dcm2niix",
    "ConversionSoftwareVersion": "v1.0.20170411 GCC4.8.4",
    "EchoTime": 0.04,
    "FlipAngle": 90,
    "ImageType": [
      "ORIGINAL",
      "PRIMARY",
      "EPI",
      "NONE"
    ],
    "MagneticFieldStrength": 3,
    "Manufacturer": "GE",
    "ManufacturersModelName": "DISCOVERY_MR750",
    "ProtocolName": "fMRI_vocal",
    "RepetitionTime": 3,
    "ScanningSequence": "EP_GR",
    "SequenceVariant": "SS",
    "SeriesDescription": "fMRI_vocal",
    "SliceTiming": [
      0,
      1.5349,
      0.0697674,
      1.60467,
      0.139535,
      1.67444,
      0.209302,
      1.74421,
      0.279069,
      1.81398,
      0.348836,
      1.88375,
      0.418603,
      1.95352,
      0.48837,
      2.02329,
      0.558137,
      2.09306,
      0.627904,
      2.16283,
      0.697671,
      2.2326,
      0.767438,
      2.30237,
      0.837205,
      2.37214,
      0.906972,
      2.44191,
      0.976739,
      2.51168,
      1.04651,
      2.58145,
      1.11628,
      2.65122,
      1.18605,
      2.72099,
      1.25582,
      2.79076,
      1.32559,
      2.86053,
      1.39536,
      2.9303,
      1.46513
    ],
    "TaskName": "Vocal music block-design fMRI",
    "dataset": "ds003146",
    "modality": "bold",
    "subject_id": "426",
    "task_id": "vocal"
  },
  "dummy_trs": 0,
  "dvars_nstd": 23.439178130343144,
  "dvars_std": 1.0166558018137248,
  "dvars_vstd": 0.956771377058824,
  "efc": 0.36922322928519513,
  "fber": 24805.9921875,
  "fd_mean": 0.07134933895693236,
  "fd_num": 13,
  "fd_perc": 6.341463414634147,
  "fwhm_avg": 2.792813888888889,
  "fwhm_x": 2.95357,
  "fwhm_y": 3.097955,
  "fwhm_z": 2.3269166666666665,
  "gcor": 0.019907,
  "gsr_x": -0.01940825954079628,
  "gsr_y": 0.01095364149659872,
  "provenance": {
    "md5sum": "fb8f73dd778f4c7a100ed43018413b92",
    "settings": {
      "fd_thres": 0.2,
      "testing": false
    },
    "software": "mriqc",
    "version": "22.0.1",
    "webapi_port": null,
    "webapi_url": "https://mriqc.nimh.nih.gov/api/v1"
  },
  "size_t": 205,
  "size_x": 128,
  "size_y": 128,
  "size_z": 43,
  "snr": 3.5778135448047417,
  "spacing_tr": 3.0,
  "spacing_x": 2.0,
  "spacing_y": 2.0,
  "spacing_z": 3.0,
  "summary_bg_k": 85.69077106529598,
  "summary_bg_mad": 17.111398851231975,
  "summary_bg_mean": 54.65141677856445,
  "summary_bg_median": 15.399999618530273,
  "summary_bg_n": 535064.0,
  "summary_bg_p05": 1.9365854263305664,
  "summary_bg_p95": 233.2897537231441,
  "summary_bg_stdv": 164.65493774414062,
  "summary_fg_k": 0.7988285709959255,
  "summary_fg_mad": 614.27474822846,
  "summary_fg_mean": 2501.064208984375,
  "summary_fg_median": 2422.263427734375,
  "summary_fg_n": 81445.0,
  "summary_fg_p05": 1537.86337890625,
  "summary_fg_p95": 3730.5668945312505,
  "summary_fg_stdv": 677.0192260742188,
  "tsnr": 48.41626624879427
}