{
  "bids_meta": {
    "AcquisitionDateTime": "2015-01-26T18:52:7.000000",
    "ConversionSoftware": "dcm2niix",
    "ConversionSoftwareVersion": "v1.0.20170411 GCC4.8.4",
    "EchoTime": 0.003184,
    "FlipAngle": 12,
    "ImageType": [
      "ORIGINAL",
      "PRIMARY",
      "OTHER"
    ],
    "InversionTime": 0.45,
    "MagneticFieldStrength": 3,
    "Manufacturer": "GE",
    "ManufacturersModelName": "DISCOVERY_MR750",
    "ProtocolName": "Sag_FSPGR_BRAVO",
    "RepetitionTime": 0.008164,
    "ScanningSequence": "GR",
    "SequenceVariant": "SS_SK",
    "SeriesDescription": "Sag_FSPGR_BRAVO",
    "dataset": "ds003146",
    "modality": "T1w",
    "subject_id": "427"
  },
  "cjv": 0.368731655297272,
  "cnr": 3.6668379809786202,
  "efc": 0.49035895726241296,
  "fber": 8180.197530864197,
  "fwhm_avg": 4.228958257628828,
  "fwhm_x": 4.096114772886482,
  "fwhm_y": 4.3772,
  "fwhm_z": 4.21356,
  "icvs_csf": 0.23165086476950583,
  "icvs_gm": 0.41592935033601774,
  "icvs_wm": 0.35241978489447645,
  "inu_med": 0.8489698767662048,
  "inu_range": 0.7322952002286908,
  "provenance": {
    "md5sum": "8c51c213d743b906e03717f14485e9de",
    "settings": {
      "testing": false
    },
    "software": "mriqc",
    "version": "22.0.1",
    "warnings": {
      "large_rot_frame": true,
      "small_air_mask": false
    },
    "webapi_port": null,
    "webapi_url": "https://mriqc.nimh.nih.gov/api/v1"
  },
  "qi_1": 3.864939682785076e-06,
  "qi_2": 0.0005189537216434878,
  "rpve_csf": 24.211893845602674,
  "rpve_gm": 13.209290650801481,
  "rpve_wm": 18.148573255317665,
  "size_x": 164,
  "size_y": 256,
  "size_z": 256,
  "snr_csf": 1.6258687195914907,
  "snr_gm": 8.357976895307445,
  "snr_total": 9.770754532520167,
  "snr_wm": 19.328417982661566,
  "snrd_csf": 12.153767099463423,
  "snrd_gm": 55.279138533622366,
  "snrd_total": 50.64401368610345,
  "snrd_wm": 84.49913542522457,
  "spacing_x": 1.0999984741210938,
  "spacing_y": 1.0,
  "spacing_z": 1.0,
  "summary_bg_k": 9.058066301037732,
  "summary_bg_mad": 7.753172877828038,
  "summary_bg_mean": 7.099189463311279,
  "summary_bg_median": 5.229435637593269,
  "summary_bg_n": 2892485.0,
  "summary_bg_p05": 0.0,
  "summary_bg_p95": 25.723169893026352,
  "summary_bg_stdv": 9.512915976496261,
  "summary_csf_k": 3.252438530953203,
  "summary_csf_mad": 72.85188568986166,
  "summary_csf_mean": 157.3976022009494,
  "summary_csf_median": 143.83303605020046,
  "summary_csf_n": 45249.0,
  "summary_csf_p05": 45.51022365689278,
  "summary_csf_p95": 328.41798044741154,
  "summary_csf_stdv": 88.46436674611618,
  "summary_gm_k": 0.017655322708159726,
  "summary_gm_mad": 78.33498542778509,
  "summary_gm_mean": 653.1424318160027,
  "summary_gm_median": 654.1976870596409,
  "summary_gm_n": 21868.0,
  "summary_gm_p05": 523.4311732985079,
  "summary_gm_p95": 779.3578689210116,
  "summary_gm_stdv": 78.27046391805811,
  "summary_wm_k": 0.7035505721236892,
  "summary_wm_mad": 49.173276630549,
  "summary_wm_mean": 1002.9988579247586,
  "summary_wm_median": 1000.0000075995922,
  "summary_wm_n": 172097.0,
  "summary_wm_p05": 924.2909709364176,
  "summary_wm_p95": 1091.9155835360289,
  "summary_wm_stdv": 51.73714181647573,
  "tpm_overlap_csf": 0.14761803309835936,
  "tpm_overlap_gm": 0.4466759795741037,
  "tpm_overlap_wm": 0.48601485346459355,
  "wm2max": 0.45905964790864656
}