{
  "aor": 0.001674048780487805,
  "aqi": 0.005612893365853659,
  "bids_meta": {
    "AcquisitionDateTime": "2014-12-13T13:15:25.000000",
    "Authors": [
      "Arafat Angulo-Perkins and Luis Concha"
    ],
    "ConversionSoftware": "dcm2niix",
    "ConversionSoftwareVersion": "v1.0.20170411 GCC4.8.4",
    "EchoTime": 0.04,
    "FlipAngle": 90,
    "ImageType": [
      "ORIGINAL",
      "PRIMARY",
      "EPI",
      "NONE"
    ],
    "MagneticFieldStrength": 3,
    "Manufacturer": "GE",
    "ManufacturersModelName": "DISCOVERY_MR750",
    "ProtocolName": "fMRI_vocal",
    "RepetitionTime": 3,
    "ScanningSequence": "EP_GR",
    "SequenceVariant": "SS",
    "SeriesDescription": "fMRI_vocal",
    "SliceTiming": [
      0,
      1.5349,
      0.0697674,
      1.60467,
      0.139535,
      1.67444,
      0.209302,
      1.74421,
      0.279069,
      1.81398,
      0.348836,
      1.88375,
      0.418603,
      1.95352,
      0.48837,
      2.02329,
      0.558137,
      2.09306,
      0.627904,
      2.16283,
      0.697671,
      2.2326,
      0.767438,
      2.30237,
      0.837205,
      2.37214,
      0.906972,
      2.44191,
      0.976739,
      2.51168,
      1.04651,
      2.58145,
      1.11628,
      2.65122,
      1.18605,
      2.72099,
      1.25582,
      2.79076,
      1.32559,
      2.86053,
      1.39536,
      2.9303,
      1.46513
    ],
    "TaskName": "Vocal music block-design fMRI",
    "dataset": "ds003146",
    "modality": "bold",
    "subject_id": "419",
    "task_id": "vocal"
  },
  "dummy_trs": 0,
  "dvars_nstd": 28.284316081911772,
  "dvars_std": 1.0664277214705873,
  "dvars_vstd": 0.9838317811764707,
  "efc": 0.38927188331988893,
  "fber": 12381.8505859375,
  "fd_mean": 0.07612794864309529,
  "fd_num": 13,
  "fd_perc": 6.341463414634147,
  "fwhm_avg": 2.931652777777778,
  "fwhm_x": 3.005425,
  "fwhm_y": 3.31632,
  "fwhm_z": 2.4732133333333333,
  "gcor": 0.0129756,
  "gsr_x": -0.019748082384467125,
  "gsr_y": 0.028863849118351936,
  "provenance": {
    "md5sum": "09738939bb69efe2029b71c6b921769d",
    "settings": {
      "fd_thres": 0.2,
      "testing": false
    },
    "software": "mriqc",
    "version": "22.0.1",
    "webapi_port": null,
    "webapi_url": "https://mriqc.nimh.nih.gov/api/v1"
  },
  "size_t": 205,
  "size_x": 128,
  "size_y": 128,
  "size_z": 43,
  "snr": 2.8645967520777047,
  "spacing_tr": 3.0,
  "spacing_x": 2.0,
  "spacing_y": 2.0,
  "spacing_z": 3.0,
  "summary_bg_k": 101.39453520109906,
  "summary_bg_mad": 28.314085425581823,
  "summary_bg_mean": 85.91539001464844,
  "summary_bg_median": 21.497560501098633,
  "summary_bg_n": 532563.0,
  "summary_bg_p05": 0.9756097793579102,
  "summary_bg_p95": 409.95413513183524,
  "summary_bg_stdv": 238.42398071289062,
  "summary_fg_k": 1.7011801731511067,
  "summary_fg_mad": 678.4602758160393,
  "summary_fg_mean": 2470.791259765625,
  "summary_fg_median": 2333.358642578125,
  "summary_fg_n": 85584.0,
  "summary_fg_p05": 1413.940515136719,
  "summary_fg_p95": 4028.0700683593736,
  "summary_fg_stdv": 814.5457153320312,
  "tsnr": 48.74546268652193
}