{
  "aor": 0.0036349756097560975,
  "aqi": 0.016004377414634147,
  "bids_meta": {
    "AcquisitionDateTime": "2015-03-11T19:39:47.000000",
    "Authors": [
      "Arafat Angulo-Perkins and Luis Concha"
    ],
    "ConversionSoftware": "dcm2niix",
    "ConversionSoftwareVersion": "v1.0.20170411 GCC4.8.4",
    "EchoTime": 0.04,
    "FlipAngle": 90,
    "ImageType": [
      "ORIGINAL",
      "PRIMARY",
      "EPI",
      "NONE"
    ],
    "MagneticFieldStrength": 3,
    "Manufacturer": "GE",
    "ManufacturersModelName": "DISCOVERY_MR750",
    "ProtocolName": "fMRI_vocal",
    "RepetitionTime": 3,
    "ScanningSequence": "EP_GR",
    "SequenceVariant": "SS",
    "SeriesDescription": "fMRI_vocal",
    "SliceTiming": [
      0,
      1.5349,
      0.0697674,
      1.60467,
      0.139535,
      1.67444,
      0.209302,
      1.74421,
      0.279069,
      1.81398,
      0.348836,
      1.88375,
      0.418603,
      1.95352,
      0.48837,
      2.02329,
      0.558137,
      2.09306,
      0.627904,
      2.16283,
      0.697671,
      2.2326,
      0.767438,
      2.30237,
      0.837205,
      2.37214,
      0.906972,
      2.44191,
      0.976739,
      2.51168,
      1.04651,
      2.58145,
      1.11628,
      2.65122,
      1.18605,
      2.72099,
      1.25582,
      2.79076,
      1.32559,
      2.86053,
      1.39536,
      2.9303,
      1.46513
    ],
    "TaskName": "Vocal music block-design fMRI",
    "dataset": "ds003146",
    "modality": "bold",
    "subject_id": "433",
    "task_id": "vocal"
  },
  "dummy_trs": 0,
  "dvars_nstd": 38.75663108460783,
  "dvars_std": 0.9667384945098046,
  "dvars_vstd": 0.9333551778921569,
  "efc": 0.3634089640853435,
  "fber": 13962.966796875,
  "fd_mean": 0.26878445402434314,
  "fd_num": 79,
  "fd_perc": 38.53658536585366,
  "fwhm_avg": 2.9898011111111114,
  "fwhm_x": 3.16932,
  "fwhm_y": 3.38121,
  "fwhm_z": 2.4188733333333334,
  "gcor": 0.0190298,
  "gsr_x": -0.0012534459820017219,
  "gsr_y": 0.004252390004694462,
  "provenance": {
    "md5sum": "c326cf8b3a96d7a994447ae207b8b77b",
    "settings": {
      "fd_thres": 0.2,
      "testing": false
    },
    "software": "mriqc",
    "version": "22.0.1",
    "webapi_port": null,
    "webapi_url": "https://mriqc.nimh.nih.gov/api/v1"
  },
  "size_t": 205,
  "size_x": 128,
  "size_y": 128,
  "size_z": 43,
  "snr": 3.1157515074910784,
  "spacing_tr": 3.0,
  "spacing_x": 2.0,
  "spacing_y": 2.0,
  "spacing_z": 3.0,
  "summary_bg_k": 58.901459791501104,
  "summary_bg_mad": 21.76170884745765,
  "summary_bg_mean": 59.011940002441406,
  "summary_bg_median": 18.06341552734375,
  "summary_bg_n": 544622.0,
  "summary_bg_p05": 1.59512197971344,
  "summary_bg_p95": 259.3314529418943,
  "summary_bg_stdv": 152.77093505859375,
  "summary_fg_k": 1.7061457678609964,
  "summary_fg_mad": 551.4049577171181,
  "summary_fg_mean": 2211.2109375,
  "summary_fg_median": 2098.770751953125,
  "summary_fg_n": 73359.0,
  "summary_fg_p05": 1304.97216796875,
  "summary_fg_p95": 3494.532641601554,
  "summary_fg_stdv": 673.5955810546875,
  "tsnr": 28.73381002235692
}