{
  "bids_meta": {
    "AcquisitionDateTime": "2014-11-10T19:32:34.000000",
    "ConversionSoftware": "dcm2niix",
    "ConversionSoftwareVersion": "v1.0.20170411 GCC4.8.4",
    "EchoTime": 0.003184,
    "FlipAngle": 12,
    "ImageType": [
      "ORIGINAL",
      "PRIMARY",
      "OTHER"
    ],
    "InversionTime": 0.45,
    "MagneticFieldStrength": 3,
    "Manufacturer": "GE",
    "ManufacturersModelName": "DISCOVERY_MR750",
    "ProtocolName": "Sag_FSPGR_BRAVO",
    "RepetitionTime": 0.008164,
    "ScanningSequence": "GR",
    "SequenceVariant": "SS_SK",
    "SeriesDescription": "Sag_FSPGR_BRAVO",
    "dataset": "ds003146",
    "modality": "T1w",
    "subject_id": "411"
  },
  "cjv": 0.3752781397961846,
  "cnr": 3.6188747659033758,
  "efc": 0.5117417238974085,
  "fber": 5939.135907202217,
  "fwhm_avg": 4.152831768496106,
  "fwhm_x": 3.824705305488316,
  "fwhm_y": 4.41628,
  "fwhm_z": 4.21751,
  "icvs_csf": 0.20391675949493016,
  "icvs_gm": 0.42209580597670443,
  "icvs_wm": 0.3739874345283654,
  "inu_med": 0.8591416478157043,
  "inu_range": 0.8271758705377533,
  "provenance": {
    "md5sum": "423b6a96413da1608ccd9561cd2b1775",
    "settings": {
      "testing": false
    },
    "software": "mriqc",
    "version": "22.0.1",
    "warnings": {
      "large_rot_frame": true,
      "small_air_mask": false
    },
    "webapi_port": null,
    "webapi_url": "https://mriqc.nimh.nih.gov/api/v1"
  },
  "qi_1": 0.0,
  "qi_2": 0.00015687443035686176,
  "rpve_csf": 25.628283099913805,
  "rpve_gm": 12.71129756317657,
  "rpve_wm": 16.8084516897706,
  "size_x": 164,
  "size_y": 256,
  "size_z": 256,
  "snr_csf": 1.7254453985864875,
  "snr_gm": 8.96614861285693,
  "snr_total": 9.309102354840569,
  "snr_wm": 17.23571305307829,
  "snrd_csf": 10.584545469799885,
  "snrd_gm": 37.71600746027524,
  "snrd_total": 35.18601032714025,
  "snrd_wm": 57.257478051345636,
  "spacing_x": 1.0999984741210938,
  "spacing_y": 1.0,
  "spacing_z": 1.0,
  "summary_bg_k": 11.644388219108633,
  "summary_bg_mad": 0.0,
  "summary_bg_mean": 8.001334055458392,
  "summary_bg_median": 0.0,
  "summary_bg_n": 1914881.0,
  "summary_bg_p05": 0.0,
  "summary_bg_p95": 30.002334013581276,
  "summary_bg_stdv": 11.441935706233009,
  "summary_csf_k": 5.149789860954021,
  "summary_csf_mad": 89.8284532951346,
  "summary_csf_mean": 199.13099514519644,
  "summary_csf_median": 184.85873895138502,
  "summary_csf_n": 20773.0,
  "summary_csf_p05": 52.042959156632435,
  "summary_csf_p95": 405.49847158044577,
  "summary_csf_stdv": 107.13424461521448,
  "summary_gm_k": 0.05955562550619087,
  "summary_gm_mad": 73.29932556934394,
  "summary_gm_mean": 655.5052318098338,
  "summary_gm_median": 658.7088314071298,
  "summary_gm_n": 19667.0,
  "summary_gm_p05": 530.5451644934714,
  "summary_gm_p95": 770.2369629241526,
  "summary_gm_stdv": 73.46432822883008,
  "summary_wm_k": 0.7171321161402435,
  "summary_wm_mad": 54.77977932159942,
  "summary_wm_mean": 1002.6095761370607,
  "summary_wm_median": 999.9999733865261,
  "summary_wm_n": 180338.0,
  "summary_wm_p05": 912.6196348294616,
  "summary_wm_p95": 1101.214072957635,
  "summary_wm_stdv": 58.018905149540814,
  "tpm_overlap_csf": 0.16606052631015478,
  "tpm_overlap_gm": 0.4605808083427872,
  "tpm_overlap_wm": 0.4905702617454451,
  "wm2max": 0.3180482043341186
}