{
  "aor": 0.001279219512195122,
  "aqi": 0.008372022878048781,
  "bids_meta": {
    "AcquisitionDateTime": "2014-09-18T20:09:53.000000",
    "Authors": [
      "Arafat Angulo-Perkins and Luis Concha"
    ],
    "ConversionSoftware": "dcm2niix",
    "ConversionSoftwareVersion": "v1.0.20170411 GCC4.8.4",
    "EchoTime": 0.04,
    "FlipAngle": 90,
    "ImageType": [
      "ORIGINAL",
      "PRIMARY",
      "EPI",
      "NONE"
    ],
    "MagneticFieldStrength": 3,
    "Manufacturer": "GE",
    "ManufacturersModelName": "DISCOVERY_MR750",
    "ProcedureStepDescription": "Auditivo",
    "ProtocolName": "fMRI_vocal",
    "RepetitionTime": 3,
    "ScanningSequence": "EP_GR",
    "SequenceVariant": "SS",
    "SeriesDescription": "fMRI_vocal",
    "SliceTiming": [
      0,
      1.5349,
      0.0697674,
      1.60467,
      0.139535,
      1.67444,
      0.209302,
      1.74421,
      0.279069,
      1.81398,
      0.348836,
      1.88375,
      0.418603,
      1.95352,
      0.48837,
      2.02329,
      0.558137,
      2.09306,
      0.627904,
      2.16283,
      0.697671,
      2.2326,
      0.767438,
      2.30237,
      0.837205,
      2.37214,
      0.906972,
      2.44191,
      0.976739,
      2.51168,
      1.04651,
      2.58145,
      1.11628,
      2.65122,
      1.18605,
      2.72099,
      1.25582,
      2.79076,
      1.32559,
      2.86053,
      1.39536,
      2.9303,
      1.46513
    ],
    "TaskName": "Vocal music block-design fMRI",
    "dataset": "ds003146",
    "modality": "bold",
    "subject_id": "404",
    "task_id": "vocal"
  },
  "dummy_trs": 0,
  "dvars_nstd": 25.84871554843135,
  "dvars_std": 0.9994461762745103,
  "dvars_vstd": 0.959382980196078,
  "efc": 0.40418559171694624,
  "fber": 19055.50390625,
  "fd_mean": 0.05993562441348158,
  "fd_num": 2,
  "fd_perc": 0.975609756097561,
  "fwhm_avg": 2.988741111111111,
  "fwhm_x": 3.09895,
  "fwhm_y": 3.35745,
  "fwhm_z": 2.5098233333333333,
  "gcor": 0.0129241,
  "gsr_x": -0.01167378295212984,
  "gsr_y": 0.01901923306286335,
  "provenance": {
    "md5sum": "5bd36d96a9a10e6b59d16dc8ce3894ec",
    "settings": {
      "fd_thres": 0.2,
      "testing": false
    },
    "software": "mriqc",
    "version": "22.0.1",
    "webapi_port": null,
    "webapi_url": "https://mriqc.nimh.nih.gov/api/v1"
  },
  "size_t": 205,
  "size_x": 128,
  "size_y": 128,
  "size_z": 43,
  "snr": 2.8673649309818026,
  "spacing_tr": 3.0,
  "spacing_x": 2.0,
  "spacing_y": 2.0,
  "spacing_z": 3.0,
  "summary_bg_k": 84.21202517146078,
  "summary_bg_mad": 25.037896783039823,
  "summary_bg_mean": 91.2874984741211,
  "summary_bg_median": 18.09756088256836,
  "summary_bg_n": 520316.0,
  "summary_bg_p05": 0.5268292427062988,
  "summary_bg_p95": 448.38658905029297,
  "summary_bg_stdv": 259.82379150390625,
  "summary_fg_k": 0.760962475083653,
  "summary_fg_mad": 775.270653442819,
  "summary_fg_mean": 2580.758056640625,
  "summary_fg_median": 2442.751220703125,
  "summary_fg_n": 96253.0,
  "summary_fg_p05": 1446.797119140625,
  "summary_fg_p95": 4139.73388671875,
  "summary_fg_stdv": 851.9105834960938,
  "tsnr": 43.73870853334665
}