{
  "aor": 0.002437219512195122,
  "aqi": 0.004750952146341463,
  "bids_meta": {
    "AcquisitionDateTime": "2014-10-10T19:33:23.000000",
    "Authors": [
      "Arafat Angulo-Perkins and Luis Concha"
    ],
    "ConversionSoftware": "dcm2niix",
    "ConversionSoftwareVersion": "v1.0.20170411 GCC4.8.4",
    "EchoTime": 0.04,
    "FlipAngle": 90,
    "ImageType": [
      "ORIGINAL",
      "PRIMARY",
      "EPI",
      "NONE"
    ],
    "MagneticFieldStrength": 3,
    "Manufacturer": "GE",
    "ManufacturersModelName": "DISCOVERY_MR750",
    "ProtocolName": "fMRI_vocal",
    "RepetitionTime": 3,
    "ScanningSequence": "EP_GR",
    "SequenceVariant": "SS",
    "SeriesDescription": "fMRI_vocal",
    "SliceTiming": [
      0,
      1.54053,
      0.0810811,
      1.62161,
      0.162162,
      1.70269,
      0.243243,
      1.78377,
      0.324324,
      1.86485,
      0.405405,
      1.94593,
      0.486486,
      2.02701,
      0.567567,
      2.10809,
      0.648648,
      2.18917,
      0.729729,
      2.27025,
      0.81081,
      2.35133,
      0.891891,
      2.43241,
      0.972972,
      2.51349,
      1.05405,
      2.59457,
      1.13513,
      2.67565,
      1.21621,
      2.75673,
      1.29729,
      2.83781,
      1.37837,
      2.91889,
      1.45945
    ],
    "TaskName": "Vocal music block-design fMRI",
    "dataset": "ds003146",
    "modality": "bold",
    "subject_id": "408",
    "task_id": "vocal"
  },
  "dummy_trs": 0,
  "dvars_nstd": 22.30069321289216,
  "dvars_std": 1.0503712405882355,
  "dvars_vstd": 1.0028250332352941,
  "efc": 0.4010125406415422,
  "fber": 19532.9609375,
  "fd_mean": 0.04273983348237144,
  "fd_num": 0,
  "fd_perc": 0.0,
  "fwhm_avg": 3.045956883085109,
  "fwhm_x": 3.22452,
  "fwhm_y": 3.34148,
  "fwhm_z": 2.5718706492553274,
  "gcor": 0.0174352,
  "gsr_x": -0.022494159638881683,
  "gsr_y": 0.015394498594105244,
  "provenance": {
    "md5sum": "d75c7b1da2eeb5c3e38d3f733838ce4f",
    "settings": {
      "fd_thres": 0.2,
      "testing": false
    },
    "software": "mriqc",
    "version": "22.0.1",
    "webapi_port": null,
    "webapi_url": "https://mriqc.nimh.nih.gov/api/v1"
  },
  "size_t": 205,
  "size_x": 128,
  "size_y": 128,
  "size_z": 37,
  "snr": 3.308030725502699,
  "spacing_tr": 3.0,
  "spacing_x": 2.0,
  "spacing_y": 2.0,
  "spacing_z": 3.0001275539398193,
  "summary_bg_k": 284.2708825888191,
  "summary_bg_mad": 20.568393883862647,
  "summary_bg_mean": 60.978851318359375,
  "summary_bg_median": 16.85365867614746,
  "summary_bg_n": 438647.0,
  "summary_bg_p05": 1.2439024448394775,
  "summary_bg_p95": 265.1390167236317,
  "summary_bg_stdv": 194.0535888671875,
  "summary_fg_k": 0.9330157154414418,
  "summary_fg_mad": 594.2413391253057,
  "summary_fg_mean": 2453.53076171875,
  "summary_fg_median": 2344.9560546875,
  "summary_fg_n": 85380.0,
  "summary_fg_p05": 1479.261962890625,
  "summary_fg_p95": 3804.621325683594,
  "summary_fg_stdv": 708.863525390625,
  "tsnr": 55.1864574290812
}