{
  "aor": 0.009177609756097563,
  "aqi": 0.010238397463414633,
  "bids_meta": {
    "AcquisitionDateTime": "2014-09-17T19:44:8.000000",
    "Authors": [
      "Arafat Angulo-Perkins and Luis Concha"
    ],
    "ConversionSoftware": "dcm2niix",
    "ConversionSoftwareVersion": "v1.0.20170411 GCC4.8.4",
    "EchoTime": 0.04,
    "FlipAngle": 90,
    "ImageType": [
      "ORIGINAL",
      "PRIMARY",
      "EPI",
      "NONE"
    ],
    "MagneticFieldStrength": 3,
    "Manufacturer": "GE",
    "ManufacturersModelName": "DISCOVERY_MR750",
    "ProtocolName": "fMRI_vocal",
    "RepetitionTime": 3,
    "ScanningSequence": "EP_GR",
    "SequenceVariant": "SS",
    "SeriesDescription": "fMRI_vocal",
    "SliceTiming": [
      0,
      1.5349,
      0.0697674,
      1.60467,
      0.139535,
      1.67444,
      0.209302,
      1.74421,
      0.279069,
      1.81398,
      0.348836,
      1.88375,
      0.418603,
      1.95352,
      0.48837,
      2.02329,
      0.558137,
      2.09306,
      0.627904,
      2.16283,
      0.697671,
      2.2326,
      0.767438,
      2.30237,
      0.837205,
      2.37214,
      0.906972,
      2.44191,
      0.976739,
      2.51168,
      1.04651,
      2.58145,
      1.11628,
      2.65122,
      1.18605,
      2.72099,
      1.25582,
      2.79076,
      1.32559,
      2.86053,
      1.39536,
      2.9303,
      1.46513
    ],
    "TaskName": "Vocal music block-design fMRI",
    "dataset": "ds003146",
    "modality": "bold",
    "subject_id": "402",
    "task_id": "vocal"
  },
  "dummy_trs": 0,
  "dvars_nstd": 41.98708305191174,
  "dvars_std": 1.1234411528431376,
  "dvars_vstd": 1.0283193646568627,
  "efc": 0.39034227389947684,
  "fber": 15846.23828125,
  "fd_mean": 0.2566279135478264,
  "fd_num": 56,
  "fd_perc": 27.317073170731707,
  "fwhm_avg": 3.1566627777777776,
  "fwhm_x": 3.27907,
  "fwhm_y": 3.545325,
  "fwhm_z": 2.6455933333333332,
  "gcor": 0.0299839,
  "gsr_x": -0.016981881111860275,
  "gsr_y": 0.022677861154079437,
  "provenance": {
    "md5sum": "4c639ab5f1ae36425099699b3408595b",
    "settings": {
      "fd_thres": 0.2,
      "testing": false
    },
    "software": "mriqc",
    "version": "22.0.1",
    "webapi_port": null,
    "webapi_url": "https://mriqc.nimh.nih.gov/api/v1"
  },
  "size_t": 205,
  "size_x": 128,
  "size_y": 128,
  "size_z": 43,
  "snr": 2.563989415389498,
  "spacing_tr": 3.0,
  "spacing_x": 2.0,
  "spacing_y": 2.0,
  "spacing_z": 3.0,
  "summary_bg_k": 41.72274364771462,
  "summary_bg_mad": 22.933326153472628,
  "summary_bg_mean": 69.53652954101562,
  "summary_bg_median": 17.219512939453125,
  "summary_bg_n": 522801.0,
  "summary_bg_p05": 0.6146341562271118,
  "summary_bg_p95": 350.8487854003906,
  "summary_bg_stdv": 178.87567138671875,
  "summary_fg_k": 1.4298402067300735,
  "summary_fg_mad": 707.9534182393925,
  "summary_fg_mean": 2361.031005859375,
  "summary_fg_median": 2176.770751953125,
  "summary_fg_n": 89757.0,
  "summary_fg_p05": 1303.1541748046875,
  "summary_fg_p95": 4034.5209960937495,
  "summary_fg_stdv": 848.9733276367188,
  "tsnr": 35.0854475266533
}