{
  "bids_meta": {
    "AcquisitionDateTime": "2015-01-24T17:10:14.000000",
    "ConversionSoftware": "dcm2niix",
    "ConversionSoftwareVersion": "v1.0.20170411 GCC4.8.4",
    "EchoTime": 0.003184,
    "FlipAngle": 12,
    "ImageType": [
      "ORIGINAL",
      "PRIMARY",
      "OTHER"
    ],
    "InversionTime": 0.45,
    "MagneticFieldStrength": 3,
    "Manufacturer": "GE",
    "ManufacturersModelName": "DISCOVERY_MR750",
    "ProtocolName": "Sag_FSPGR_BRAVO",
    "RepetitionTime": 0.008164,
    "ScanningSequence": "GR",
    "SequenceVariant": "SS_SK",
    "SeriesDescription": "Sag_FSPGR_BRAVO",
    "dataset": "ds003146",
    "modality": "T1w",
    "subject_id": "426"
  },
  "cjv": 0.3681337916011595,
  "cnr": 3.7104326463032344,
  "efc": 0.48921642553611694,
  "fber": 6335.783200868317,
  "fwhm_avg": 3.833441072925553,
  "fwhm_x": 3.6311232187766596,
  "fwhm_y": 3.93991,
  "fwhm_z": 3.92929,
  "icvs_csf": 0.21366738993652737,
  "icvs_gm": 0.41470332640826946,
  "icvs_wm": 0.3716292836552032,
  "inu_med": 0.7851408123970032,
  "inu_range": 0.5196949481964108,
  "provenance": {
    "md5sum": "e6dc7fd3c9327e053f0b49719ce321f3",
    "settings": {
      "testing": false
    },
    "software": "mriqc",
    "version": "22.0.1",
    "warnings": {
      "large_rot_frame": true,
      "small_air_mask": false
    },
    "webapi_port": null,
    "webapi_url": "https://mriqc.nimh.nih.gov/api/v1"
  },
  "qi_1": 0.0,
  "qi_2": 0.0004847610576030114,
  "rpve_csf": 26.11734878578557,
  "rpve_gm": 13.504876112970397,
  "rpve_wm": 17.7651043695705,
  "size_x": 164,
  "size_y": 256,
  "size_z": 256,
  "snr_csf": 1.3512063791216642,
  "snr_gm": 9.3628592044481,
  "snr_total": 10.088975802129013,
  "snr_wm": 19.552861822817277,
  "snrd_csf": 12.019420591074878,
  "snrd_gm": 47.57462739187784,
  "snrd_total": 43.48431136611594,
  "snrd_wm": 70.8588861153951,
  "spacing_x": 1.0999984741210938,
  "spacing_y": 1.0,
  "spacing_z": 1.0,
  "summary_bg_k": 5.825123931954797,
  "summary_bg_mad": 0.0,
  "summary_bg_mean": 6.928500757564939,
  "summary_bg_median": 0.0,
  "summary_bg_n": 2634823.0,
  "summary_bg_p05": 0.0,
  "summary_bg_p95": 23.63083226978779,
  "summary_bg_stdv": 9.245649392653155,
  "summary_csf_k": 0.5708254979130554,
  "summary_csf_mad": 111.04480399671745,
  "summary_csf_mean": 198.22525209604743,
  "summary_csf_median": 169.6247509494424,
  "summary_csf_n": 23559.0,
  "summary_csf_p05": 42.292090371251106,
  "summary_csf_p95": 444.83266899958244,
  "summary_csf_stdv": 125.53311879902526,
  "summary_gm_k": -0.05336971526609924,
  "summary_gm_mad": 73.37828618875845,
  "summary_gm_mean": 669.1405145586621,
  "summary_gm_median": 671.3996121287346,
  "summary_gm_n": 28136.0,
  "summary_gm_p05": 548.4280064329505,
  "summary_gm_p95": 783.6333879251033,
  "summary_gm_stdv": 71.70754852076868,
  "summary_wm_k": 0.8251252460689242,
  "summary_wm_mad": 47.59063028430748,
  "summary_wm_mean": 1000.4965848467668,
  "summary_wm_median": 1000.0000265240669,
  "summary_wm_n": 179819.0,
  "summary_wm_p05": 918.864121735096,
  "summary_wm_p95": 1084.533497326076,
  "summary_wm_stdv": 51.1432676714044,
  "tpm_overlap_csf": 0.13868986264904992,
  "tpm_overlap_gm": 0.45230172712580663,
  "tpm_overlap_wm": 0.48751507868190236,
  "wm2max": 0.40413108450778396
}