{
  "aor": 0.0006171219512195122,
  "aqi": 0.006452815512195122,
  "bids_meta": {
    "AcquisitionDateTime": "2015-01-19T18:34:48.000000",
    "Authors": [
      "Arafat Angulo-Perkins and Luis Concha"
    ],
    "ConversionSoftware": "dcm2niix",
    "ConversionSoftwareVersion": "v1.0.20170411 GCC4.8.4",
    "EchoTime": 0.04,
    "FlipAngle": 90,
    "ImageType": [
      "ORIGINAL",
      "PRIMARY",
      "EPI",
      "NONE"
    ],
    "MagneticFieldStrength": 3,
    "Manufacturer": "GE",
    "ManufacturersModelName": "DISCOVERY_MR750",
    "ProtocolName": "fMRI_vocal",
    "RepetitionTime": 3,
    "ScanningSequence": "EP_GR",
    "SequenceVariant": "SS",
    "SeriesDescription": "fMRI_vocal",
    "SliceTiming": [
      0,
      1.5349,
      0.0697674,
      1.60467,
      0.139535,
      1.67444,
      0.209302,
      1.74421,
      0.279069,
      1.81398,
      0.348836,
      1.88375,
      0.418603,
      1.95352,
      0.48837,
      2.02329,
      0.558137,
      2.09306,
      0.627904,
      2.16283,
      0.697671,
      2.2326,
      0.767438,
      2.30237,
      0.837205,
      2.37214,
      0.906972,
      2.44191,
      0.976739,
      2.51168,
      1.04651,
      2.58145,
      1.11628,
      2.65122,
      1.18605,
      2.72099,
      1.25582,
      2.79076,
      1.32559,
      2.86053,
      1.39536,
      2.9303,
      1.46513
    ],
    "TaskName": "Vocal music block-design fMRI",
    "dataset": "ds003146",
    "modality": "bold",
    "subject_id": "422",
    "task_id": "vocal"
  },
  "dummy_trs": 0,
  "dvars_nstd": 23.130099744950986,
  "dvars_std": 1.0242153551960789,
  "dvars_vstd": 0.975811277058824,
  "efc": 0.3834886808753943,
  "fber": 38668.7578125,
  "fd_mean": 0.05679261387469925,
  "fd_num": 4,
  "fd_perc": 1.951219512195122,
  "fwhm_avg": 2.9825094444444447,
  "fwhm_x": 3.09147,
  "fwhm_y": 3.325935,
  "fwhm_z": 2.5301233333333335,
  "gcor": 0.0283093,
  "gsr_x": -0.027669589966535568,
  "gsr_y": 0.01571798138320446,
  "provenance": {
    "md5sum": "c1a6d0215ad58c9b71cf6c129b26073f",
    "settings": {
      "fd_thres": 0.2,
      "testing": false
    },
    "software": "mriqc",
    "version": "22.0.1",
    "webapi_port": null,
    "webapi_url": "https://mriqc.nimh.nih.gov/api/v1"
  },
  "size_t": 205,
  "size_x": 128,
  "size_y": 128,
  "size_z": 43,
  "snr": 3.0187299284852274,
  "spacing_tr": 3.0,
  "spacing_x": 2.0,
  "spacing_y": 2.0,
  "spacing_z": 3.0,
  "summary_bg_k": 78.71255406583961,
  "summary_bg_mad": 16.699163328826657,
  "summary_bg_mean": 79.17647552490234,
  "summary_bg_median": 13.1902437210083,
  "summary_bg_n": 531526.0,
  "summary_bg_p05": 1.0243902206420898,
  "summary_bg_p95": 423.71829986572266,
  "summary_bg_stdv": 233.73846435546875,
  "summary_fg_k": 1.8376826443941727,
  "summary_fg_mad": 671.2210071709924,
  "summary_fg_mean": 2683.685302734375,
  "summary_fg_median": 2538.39990234375,
  "summary_fg_n": 86415.0,
  "summary_fg_p05": 1592.03076171875,
  "summary_fg_p95": 4316.3154296875,
  "summary_fg_stdv": 840.8785400390625,
  "tsnr": 53.190221255645156
}