{
  "bids_meta": {
    "AcquisitionDateTime": "2014-10-10T18:47:4.000000",
    "ConversionSoftware": "dcm2niix",
    "ConversionSoftwareVersion": "v1.0.20170411 GCC4.8.4",
    "EchoTime": 0.003184,
    "FlipAngle": 12,
    "ImageType": [
      "ORIGINAL",
      "PRIMARY",
      "OTHER"
    ],
    "InversionTime": 0.45,
    "MagneticFieldStrength": 3,
    "Manufacturer": "GE",
    "ManufacturersModelName": "DISCOVERY_MR750",
    "ProcedureStepDescription": "Protocolo_Auditivo",
    "ProtocolName": "Sag_FSPGR_BRAVO",
    "RepetitionTime": 0.008164,
    "ScanningSequence": "GR",
    "SequenceVariant": "SS_SK",
    "SeriesDescription": "Sag_FSPGR_BRAVO",
    "dataset": "ds003146",
    "modality": "T1w",
    "subject_id": "407"
  },
  "cjv": 0.38613370193674046,
  "cnr": 3.5215487688822296,
  "efc": 0.4672929455910078,
  "fber": 6552.186635198297,
  "fwhm_avg": 4.415108047496514,
  "fwhm_x": 4.297024142489544,
  "fwhm_y": 4.52271,
  "fwhm_z": 4.42559,
  "icvs_csf": 0.21465166173697542,
  "icvs_gm": 0.41719574059677467,
  "icvs_wm": 0.3681525976662499,
  "inu_med": 0.8205487430095673,
  "inu_range": 0.6794312596321106,
  "provenance": {
    "md5sum": "da8b8fd2ee93a14083e22d61e99a9bd3",
    "settings": {
      "testing": false
    },
    "software": "mriqc",
    "version": "22.0.1",
    "warnings": {
      "large_rot_frame": true,
      "small_air_mask": false
    },
    "webapi_port": null,
    "webapi_url": "https://mriqc.nimh.nih.gov/api/v1"
  },
  "qi_1": 0.0,
  "qi_2": 0.0006640301986201269,
  "rpve_csf": 28.187512031496812,
  "rpve_gm": 14.49308317930769,
  "rpve_wm": 18.769194386127786,
  "size_x": 164,
  "size_y": 256,
  "size_z": 256,
  "snr_csf": 2.4390040053348545,
  "snr_gm": 10.510366766217256,
  "snr_total": 10.686562795462677,
  "snr_wm": 19.110317614835918,
  "snrd_csf": 16.696856729057895,
  "snrd_gm": 53.60759644930308,
  "snrd_total": 48.967827188109304,
  "snrd_wm": 76.59902838596693,
  "spacing_x": 1.0999984741210938,
  "spacing_y": 1.0,
  "spacing_z": 1.0,
  "summary_bg_k": 5.211289568361725,
  "summary_bg_mad": 8.553306421827353,
  "summary_bg_mean": 7.496822697654574,
  "summary_bg_median": 5.769117511808872,
  "summary_bg_n": 2936993.0,
  "summary_bg_p05": 0.0,
  "summary_bg_p95": 25.078000612556934,
  "summary_bg_stdv": 9.641942516909026,
  "summary_csf_k": 2.257897881034154,
  "summary_csf_mad": 71.87395753443698,
  "summary_csf_mean": 227.20420642615488,
  "summary_csf_median": 217.99022598192096,
  "summary_csf_n": 42880.0,
  "summary_csf_p05": 100.01765972003341,
  "summary_csf_p95": 395.1256810128689,
  "summary_csf_stdv": 89.37569746775827,
  "summary_gm_k": 0.07857356203626376,
  "summary_gm_mad": 65.89537090285359,
  "summary_gm_mean": 700.1276442897031,
  "summary_gm_median": 699.8881438560784,
  "summary_gm_n": 26362.0,
  "summary_gm_p05": 590.2778545590118,
  "summary_gm_p95": 810.796484593302,
  "summary_gm_stdv": 66.58900538230027,
  "summary_wm_k": 0.46893033590234623,
  "summary_wm_mad": 50.010658976602784,
  "summary_wm_mean": 1002.4159020888188,
  "summary_wm_median": 1000.0588601082563,
  "summary_wm_n": 164694.0,
  "summary_wm_p05": 920.4685858637094,
  "summary_wm_p95": 1092.091001558118,
  "summary_wm_stdv": 52.330675195857125,
  "tpm_overlap_csf": 0.15625577265033258,
  "tpm_overlap_gm": 0.45512447749701945,
  "tpm_overlap_wm": 0.49237159692227445,
  "wm2max": 0.3118091273678807
}