{
  "bids_meta": {
    "AcquisitionDateTime": "2015-01-26T20:10:30.000000",
    "ConversionSoftware": "dcm2niix",
    "ConversionSoftwareVersion": "v1.0.20170411 GCC4.8.4",
    "EchoTime": 0.003184,
    "FlipAngle": 12,
    "ImageType": [
      "ORIGINAL",
      "PRIMARY",
      "OTHER"
    ],
    "InversionTime": 0.45,
    "MagneticFieldStrength": 3,
    "Manufacturer": "GE",
    "ManufacturersModelName": "DISCOVERY_MR750",
    "ProtocolName": "Sag_FSPGR_BRAVO",
    "RepetitionTime": 0.008164,
    "ScanningSequence": "GR",
    "SequenceVariant": "SS_SK",
    "SeriesDescription": "Sag_FSPGR_BRAVO",
    "dataset": "ds003146",
    "modality": "T1w",
    "subject_id": "428"
  },
  "cjv": 0.3623533320537414,
  "cnr": 3.703076780460236,
  "efc": 0.4850738050633862,
  "fber": 5882.987707412065,
  "fwhm_avg": 4.440845956184095,
  "fwhm_x": 4.361687868552286,
  "fwhm_y": 4.58237,
  "fwhm_z": 4.37848,
  "icvs_csf": 0.18499728708245025,
  "icvs_gm": 0.4367854809778108,
  "icvs_wm": 0.378217231939739,
  "inu_med": 0.8404346108436584,
  "inu_range": 0.8143608212471007,
  "provenance": {
    "md5sum": "ecb8480d15d4f55b3b4e944cece474ae",
    "settings": {
      "testing": false
    },
    "software": "mriqc",
    "version": "22.0.1",
    "warnings": {
      "large_rot_frame": true,
      "small_air_mask": false
    },
    "webapi_port": null,
    "webapi_url": "https://mriqc.nimh.nih.gov/api/v1"
  },
  "qi_1": 0.0,
  "qi_2": 0.0004929603679385452,
  "rpve_csf": 27.2170182274401,
  "rpve_gm": 12.303998308332046,
  "rpve_wm": 16.43633975967496,
  "size_x": 164,
  "size_y": 256,
  "size_z": 256,
  "snr_csf": 1.5459069084381463,
  "snr_gm": 9.338603413981104,
  "snr_total": 9.524278333901268,
  "snr_wm": 17.688324679284555,
  "snrd_csf": 10.787061283505723,
  "snrd_gm": 38.98452601471846,
  "snrd_total": 36.226464269290595,
  "snrd_wm": 58.90780550964759,
  "spacing_x": 1.0999984741210938,
  "spacing_y": 1.0,
  "spacing_z": 1.0,
  "summary_bg_k": 7.279332662582037,
  "summary_bg_mad": 0.0,
  "summary_bg_mean": 8.064146835630938,
  "summary_bg_median": 0.0,
  "summary_bg_n": 2773024.0,
  "summary_bg_p05": 0.0,
  "summary_bg_p95": 28.476185381412506,
  "summary_bg_stdv": 11.121385373579605,
  "summary_csf_k": 1.4332926488792435,
  "summary_csf_mad": 105.54713905264742,
  "summary_csf_mean": 203.0657588436942,
  "summary_csf_median": 183.1176921054721,
  "summary_csf_n": 23311.0,
  "summary_csf_p05": 50.85033103823662,
  "summary_csf_p95": 435.9285879172385,
  "summary_csf_stdv": 118.45070576625231,
  "summary_gm_k": 0.13033500420903987,
  "summary_gm_mad": 70.53229450978503,
  "summary_gm_mean": 660.111879990927,
  "summary_gm_median": 661.7888082787395,
  "summary_gm_n": 29227.0,
  "summary_gm_p05": 541.782027028501,
  "summary_gm_p95": 774.1115395054221,
  "summary_gm_stdv": 70.86471684401192,
  "summary_wm_k": 0.9740560557636089,
  "summary_wm_mad": 52.019661390233374,
  "summary_wm_mean": 1002.1018910407989,
  "summary_wm_median": 1000.0000100508332,
  "summary_wm_n": 192568.0,
  "summary_wm_p05": 914.2324516996741,
  "summary_wm_p95": 1097.6891460120678,
  "summary_wm_stdv": 56.534320332392625,
  "tpm_overlap_csf": 0.1620704094822872,
  "tpm_overlap_gm": 0.46991029849332233,
  "tpm_overlap_wm": 0.5040937659620067,
  "wm2max": 0.36035727513010124
}