{
  "aor": 0.0024525853658536587,
  "aqi": 0.0068346743414634155,
  "bids_meta": {
    "AcquisitionDateTime": "2014-09-25T18:43:24.000000",
    "Authors": [
      "Arafat Angulo-Perkins and Luis Concha"
    ],
    "ConversionSoftware": "dcm2niix",
    "ConversionSoftwareVersion": "v1.0.20170411 GCC4.8.4",
    "EchoTime": 0.04,
    "FlipAngle": 90,
    "ImageType": [
      "ORIGINAL",
      "PRIMARY",
      "EPI",
      "NONE"
    ],
    "MagneticFieldStrength": 3,
    "Manufacturer": "GE",
    "ManufacturersModelName": "DISCOVERY_MR750",
    "ProcedureStepDescription": "Protocolo_Auditivo",
    "ProtocolName": "fMRI_vocal",
    "RepetitionTime": 3,
    "ScanningSequence": "EP_GR",
    "SequenceVariant": "SS",
    "SeriesDescription": "fMRI_vocal",
    "SliceTiming": [
      0,
      1.5349,
      0.0697674,
      1.60467,
      0.139535,
      1.67444,
      0.209302,
      1.74421,
      0.279069,
      1.81398,
      0.348836,
      1.88375,
      0.418603,
      1.95352,
      0.48837,
      2.02329,
      0.558137,
      2.09306,
      0.627904,
      2.16283,
      0.697671,
      2.2326,
      0.767438,
      2.30237,
      0.837205,
      2.37214,
      0.906972,
      2.44191,
      0.976739,
      2.51168,
      1.04651,
      2.58145,
      1.11628,
      2.65122,
      1.18605,
      2.72099,
      1.25582,
      2.79076,
      1.32559,
      2.86053,
      1.39536,
      2.9303,
      1.46513
    ],
    "TaskName": "Vocal music block-design fMRI",
    "dataset": "ds003146",
    "modality": "bold",
    "subject_id": "405",
    "task_id": "vocal"
  },
  "dummy_trs": 0,
  "dvars_nstd": 24.48675925112746,
  "dvars_std": 1.054769304901961,
  "dvars_vstd": 1.0061148184313722,
  "efc": 0.39137157869277206,
  "fber": 19795.8359375,
  "fd_mean": 0.06935268816691251,
  "fd_num": 8,
  "fd_perc": 3.902439024390244,
  "fwhm_avg": 2.8475877777777776,
  "fwhm_x": 2.954415,
  "fwhm_y": 3.215685,
  "fwhm_z": 2.372663333333333,
  "gcor": 0.0218353,
  "gsr_x": -0.0005312827997840941,
  "gsr_y": 0.00920066051185131,
  "provenance": {
    "md5sum": "fcbae832e0c4acecb97408fef7ba7207",
    "settings": {
      "fd_thres": 0.2,
      "testing": false
    },
    "software": "mriqc",
    "version": "22.0.1",
    "webapi_port": null,
    "webapi_url": "https://mriqc.nimh.nih.gov/api/v1"
  },
  "size_t": 205,
  "size_x": 128,
  "size_y": 128,
  "size_z": 43,
  "snr": 3.268083633156354,
  "spacing_tr": 3.0,
  "spacing_x": 2.0,
  "spacing_y": 2.0,
  "spacing_z": 3.0,
  "summary_bg_k": 203.32101591044272,
  "summary_bg_mad": 21.204828460417335,
  "summary_bg_mean": 69.2561264038086,
  "summary_bg_median": 16.63902473449707,
  "summary_bg_n": 524877.0,
  "summary_bg_p05": 0.9560975432395935,
  "summary_bg_p95": 330.1658630371094,
  "summary_bg_stdv": 219.76376342773438,
  "summary_fg_k": 0.8864839939784774,
  "summary_fg_mad": 652.8946176143401,
  "summary_fg_mean": 2387.53564453125,
  "summary_fg_median": 2298.287841796875,
  "summary_fg_n": 91097.0,
  "summary_fg_p05": 1408.334619140625,
  "summary_fg_p95": 3649.38232421875,
  "summary_fg_stdv": 703.2485961914062,
  "tsnr": 47.41164894530084
}