{
  "aor": 0.000845560975609756,
  "aqi": 0.005544617463414635,
  "bids_meta": {
    "AcquisitionDateTime": "2014-09-25T20:02:42.000000",
    "Authors": [
      "Arafat Angulo-Perkins and Luis Concha"
    ],
    "ConversionSoftware": "dcm2niix",
    "ConversionSoftwareVersion": "v1.0.20170411 GCC4.8.4",
    "EchoTime": 0.04,
    "FlipAngle": 90,
    "ImageType": [
      "ORIGINAL",
      "PRIMARY",
      "EPI",
      "NONE"
    ],
    "MagneticFieldStrength": 3,
    "Manufacturer": "GE",
    "ManufacturersModelName": "DISCOVERY_MR750",
    "ProcedureStepDescription": "Protocolo_Auditivo",
    "ProtocolName": "fMRI_vocal",
    "RepetitionTime": 3,
    "ScanningSequence": "EP_GR",
    "SequenceVariant": "SS",
    "SeriesDescription": "fMRI_vocal",
    "SliceTiming": [
      0,
      1.5349,
      0.0697674,
      1.60467,
      0.139535,
      1.67444,
      0.209302,
      1.74421,
      0.279069,
      1.81398,
      0.348836,
      1.88375,
      0.418603,
      1.95352,
      0.48837,
      2.02329,
      0.558137,
      2.09306,
      0.627904,
      2.16283,
      0.697671,
      2.2326,
      0.767438,
      2.30237,
      0.837205,
      2.37214,
      0.906972,
      2.44191,
      0.976739,
      2.51168,
      1.04651,
      2.58145,
      1.11628,
      2.65122,
      1.18605,
      2.72099,
      1.25582,
      2.79076,
      1.32559,
      2.86053,
      1.39536,
      2.9303,
      1.46513
    ],
    "TaskName": "Vocal music block-design fMRI",
    "dataset": "ds003146",
    "modality": "bold",
    "subject_id": "406",
    "task_id": "vocal"
  },
  "dummy_trs": 0,
  "dvars_nstd": 26.265920442843136,
  "dvars_std": 1.122464362892157,
  "dvars_vstd": 0.9878174428431368,
  "efc": 0.3669779839501457,
  "fber": 19463.755859375,
  "fd_mean": 0.07042268534226577,
  "fd_num": 9,
  "fd_perc": 4.390243902439025,
  "fwhm_avg": 2.8175977777777774,
  "fwhm_x": 2.92708,
  "fwhm_y": 3.17747,
  "fwhm_z": 2.3482433333333335,
  "gcor": 0.0325175,
  "gsr_x": -0.01393568143248558,
  "gsr_y": 0.007784437853842974,
  "provenance": {
    "md5sum": "27c354bc7627a4445372da225844eaad",
    "settings": {
      "fd_thres": 0.2,
      "testing": false
    },
    "software": "mriqc",
    "version": "22.0.1",
    "webapi_port": null,
    "webapi_url": "https://mriqc.nimh.nih.gov/api/v1"
  },
  "size_t": 205,
  "size_x": 128,
  "size_y": 128,
  "size_z": 43,
  "snr": 3.7128405491749406,
  "spacing_tr": 3.0,
  "spacing_x": 2.0,
  "spacing_y": 2.0,
  "spacing_z": 3.0,
  "summary_bg_k": 152.55542127335355,
  "summary_bg_mad": 20.539465794635436,
  "summary_bg_mean": 60.48212814331055,
  "summary_bg_median": 17.434146881103516,
  "summary_bg_n": 539682.0,
  "summary_bg_p05": 1.507317066192627,
  "summary_bg_p95": 247.8521896362291,
  "summary_bg_stdv": 197.16590881347656,
  "summary_fg_k": 0.6986631935717891,
  "summary_fg_mad": 595.5938154899166,
  "summary_fg_mean": 2466.09326171875,
  "summary_fg_median": 2404.45361328125,
  "summary_fg_n": 78999.0,
  "summary_fg_p05": 1525.6268310546875,
  "summary_fg_p95": 3608.0034179687495,
  "summary_fg_stdv": 647.6007690429688,
  "tsnr": 55.06112458370626
}