{
  "aor": 0.0022909268292682925,
  "aqi": 0.006040095073170732,
  "bids_meta": {
    "AcquisitionDateTime": "2014-10-15T18:22:25.000000",
    "Authors": [
      "Arafat Angulo-Perkins and Luis Concha"
    ],
    "ConversionSoftware": "dcm2niix",
    "ConversionSoftwareVersion": "v1.0.20170411 GCC4.8.4",
    "EchoTime": 0.04,
    "FlipAngle": 90,
    "ImageType": [
      "ORIGINAL",
      "PRIMARY",
      "EPI",
      "NONE"
    ],
    "MagneticFieldStrength": 3,
    "Manufacturer": "GE",
    "ManufacturersModelName": "DISCOVERY_MR750",
    "ProtocolName": "fMRI_vocal",
    "RepetitionTime": 3,
    "ScanningSequence": "EP_GR",
    "SequenceVariant": "SS",
    "SeriesDescription": "fMRI_vocal",
    "SliceTiming": [
      0,
      1.5349,
      0.0697674,
      1.60467,
      0.139535,
      1.67444,
      0.209302,
      1.74421,
      0.279069,
      1.81398,
      0.348836,
      1.88375,
      0.418603,
      1.95352,
      0.48837,
      2.02329,
      0.558137,
      2.09306,
      0.627904,
      2.16283,
      0.697671,
      2.2326,
      0.767438,
      2.30237,
      0.837205,
      2.37214,
      0.906972,
      2.44191,
      0.976739,
      2.51168,
      1.04651,
      2.58145,
      1.11628,
      2.65122,
      1.18605,
      2.72099,
      1.25582,
      2.79076,
      1.32559,
      2.86053,
      1.39536,
      2.9303,
      1.46513
    ],
    "TaskName": "Vocal music block-design fMRI",
    "dataset": "ds003146",
    "modality": "bold",
    "subject_id": "409",
    "task_id": "vocal"
  },
  "dummy_trs": 0,
  "dvars_nstd": 24.22912172259803,
  "dvars_std": 1.0377279770098045,
  "dvars_vstd": 0.9909514626960785,
  "efc": 0.37645026661707387,
  "fber": 28410.189453125,
  "fd_mean": 0.05545730999243841,
  "fd_num": 9,
  "fd_perc": 4.390243902439025,
  "fwhm_avg": 3.1415005555555555,
  "fwhm_x": 3.328635,
  "fwhm_y": 3.45212,
  "fwhm_z": 2.6437466666666665,
  "gcor": 0.055542,
  "gsr_x": -0.004845880903303623,
  "gsr_y": 0.011884545907378197,
  "provenance": {
    "md5sum": "a9b6dc520c2e98b8772b9c01d6c5e4fc",
    "settings": {
      "fd_thres": 0.2,
      "testing": false
    },
    "software": "mriqc",
    "version": "22.0.1",
    "webapi_port": null,
    "webapi_url": "https://mriqc.nimh.nih.gov/api/v1"
  },
  "size_t": 205,
  "size_x": 128,
  "size_y": 128,
  "size_z": 43,
  "snr": 2.6473632721976834,
  "spacing_tr": 3.0,
  "spacing_x": 2.0,
  "spacing_y": 2.0,
  "spacing_z": 3.0,
  "summary_bg_k": 73.32885629767864,
  "summary_bg_mad": 16.872735929208957,
  "summary_bg_mean": 67.97113800048828,
  "summary_bg_median": 14.326828956604004,
  "summary_bg_n": 528739.0,
  "summary_bg_p05": 1.6048780679702759,
  "summary_bg_p95": 311.0053710937499,
  "summary_bg_stdv": 213.23143005371094,
  "summary_fg_k": 1.2411706058117025,
  "summary_fg_mad": 731.5521671502324,
  "summary_fg_mean": 2565.583740234375,
  "summary_fg_median": 2386.078125,
  "summary_fg_n": 87213.0,
  "summary_fg_p05": 1415.248779296875,
  "summary_fg_p95": 4375.953124999999,
  "summary_fg_stdv": 901.2984619140625,
  "tsnr": 47.98999361554161
}