{
  "bids_meta": {
    "AcquisitionDateTime": "2015-02-02T19:01:36.000000",
    "ConversionSoftware": "dcm2niix",
    "ConversionSoftwareVersion": "v1.0.20170411 GCC4.8.4",
    "EchoTime": 0.003184,
    "FlipAngle": 12,
    "ImageType": [
      "ORIGINAL",
      "PRIMARY",
      "OTHER"
    ],
    "InversionTime": 0.45,
    "MagneticFieldStrength": 3,
    "Manufacturer": "GE",
    "ManufacturersModelName": "DISCOVERY_MR750",
    "ProtocolName": "Sag_FSPGR_BRAVO",
    "RepetitionTime": 0.008164,
    "ScanningSequence": "GR",
    "SequenceVariant": "SS_SK",
    "SeriesDescription": "Sag_FSPGR_BRAVO",
    "dataset": "ds003146",
    "modality": "T1w",
    "subject_id": "429"
  },
  "cjv": 0.36820114784886515,
  "cnr": 3.6290088622346572,
  "efc": 0.456379054934914,
  "fber": -1.0,
  "fwhm_avg": 4.681694457560856,
  "fwhm_x": 4.397433372682569,
  "fwhm_y": 4.86145,
  "fwhm_z": 4.7862,
  "icvs_csf": 0.23701977243714784,
  "icvs_gm": 0.3834269294975741,
  "icvs_wm": 0.379553298065278,
  "inu_med": 0.872643768787384,
  "inu_range": 0.9609771728515619,
  "provenance": {
    "md5sum": "8f15cd5950ac6ee823c28da1ef432061",
    "settings": {
      "testing": false
    },
    "software": "mriqc",
    "version": "22.0.1",
    "warnings": {
      "large_rot_frame": true,
      "small_air_mask": false
    },
    "webapi_port": null,
    "webapi_url": "https://mriqc.nimh.nih.gov/api/v1"
  },
  "qi_1": 4.246738581517682e-05,
  "qi_2": 0.0010591182895544342,
  "rpve_csf": 22.004485968977544,
  "rpve_gm": 12.927419512314188,
  "rpve_wm": 15.70249348913285,
  "size_x": 164,
  "size_y": 256,
  "size_z": 256,
  "snr_csf": 2.2990590122811554,
  "snr_gm": 9.65836615019339,
  "snr_total": 10.118563591570757,
  "snr_wm": 18.39826561223773,
  "snrd_csf": 9.475931007833205,
  "snrd_gm": 31.332070892703,
  "snrd_total": 29.081416535083083,
  "snrd_wm": 46.43624770471305,
  "spacing_x": 1.0999984741210938,
  "spacing_y": 1.0,
  "spacing_z": 1.0,
  "summary_bg_k": 409.16844029804713,
  "summary_bg_mad": 0.0,
  "summary_bg_mean": 8.001568231656321,
  "summary_bg_median": 0.0,
  "summary_bg_n": 3670989.0,
  "summary_bg_p05": 0.0,
  "summary_bg_p95": 30.439604990184307,
  "summary_bg_stdv": 14.108297015030494,
  "summary_csf_k": 1.6932204690679944,
  "summary_csf_mad": 77.20387071195891,
  "summary_csf_mean": 213.3071399593757,
  "summary_csf_median": 204.06322889775038,
  "summary_csf_n": 57398.0,
  "summary_csf_p05": 86.81181195378304,
  "summary_csf_p95": 377.61751429736614,
  "summary_csf_stdv": 88.75868352389047,
  "summary_gm_k": 0.13444468070157267,
  "summary_gm_mad": 69.8021680604795,
  "summary_gm_mean": 672.5951948657191,
  "summary_gm_median": 674.7330208644271,
  "summary_gm_n": 23771.0,
  "summary_gm_p05": 554.1533555388451,
  "summary_gm_p95": 781.7916771396995,
  "summary_gm_stdv": 69.85848515848424,
  "summary_wm_k": 0.8842918544448364,
  "summary_wm_mad": 49.96149289748607,
  "summary_wm_mean": 1002.2688390284028,
  "summary_wm_median": 999.9999616593122,
  "summary_wm_n": 219253.0,
  "summary_wm_p05": 917.5564757063985,
  "summary_wm_p95": 1094.924379043281,
  "summary_wm_stdv": 54.352823372717125,
  "tpm_overlap_csf": 0.14530686191833828,
  "tpm_overlap_gm": 0.4265064322996919,
  "tpm_overlap_wm": 0.47440369480778505,
  "wm2max": 0.27597637166158595
}