{
  "bids_meta": {
    "AcquisitionDateTime": "2014-09-25T19:18:24.000000",
    "ConversionSoftware": "dcm2niix",
    "ConversionSoftwareVersion": "v1.0.20170411 GCC4.8.4",
    "EchoTime": 0.003184,
    "FlipAngle": 12,
    "ImageType": [
      "ORIGINAL",
      "PRIMARY",
      "OTHER"
    ],
    "InversionTime": 0.45,
    "MagneticFieldStrength": 3,
    "Manufacturer": "GE",
    "ManufacturersModelName": "DISCOVERY_MR750",
    "ProcedureStepDescription": "Protocolo_Auditivo",
    "ProtocolName": "Sag_FSPGR_BRAVO",
    "RepetitionTime": 0.008164,
    "ScanningSequence": "GR",
    "SequenceVariant": "SS_SK",
    "SeriesDescription": "Sag_FSPGR_BRAVO",
    "dataset": "ds003146",
    "modality": "T1w",
    "subject_id": "405"
  },
  "cjv": 0.3965219529700253,
  "cnr": 3.3634843837912953,
  "efc": 0.492100431339927,
  "fber": 11601.374609781478,
  "fwhm_avg": 4.091755496547116,
  "fwhm_x": 4.022996489641349,
  "fwhm_y": 4.13036,
  "fwhm_z": 4.12191,
  "icvs_csf": 0.2179078991358776,
  "icvs_gm": 0.4168013870670444,
  "icvs_wm": 0.365290713797078,
  "inu_med": 0.8519272208213806,
  "inu_range": 0.5430358529090877,
  "provenance": {
    "md5sum": "02079e7aaee7d417843c9468f74221b2",
    "settings": {
      "testing": false
    },
    "software": "mriqc",
    "version": "22.0.1",
    "warnings": {
      "large_rot_frame": true,
      "small_air_mask": false
    },
    "webapi_port": null,
    "webapi_url": "https://mriqc.nimh.nih.gov/api/v1"
  },
  "qi_1": 0.0,
  "qi_2": 0.0004726133819362504,
  "rpve_csf": 25.15615762038352,
  "rpve_gm": 13.139566160520607,
  "rpve_wm": 17.213354289338096,
  "size_x": 164,
  "size_y": 256,
  "size_z": 256,
  "snr_csf": 2.5272677103339083,
  "snr_gm": 10.619349225918974,
  "snr_total": 10.603637385000395,
  "snr_wm": 18.664295218748304,
  "snrd_csf": 20.139142767201875,
  "snrd_gm": 58.69341591378831,
  "snrd_total": 53.81931487172616,
  "snrd_wm": 82.62538593418827,
  "spacing_x": 1.0999984741210938,
  "spacing_y": 1.0,
  "spacing_z": 1.0,
  "summary_bg_k": 13.64380526735491,
  "summary_bg_mad": 7.928996637137109,
  "summary_bg_mean": 6.368396095800156,
  "summary_bg_median": 5.3480269610881805,
  "summary_bg_n": 3411148.0,
  "summary_bg_p05": 0.0,
  "summary_bg_p95": 21.51365391165018,
  "summary_bg_stdv": 8.404711282399509,
  "summary_csf_k": 1.3980809452314693,
  "summary_csf_mad": 81.39235184333926,
  "summary_csf_mean": 251.97370456286583,
  "summary_csf_median": 243.7403802871704,
  "summary_csf_n": 40664.0,
  "summary_csf_p05": 110.76898266375065,
  "summary_csf_p95": 433.5892601024359,
  "summary_csf_stdv": 96.44304094403296,
  "summary_gm_k": 0.15760377983012663,
  "summary_gm_mad": 64.57326806759389,
  "summary_gm_mean": 710.0764523295703,
  "summary_gm_median": 710.3557326421142,
  "summary_gm_n": 23988.0,
  "summary_gm_p05": 598.8716539490968,
  "summary_gm_p95": 822.0565684884787,
  "summary_gm_stdv": 66.89119181362308,
  "summary_wm_k": 0.8171270103994255,
  "summary_wm_mad": 50.277046858210305,
  "summary_wm_mean": 1004.3062765543802,
  "summary_wm_median": 1000.0000110119581,
  "summary_wm_n": 174621.0,
  "summary_wm_p05": 924.3173264414072,
  "summary_wm_p95": 1098.7359330132604,
  "summary_wm_stdv": 53.57808242656206,
  "tpm_overlap_csf": 0.16288426476497114,
  "tpm_overlap_gm": 0.44458457382995453,
  "tpm_overlap_wm": 0.4831652518036632,
  "wm2max": 0.49352107622624763
}