{
  "aor": 0.0011034146341463416,
  "aqi": 0.004757547365853658,
  "bids_meta": {
    "AcquisitionDateTime": "2014-11-20T18:31:34.000000",
    "Authors": [
      "Arafat Angulo-Perkins and Luis Concha"
    ],
    "ConversionSoftware": "dcm2niix",
    "ConversionSoftwareVersion": "v1.0.20170411 GCC4.8.4",
    "EchoTime": 0.04,
    "FlipAngle": 90,
    "ImageType": [
      "ORIGINAL",
      "PRIMARY",
      "EPI",
      "NONE"
    ],
    "MagneticFieldStrength": 3,
    "Manufacturer": "GE",
    "ManufacturersModelName": "DISCOVERY_MR750",
    "ProcedureStepDescription": "Protocolo_Auditivo",
    "ProtocolName": "fMRI_vocal",
    "RepetitionTime": 3,
    "ScanningSequence": "EP_GR",
    "SequenceVariant": "SS",
    "SeriesDescription": "fMRI_vocal",
    "SliceTiming": [
      0,
      1.5349,
      0.0697674,
      1.60467,
      0.139535,
      1.67444,
      0.209302,
      1.74421,
      0.279069,
      1.81398,
      0.348836,
      1.88375,
      0.418603,
      1.95352,
      0.48837,
      2.02329,
      0.558137,
      2.09306,
      0.627904,
      2.16283,
      0.697671,
      2.2326,
      0.767438,
      2.30237,
      0.837205,
      2.37214,
      0.906972,
      2.44191,
      0.976739,
      2.51168,
      1.04651,
      2.58145,
      1.11628,
      2.65122,
      1.18605,
      2.72099,
      1.25582,
      2.79076,
      1.32559,
      2.86053,
      1.39536,
      2.9303,
      1.46513
    ],
    "TaskName": "Vocal music block-design fMRI",
    "dataset": "ds003146",
    "modality": "bold",
    "subject_id": "413",
    "task_id": "vocal"
  },
  "dummy_trs": 0,
  "dvars_nstd": 29.790497863970575,
  "dvars_std": 1.1702913269607844,
  "dvars_vstd": 0.9919104224019606,
  "efc": 0.3917513738003422,
  "fber": 19798.228515625,
  "fd_mean": 0.04494208925149065,
  "fd_num": 0,
  "fd_perc": 0.0,
  "fwhm_avg": 3.03435,
  "fwhm_x": 3.157775,
  "fwhm_y": 3.349845,
  "fwhm_z": 2.59543,
  "gcor": 0.0202597,
  "gsr_x": -0.02188626304268837,
  "gsr_y": 0.008719759061932564,
  "provenance": {
    "md5sum": "155ab494311d62e558178c3674c02d23",
    "settings": {
      "fd_thres": 0.2,
      "testing": false
    },
    "software": "mriqc",
    "version": "22.0.1",
    "webapi_port": null,
    "webapi_url": "https://mriqc.nimh.nih.gov/api/v1"
  },
  "size_t": 205,
  "size_x": 128,
  "size_y": 128,
  "size_z": 43,
  "snr": 2.948517322640572,
  "spacing_tr": 3.0,
  "spacing_x": 2.0,
  "spacing_y": 2.0,
  "spacing_z": 3.0,
  "summary_bg_k": 34.49078042305888,
  "summary_bg_mad": 21.363937546405896,
  "summary_bg_mean": 84.0642318725586,
  "summary_bg_median": 17.053659439086914,
  "summary_bg_n": 529269.0,
  "summary_bg_p05": 1.2000000476837158,
  "summary_bg_p95": 438.93366699218706,
  "summary_bg_stdv": 232.78868103027344,
  "summary_fg_k": 1.8454330488333657,
  "summary_fg_mad": 639.8223082585466,
  "summary_fg_mean": 2516.04736328125,
  "summary_fg_median": 2372.06103515625,
  "summary_fg_n": 87324.0,
  "summary_fg_p05": 1453.4085693359375,
  "summary_fg_p95": 4062.4912109375,
  "summary_fg_stdv": 804.4882202148438,
  "tsnr": 53.52418769616634
}