{
  "bids_meta": {
    "AcquisitionDateTime": "2015-01-22T19:54:1.000000",
    "ConversionSoftware": "dcm2niix",
    "ConversionSoftwareVersion": "v1.0.20170411 GCC4.8.4",
    "EchoTime": 0.003184,
    "FlipAngle": 12,
    "ImageType": [
      "ORIGINAL",
      "PRIMARY",
      "OTHER"
    ],
    "InversionTime": 0.45,
    "MagneticFieldStrength": 3,
    "Manufacturer": "GE",
    "ManufacturersModelName": "DISCOVERY_MR750",
    "ProcedureStepDescription": "Protocolo_Auditivo",
    "ProtocolName": "Sag_FSPGR_BRAVO",
    "RepetitionTime": 0.008164,
    "ScanningSequence": "GR",
    "SequenceVariant": "SS_SK",
    "SeriesDescription": "Sag_FSPGR_BRAVO",
    "dataset": "ds003146",
    "modality": "T1w",
    "subject_id": "424"
  },
  "cjv": 0.3973784016672901,
  "cnr": 3.3743666688862857,
  "efc": 0.5020558378655748,
  "fber": 10965.506010764046,
  "fwhm_avg": 4.050857719702224,
  "fwhm_x": 3.8543331591066723,
  "fwhm_y": 4.24169,
  "fwhm_z": 4.05655,
  "icvs_csf": 0.19025220844804053,
  "icvs_gm": 0.41005672266339216,
  "icvs_wm": 0.3996910688885673,
  "inu_med": 0.8342660069465637,
  "inu_range": 0.6889613419771188,
  "provenance": {
    "md5sum": "19401223f81dea21ab06d50e24f7a920",
    "settings": {
      "testing": false
    },
    "software": "mriqc",
    "version": "22.0.1",
    "warnings": {
      "large_rot_frame": true,
      "small_air_mask": false
    },
    "webapi_port": null,
    "webapi_url": "https://mriqc.nimh.nih.gov/api/v1"
  },
  "qi_1": 0.0,
  "qi_2": 0.00023591042604950184,
  "rpve_csf": 24.62862979076987,
  "rpve_gm": 11.844473945787179,
  "rpve_wm": 14.425121845253482,
  "size_x": 164,
  "size_y": 256,
  "size_z": 256,
  "snr_csf": 2.1938240053350304,
  "snr_gm": 9.808323803855975,
  "snr_total": 10.029951190824818,
  "snr_wm": 18.087705763283445,
  "snrd_csf": 16.18483381739177,
  "snrd_gm": 48.50891037099955,
  "snrd_total": 44.83473682906655,
  "snrd_wm": 69.81046629880834,
  "spacing_x": 1.100006103515625,
  "spacing_y": 1.0,
  "spacing_z": 1.0,
  "summary_bg_k": 22.76526252812361,
  "summary_bg_mad": 9.384972252045067,
  "summary_bg_mean": 7.25244238919668,
  "summary_bg_median": 6.330067589879036,
  "summary_bg_n": 3104248.0,
  "summary_bg_p05": 0.0,
  "summary_bg_p95": 24.91836130619049,
  "summary_bg_stdv": 10.087112872876048,
  "summary_csf_k": 2.302716468571112,
  "summary_csf_mad": 92.2110765716809,
  "summary_csf_mean": 239.7309687719771,
  "summary_csf_median": 231.85128513723612,
  "summary_csf_n": 28478.0,
  "summary_csf_p05": 88.95754509046675,
  "summary_csf_p95": 436.68925802782155,
  "summary_csf_stdv": 105.68177475904041,
  "summary_gm_k": 0.18921934979079902,
  "summary_gm_mad": 69.04658156861728,
  "summary_gm_mean": 695.2863685485489,
  "summary_gm_median": 694.9007532000542,
  "summary_gm_n": 28718.0,
  "summary_gm_p05": 578.7415009941906,
  "summary_gm_p95": 813.1197893042116,
  "summary_gm_stdv": 70.84683053843301,
  "summary_wm_k": 0.7746252007618084,
  "summary_wm_mad": 52.21321864034597,
  "summary_wm_mean": 1003.9615319471515,
  "summary_wm_median": 1000.0502019375563,
  "summary_wm_n": 239720.0,
  "summary_wm_p05": 921.0248343273997,
  "summary_wm_p95": 1100.5802158322178,
  "summary_wm_stdv": 55.28883149426054,
  "tpm_overlap_csf": 0.1547703987012408,
  "tpm_overlap_gm": 0.43383610308255666,
  "tpm_overlap_wm": 0.47740992876278465,
  "wm2max": 0.3678863833192217
}