{
  "bids_meta": {
    "AcquisitionDateTime": "2015-03-11T21:05:58.000000",
    "ConversionSoftware": "dcm2niix",
    "ConversionSoftwareVersion": "v1.0.20170411 GCC4.8.4",
    "EchoTime": 0.003184,
    "FlipAngle": 12,
    "ImageType": [
      "ORIGINAL",
      "PRIMARY",
      "OTHER"
    ],
    "InversionTime": 0.45,
    "MagneticFieldStrength": 3,
    "Manufacturer": "GE",
    "ManufacturersModelName": "DISCOVERY_MR750",
    "ProtocolName": "Sag_FSPGR_BRAVO",
    "RepetitionTime": 0.008164,
    "ScanningSequence": "GR",
    "SequenceVariant": "SS_SK",
    "SeriesDescription": "Sag_FSPGR_BRAVO",
    "dataset": "ds003146",
    "modality": "T1w",
    "subject_id": "434"
  },
  "cjv": 0.39856418076127714,
  "cnr": 3.3689765056903673,
  "efc": 0.4672997221517216,
  "fber": 12917.882449058055,
  "fwhm_avg": 4.013921762947447,
  "fwhm_x": 3.812705288842342,
  "fwhm_y": 4.15562,
  "fwhm_z": 4.07344,
  "icvs_csf": 0.21892642041276164,
  "icvs_gm": 0.404417823108455,
  "icvs_wm": 0.37665575647878335,
  "inu_med": 0.8551785349845886,
  "inu_range": 0.6928971171379087,
  "provenance": {
    "md5sum": "682533cd0007c20daafc2c023d95bad2",
    "settings": {
      "testing": false
    },
    "software": "mriqc",
    "version": "22.0.1",
    "warnings": {
      "large_rot_frame": true,
      "small_air_mask": false
    },
    "webapi_port": null,
    "webapi_url": "https://mriqc.nimh.nih.gov/api/v1"
  },
  "qi_1": 0.0,
  "qi_2": 0.0005068516897441718,
  "rpve_csf": 25.929631067961164,
  "rpve_gm": 13.751346844785134,
  "rpve_wm": 17.2507134437871,
  "size_x": 164,
  "size_y": 256,
  "size_z": 256,
  "snr_csf": 1.80342822116982,
  "snr_gm": 9.433114503784513,
  "snr_total": 9.762531722418226,
  "snr_wm": 18.051052442300342,
  "snrd_csf": 11.541689580828278,
  "snrd_gm": 44.61712635566452,
  "snrd_total": 40.29810260424788,
  "snrd_wm": 64.73549187625086,
  "spacing_x": 1.0999984741210938,
  "spacing_y": 1.0,
  "spacing_z": 1.0,
  "summary_bg_k": 6.29128207163671,
  "summary_bg_mad": 0.0,
  "summary_bg_mean": 7.229527578252967,
  "summary_bg_median": 0.0,
  "summary_bg_n": 3315724.0,
  "summary_bg_p05": 0.0,
  "summary_bg_p95": 25.716995060443878,
  "summary_bg_stdv": 10.120804131571829,
  "summary_csf_k": 3.094447908484984,
  "summary_csf_mad": 81.87872097391177,
  "summary_csf_mean": 192.66536331126832,
  "summary_csf_median": 178.3005487024784,
  "summary_csf_n": 34921.0,
  "summary_csf_p05": 65.06281238794327,
  "summary_csf_p95": 384.15502068400383,
  "summary_csf_stdv": 98.86614486689197,
  "summary_gm_k": 0.08007543202186307,
  "summary_gm_mad": 71.59995449971898,
  "summary_gm_mean": 687.6809932162031,
  "summary_gm_median": 689.2628722190857,
  "summary_gm_n": 22159.0,
  "summary_gm_p05": 564.766543596983,
  "summary_gm_p95": 806.2337207198143,
  "summary_gm_stdv": 73.06678182536054,
  "summary_wm_k": 0.6644187152173453,
  "summary_wm_mad": 52.27235942004023,
  "summary_wm_mean": 1004.2111740194969,
  "summary_wm_median": 1000.0592756569386,
  "summary_wm_n": 178482.0,
  "summary_wm_p05": 921.0121065080166,
  "summary_wm_p95": 1101.8606524169445,
  "summary_wm_stdv": 55.40156050627341,
  "tpm_overlap_csf": 0.1497497532144768,
  "tpm_overlap_gm": 0.4483637667863618,
  "tpm_overlap_wm": 0.481335959373154,
  "wm2max": 0.3461945273756908
}