{
  "aor": 0.0008125853658536585,
  "aqi": 0.0066719116585365855,
  "bids_meta": {
    "AcquisitionDateTime": "2014-11-25T18:27:31.000000",
    "Authors": [
      "Arafat Angulo-Perkins and Luis Concha"
    ],
    "ConversionSoftware": "dcm2niix",
    "ConversionSoftwareVersion": "v1.0.20170411 GCC4.8.4",
    "EchoTime": 0.04,
    "FlipAngle": 90,
    "ImageType": [
      "ORIGINAL",
      "PRIMARY",
      "EPI",
      "NONE"
    ],
    "MagneticFieldStrength": 3,
    "Manufacturer": "GE",
    "ManufacturersModelName": "DISCOVERY_MR750",
    "ProcedureStepDescription": "Protocolo_Auditivo",
    "ProtocolName": "fMRI_vocal",
    "RepetitionTime": 3,
    "ScanningSequence": "EP_GR",
    "SequenceVariant": "SS",
    "SeriesDescription": "fMRI_vocal",
    "SliceTiming": [
      0,
      1.5349,
      0.0697674,
      1.60467,
      0.139535,
      1.67444,
      0.209302,
      1.74421,
      0.279069,
      1.81398,
      0.348836,
      1.88375,
      0.418603,
      1.95352,
      0.48837,
      2.02329,
      0.558137,
      2.09306,
      0.627904,
      2.16283,
      0.697671,
      2.2326,
      0.767438,
      2.30237,
      0.837205,
      2.37214,
      0.906972,
      2.44191,
      0.976739,
      2.51168,
      1.04651,
      2.58145,
      1.11628,
      2.65122,
      1.18605,
      2.72099,
      1.25582,
      2.79076,
      1.32559,
      2.86053,
      1.39536,
      2.9303,
      1.46513
    ],
    "TaskName": "Vocal music block-design fMRI",
    "dataset": "ds003146",
    "modality": "bold",
    "subject_id": "414",
    "task_id": "vocal"
  },
  "dummy_trs": 0,
  "dvars_nstd": 24.872172440147068,
  "dvars_std": 1.0307935412745095,
  "dvars_vstd": 0.9699936576960777,
  "efc": 0.39599617060435627,
  "fber": 49600.8125,
  "fd_mean": 0.08291695558052932,
  "fd_num": 17,
  "fd_perc": 8.292682926829269,
  "fwhm_avg": 3.0600876868460496,
  "fwhm_x": 3.231565,
  "fwhm_y": 3.30787,
  "fwhm_z": 2.6408280605381496,
  "gcor": 0.0151909,
  "gsr_x": -0.010710344649851322,
  "gsr_y": 0.01787933148443699,
  "provenance": {
    "md5sum": "0c037c1931e015486878a4daa6a2df7c",
    "settings": {
      "fd_thres": 0.2,
      "testing": false
    },
    "software": "mriqc",
    "version": "22.0.1",
    "webapi_port": null,
    "webapi_url": "https://mriqc.nimh.nih.gov/api/v1"
  },
  "size_t": 205,
  "size_x": 128,
  "size_y": 128,
  "size_z": 43,
  "snr": 2.7724849047251383,
  "spacing_tr": 3.0,
  "spacing_x": 2.0,
  "spacing_y": 2.0,
  "spacing_z": 2.9998810291290283,
  "summary_bg_k": 86.19205304725412,
  "summary_bg_mad": 14.840485876189712,
  "summary_bg_mean": 70.38481903076172,
  "summary_bg_median": 11.453658103942871,
  "summary_bg_n": 512795.0,
  "summary_bg_p05": 0.8682926893234253,
  "summary_bg_p95": 329.62097167968744,
  "summary_bg_stdv": 226.76535034179688,
  "summary_fg_k": 0.8185516900544028,
  "summary_fg_mad": 767.2864640541968,
  "summary_fg_mean": 2694.1533203125,
  "summary_fg_median": 2518.141357421875,
  "summary_fg_n": 100867.0,
  "summary_fg_p05": 1496.8697509765625,
  "summary_fg_p95": 4478.311669921874,
  "summary_fg_stdv": 908.2570190429688,
  "tsnr": 47.82263349392451
}