{
  "aor": 0.0025773170731707316,
  "aqi": 0.006592043951219512,
  "bids_meta": {
    "AcquisitionDateTime": "2014-12-13T11:47:16.000000",
    "Authors": [
      "Arafat Angulo-Perkins and Luis Concha"
    ],
    "ConversionSoftware": "dcm2niix",
    "ConversionSoftwareVersion": "v1.0.20170411 GCC4.8.4",
    "EchoTime": 0.04,
    "FlipAngle": 90,
    "ImageType": [
      "ORIGINAL",
      "PRIMARY",
      "EPI",
      "NONE"
    ],
    "MagneticFieldStrength": 3,
    "Manufacturer": "GE",
    "ManufacturersModelName": "DISCOVERY_MR750",
    "ProtocolName": "fMRI_vocal",
    "RepetitionTime": 3,
    "ScanningSequence": "EP_GR",
    "SequenceVariant": "SS",
    "SeriesDescription": "fMRI_vocal",
    "SliceTiming": [
      0,
      1.5349,
      0.0697674,
      1.60467,
      0.139535,
      1.67444,
      0.209302,
      1.74421,
      0.279069,
      1.81398,
      0.348836,
      1.88375,
      0.418603,
      1.95352,
      0.48837,
      2.02329,
      0.558137,
      2.09306,
      0.627904,
      2.16283,
      0.697671,
      2.2326,
      0.767438,
      2.30237,
      0.837205,
      2.37214,
      0.906972,
      2.44191,
      0.976739,
      2.51168,
      1.04651,
      2.58145,
      1.11628,
      2.65122,
      1.18605,
      2.72099,
      1.25582,
      2.79076,
      1.32559,
      2.86053,
      1.39536,
      2.9303,
      1.46513
    ],
    "TaskName": "Vocal music block-design fMRI",
    "dataset": "ds003146",
    "modality": "bold",
    "subject_id": "418",
    "task_id": "vocal"
  },
  "dummy_trs": 0,
  "dvars_nstd": 22.50951404181373,
  "dvars_std": 1.0874618902450977,
  "dvars_vstd": 0.9925265347058823,
  "efc": 0.3679983457804939,
  "fber": 54700.3125,
  "fd_mean": 0.05034176650377332,
  "fd_num": 2,
  "fd_perc": 0.975609756097561,
  "fwhm_avg": 3.296149444444444,
  "fwhm_x": 3.445975,
  "fwhm_y": 3.50063,
  "fwhm_z": 2.9418433333333334,
  "gcor": 0.0142648,
  "gsr_x": -0.004851291887462139,
  "gsr_y": -0.00013419895549304783,
  "provenance": {
    "md5sum": "84c6e47f2e6ab3f736f0207a861ef3c3",
    "settings": {
      "fd_thres": 0.2,
      "testing": false
    },
    "software": "mriqc",
    "version": "22.0.1",
    "webapi_port": null,
    "webapi_url": "https://mriqc.nimh.nih.gov/api/v1"
  },
  "size_t": 205,
  "size_x": 128,
  "size_y": 128,
  "size_z": 43,
  "snr": 2.7877545040364597,
  "spacing_tr": 3.0,
  "spacing_x": 2.0,
  "spacing_y": 2.0,
  "spacing_z": 3.0,
  "summary_bg_k": 78.58332908123971,
  "summary_bg_mad": 14.384857689723702,
  "summary_bg_mean": 65.54940032958984,
  "summary_bg_median": 12.02439022064209,
  "summary_bg_n": 532006.0,
  "summary_bg_p05": 1.40487802028656,
  "summary_bg_p95": 299.5963439941406,
  "summary_bg_stdv": 206.4384307861328,
  "summary_fg_k": 0.8723386216241678,
  "summary_fg_mad": 830.937009688907,
  "summary_fg_mean": 2983.330322265625,
  "summary_fg_median": 2760.126953125,
  "summary_fg_n": 86981.0,
  "summary_fg_p05": 1790.48291015625,
  "summary_fg_p95": 4997.1904296875,
  "summary_fg_stdv": 990.083984375,
  "tsnr": 54.09131307969801
}