{
  "bids_meta": {
    "AcquisitionDateTime": "2014-10-25T15:09:53.000000",
    "ConversionSoftware": "dcm2niix",
    "ConversionSoftwareVersion": "v1.0.20170411 GCC4.8.4",
    "EchoTime": 0.003184,
    "FlipAngle": 12,
    "ImageType": [
      "ORIGINAL",
      "PRIMARY",
      "OTHER"
    ],
    "InversionTime": 0.45,
    "MagneticFieldStrength": 3,
    "Manufacturer": "GE",
    "ManufacturersModelName": "DISCOVERY_MR750",
    "ProtocolName": "Sag_FSPGR_BRAVO",
    "RepetitionTime": 0.008164,
    "ScanningSequence": "GR",
    "SequenceVariant": "SS_SK",
    "SeriesDescription": "Sag_FSPGR_BRAVO",
    "dataset": "ds003146",
    "modality": "T1w",
    "subject_id": "410"
  },
  "cjv": 0.3622229227557155,
  "cnr": 3.6715369656844614,
  "efc": 0.46257493048367954,
  "fber": -1.0,
  "fwhm_avg": 4.071370772552828,
  "fwhm_x": 3.842142317658482,
  "fwhm_y": 4.25523,
  "fwhm_z": 4.11674,
  "icvs_csf": 0.23642480370841948,
  "icvs_gm": 0.41202030640624626,
  "icvs_wm": 0.35155488988533423,
  "inu_med": 0.8959715962409973,
  "inu_range": 0.7890174329280856,
  "provenance": {
    "md5sum": "8c1c266c8608fd3f7d763efb2febe74a",
    "settings": {
      "testing": false
    },
    "software": "mriqc",
    "version": "22.0.1",
    "warnings": {
      "large_rot_frame": true,
      "small_air_mask": false
    },
    "webapi_port": null,
    "webapi_url": "https://mriqc.nimh.nih.gov/api/v1"
  },
  "qi_1": 6.505228577469141e-06,
  "qi_2": 0.0008196358185864471,
  "rpve_csf": 22.31874357194819,
  "rpve_gm": 12.405455320524382,
  "rpve_wm": 16.544457203153126,
  "size_x": 164,
  "size_y": 256,
  "size_z": 256,
  "snr_csf": 1.979179047595175,
  "snr_gm": 9.734551148187736,
  "snr_total": 9.74109772697905,
  "snr_wm": 17.50956298515424,
  "snrd_csf": 9.083725515769977,
  "snrd_gm": 34.32556378121093,
  "snrd_total": 31.580731864091785,
  "snrd_wm": 51.33290629529445,
  "spacing_x": 1.100006103515625,
  "spacing_y": 1.0,
  "spacing_z": 1.0,
  "summary_bg_k": 1465.5490171881509,
  "summary_bg_mad": 0.0,
  "summary_bg_mean": 8.506754930566114,
  "summary_bg_median": 0.0,
  "summary_bg_n": 3755350.0,
  "summary_bg_p05": 0.0,
  "summary_bg_p95": 31.240768052637577,
  "summary_bg_stdv": 12.76250355576396,
  "summary_csf_k": 2.4977031487372736,
  "summary_csf_mad": 79.05751848784891,
  "summary_csf_mean": 187.2323529076316,
  "summary_csf_median": 176.957163721323,
  "summary_csf_n": 56274.0,
  "summary_csf_p05": 61.66912842541933,
  "summary_csf_p95": 352.36336732655764,
  "summary_csf_stdv": 89.4085816276318,
  "summary_gm_k": 0.028661365710166198,
  "summary_gm_mad": 67.77922983930537,
  "summary_gm_mean": 667.8249813544005,
  "summary_gm_median": 668.685375764966,
  "summary_gm_n": 27728.0,
  "summary_gm_p05": 552.0199401754886,
  "summary_gm_p95": 778.9992604028432,
  "summary_gm_stdv": 68.69071902058195,
  "summary_wm_k": 1.1380572673215674,
  "summary_wm_mad": 52.230521217041456,
  "summary_wm_mean": 1002.477298629223,
  "summary_wm_median": 999.9999986588955,
  "summary_wm_n": 174876.0,
  "summary_wm_p05": 913.7370741069317,
  "summary_wm_p95": 1099.4830118194222,
  "summary_wm_stdv": 57.11148475458198,
  "tpm_overlap_csf": 0.1552968837830607,
  "tpm_overlap_gm": 0.4483132359545241,
  "tpm_overlap_wm": 0.4778545459571574,
  "wm2max": 0.260204231303221
}