{
  "aor": 0.002085317073170732,
  "aqi": 0.006304985463414633,
  "bids_meta": {
    "AcquisitionDateTime": "2015-03-11T20:42:4.000000",
    "Authors": [
      "Arafat Angulo-Perkins and Luis Concha"
    ],
    "ConversionSoftware": "dcm2niix",
    "ConversionSoftwareVersion": "v1.0.20170411 GCC4.8.4",
    "EchoTime": 0.04,
    "FlipAngle": 90,
    "ImageType": [
      "ORIGINAL",
      "PRIMARY",
      "EPI",
      "NONE"
    ],
    "MagneticFieldStrength": 3,
    "Manufacturer": "GE",
    "ManufacturersModelName": "DISCOVERY_MR750",
    "ProtocolName": "fMRI_vocal",
    "RepetitionTime": 3,
    "ScanningSequence": "EP_GR",
    "SequenceVariant": "SS",
    "SeriesDescription": "fMRI_vocal",
    "SliceTiming": [
      0,
      1.5349,
      0.0697674,
      1.60467,
      0.139535,
      1.67444,
      0.209302,
      1.74421,
      0.279069,
      1.81398,
      0.348836,
      1.88375,
      0.418603,
      1.95352,
      0.48837,
      2.02329,
      0.558137,
      2.09306,
      0.627904,
      2.16283,
      0.697671,
      2.2326,
      0.767438,
      2.30237,
      0.837205,
      2.37214,
      0.906972,
      2.44191,
      0.976739,
      2.51168,
      1.04651,
      2.58145,
      1.11628,
      2.65122,
      1.18605,
      2.72099,
      1.25582,
      2.79076,
      1.32559,
      2.86053,
      1.39536,
      2.9303,
      1.46513
    ],
    "TaskName": "Vocal music block-design fMRI",
    "dataset": "ds003146",
    "modality": "bold",
    "subject_id": "434",
    "task_id": "vocal"
  },
  "dummy_trs": 0,
  "dvars_nstd": 26.48002946132351,
  "dvars_std": 1.1012281843627445,
  "dvars_vstd": 0.9967767664215691,
  "efc": 0.372672275197805,
  "fber": 24812.65625,
  "fd_mean": 0.09435209937673332,
  "fd_num": 16,
  "fd_perc": 7.804878048780488,
  "fwhm_avg": 2.7956561111111107,
  "fwhm_x": 2.99441,
  "fwhm_y": 3.095735,
  "fwhm_z": 2.296823333333333,
  "gcor": 0.0183625,
  "gsr_x": -0.011329730041325092,
  "gsr_y": 0.01112030353397131,
  "provenance": {
    "md5sum": "60f48292f71eb18fe03476e2ef274f1a",
    "settings": {
      "fd_thres": 0.2,
      "testing": false
    },
    "software": "mriqc",
    "version": "22.0.1",
    "webapi_port": null,
    "webapi_url": "https://mriqc.nimh.nih.gov/api/v1"
  },
  "size_t": 205,
  "size_x": 128,
  "size_y": 128,
  "size_z": 43,
  "snr": 3.4222905348090604,
  "spacing_tr": 3.0,
  "spacing_x": 2.0,
  "spacing_y": 2.0,
  "spacing_z": 3.0,
  "summary_bg_k": 238.3927084685632,
  "summary_bg_mad": 18.796503703486618,
  "summary_bg_mean": 55.397647857666016,
  "summary_bg_median": 15.624390602111816,
  "summary_bg_n": 532481.0,
  "summary_bg_p05": 1.2536585330963135,
  "summary_bg_p95": 233.35122680664062,
  "summary_bg_stdv": 179.14373779296875,
  "summary_fg_k": 1.005007811326828,
  "summary_fg_mad": 621.6081273658925,
  "summary_fg_mean": 2512.935546875,
  "summary_fg_median": 2421.239013671875,
  "summary_fg_n": 85225.0,
  "summary_fg_p05": 1518.7404541015626,
  "summary_fg_p95": 3822.4067871093753,
  "summary_fg_stdv": 707.4866333007812,
  "tsnr": 53.615025331266224
}