{
  "bids_meta": {
    "AcquisitionDateTime": "2014-11-25T18:52:53.000000",
    "ConversionSoftware": "dcm2niix",
    "ConversionSoftwareVersion": "v1.0.20170411 GCC4.8.4",
    "EchoTime": 0.003184,
    "FlipAngle": 12,
    "ImageType": [
      "ORIGINAL",
      "PRIMARY",
      "OTHER"
    ],
    "InversionTime": 0.45,
    "MagneticFieldStrength": 3,
    "Manufacturer": "GE",
    "ManufacturersModelName": "DISCOVERY_MR750",
    "ProcedureStepDescription": "Protocolo_Auditivo",
    "ProtocolName": "Sag_FSPGR_BRAVO",
    "RepetitionTime": 0.008164,
    "ScanningSequence": "GR",
    "SequenceVariant": "SS_SK",
    "SeriesDescription": "Sag_FSPGR_BRAVO",
    "dataset": "ds003146",
    "modality": "T1w",
    "subject_id": "414"
  },
  "cjv": 0.4467016546957509,
  "cnr": 3.040074056520765,
  "efc": 0.5175278512125467,
  "fber": 4595.021155562165,
  "fwhm_avg": 4.510622298739761,
  "fwhm_x": 4.316096896219283,
  "fwhm_y": 4.57412,
  "fwhm_z": 4.64165,
  "icvs_csf": 0.2159973475900369,
  "icvs_gm": 0.38572138888495433,
  "icvs_wm": 0.39828126352500876,
  "inu_med": 0.9124712646007538,
  "inu_range": 1.0183929622173307,
  "provenance": {
    "md5sum": "33e607d8c3263e4be77d1d2329f03541",
    "settings": {
      "testing": false
    },
    "software": "mriqc",
    "version": "22.0.1",
    "warnings": {
      "large_rot_frame": true,
      "small_air_mask": false
    },
    "webapi_port": null,
    "webapi_url": "https://mriqc.nimh.nih.gov/api/v1"
  },
  "qi_1": 0.0,
  "qi_2": 0.0005066807879243111,
  "rpve_csf": 23.66773918866778,
  "rpve_gm": 12.760480565200618,
  "rpve_wm": 14.813996644430574,
  "size_x": 164,
  "size_y": 256,
  "size_z": 256,
  "snr_csf": 1.8141518961366156,
  "snr_gm": 8.752043219024033,
  "snr_total": 8.317601170954573,
  "snr_wm": 14.386608397703068,
  "snrd_csf": 9.747414414272653,
  "snrd_gm": 35.750266933414,
  "snrd_total": 32.6830805310562,
  "snrd_wm": 52.55156024548196,
  "spacing_x": 1.0999984741210938,
  "spacing_y": 1.0,
  "spacing_z": 1.0,
  "summary_bg_k": 9.041527543350817,
  "summary_bg_mad": 12.467316154841667,
  "summary_bg_mean": 10.428573320846896,
  "summary_bg_median": 8.40907695889473,
  "summary_bg_n": 2749980.0,
  "summary_bg_p05": 0.0,
  "summary_bg_p95": 35.7385770753026,
  "summary_bg_stdv": 13.667558395415053,
  "summary_csf_k": 5.605738181671212,
  "summary_csf_mad": 88.82962760324688,
  "summary_csf_mean": 199.23428752814013,
  "summary_csf_median": 185.4943446815014,
  "summary_csf_n": 36836.0,
  "summary_csf_p05": 59.77555257361382,
  "summary_csf_p95": 390.06369114108384,
  "summary_csf_stdv": 102.2471311354587,
  "summary_gm_k": 0.00943906498106406,
  "summary_gm_mad": 77.8290545254454,
  "summary_gm_mean": 678.9999171776271,
  "summary_gm_median": 680.3314248435199,
  "summary_gm_n": 18072.0,
  "summary_gm_p05": 550.244240918383,
  "summary_gm_p95": 805.69159455169,
  "summary_gm_stdv": 77.73186040722857,
  "summary_wm_k": 0.9851509083212893,
  "summary_wm_mad": 64.99505260134369,
  "summary_wm_mean": 1007.1315623540995,
  "summary_wm_median": 1000.0618436262012,
  "summary_wm_n": 213537.0,
  "summary_wm_p05": 907.0055140443146,
  "summary_wm_p95": 1132.1956484876573,
  "summary_wm_stdv": 69.51322190181627,
  "tpm_overlap_csf": 0.16605229721741782,
  "tpm_overlap_gm": 0.4454342681896648,
  "tpm_overlap_wm": 0.4982474570550502,
  "wm2max": 0.39405483952587944
}