{
  "bids_meta": {
    "AcquisitionDateTime": "2014-09-17T20:06:42.000000",
    "ConversionSoftware": "dcm2niix",
    "ConversionSoftwareVersion": "v1.0.20170411 GCC4.8.4",
    "EchoTime": 0.003184,
    "FlipAngle": 12,
    "ImageType": [
      "ORIGINAL",
      "PRIMARY",
      "OTHER"
    ],
    "InversionTime": 0.45,
    "MagneticFieldStrength": 3,
    "Manufacturer": "GE",
    "ManufacturersModelName": "DISCOVERY_MR750",
    "ProtocolName": "Sag_FSPGR_BRAVO",
    "RepetitionTime": 0.008164,
    "ScanningSequence": "GR",
    "SequenceVariant": "SS_SK",
    "SeriesDescription": "Sag_FSPGR_BRAVO",
    "dataset": "ds003146",
    "modality": "T1w",
    "subject_id": "402"
  },
  "cjv": 0.4404635790673332,
  "cnr": 3.0742663123283482,
  "efc": 0.5098524996814598,
  "fber": 5826.168345942845,
  "fwhm_avg": 3.953720559119798,
  "fwhm_x": 3.830641677359394,
  "fwhm_y": 4.04209,
  "fwhm_z": 3.98843,
  "icvs_csf": 0.19686438659430877,
  "icvs_gm": 0.39071279372091655,
  "icvs_wm": 0.4124228196847747,
  "inu_med": 0.9269238114356995,
  "inu_range": 0.7911612540483475,
  "provenance": {
    "md5sum": "73326ac5634f0743e265e0b3801bf938",
    "settings": {
      "testing": false
    },
    "software": "mriqc",
    "version": "22.0.1",
    "warnings": {
      "large_rot_frame": true,
      "small_air_mask": false
    },
    "webapi_port": null,
    "webapi_url": "https://mriqc.nimh.nih.gov/api/v1"
  },
  "qi_1": 9.371150183939248e-05,
  "qi_2": 0.00043966549247152596,
  "rpve_csf": 26.367158475745676,
  "rpve_gm": 12.980763147634566,
  "rpve_wm": 14.450121139607633,
  "size_x": 164,
  "size_y": 256,
  "size_z": 256,
  "snr_csf": 2.3414244582203714,
  "snr_gm": 10.93957006980773,
  "snr_total": 9.341010671348233,
  "snr_wm": 14.7420374860166,
  "snrd_csf": 13.24763728938137,
  "snrd_gm": 36.86232096917397,
  "snrd_total": 34.03410445018511,
  "snrd_wm": 51.992355092000004,
  "spacing_x": 1.0999984741210938,
  "spacing_y": 1.0,
  "spacing_z": 1.0,
  "summary_bg_k": 26.015985954552132,
  "summary_bg_mad": 0.0,
  "summary_bg_mean": 8.393961944108575,
  "summary_bg_median": 0.0,
  "summary_bg_n": 3062042.0,
  "summary_bg_p05": 0.0,
  "summary_bg_p95": 30.814814269542694,
  "summary_bg_stdv": 12.601375916613916,
  "summary_csf_k": 7.175615854861599,
  "summary_csf_mad": 94.62296658225857,
  "summary_csf_mean": 264.08873842461395,
  "summary_csf_median": 254.81481030583382,
  "summary_csf_n": 36582.0,
  "summary_csf_p05": 104.94814629107714,
  "summary_csf_p95": 459.4933252025394,
  "summary_csf_stdv": 108.82748174853094,
  "summary_gm_k": 0.07873839784431791,
  "summary_gm_mad": 64.13627261378714,
  "summary_gm_mean": 709.4597875916066,
  "summary_gm_median": 709.0370244905353,
  "summary_gm_n": 16790.0,
  "summary_gm_p05": 602.0029523104429,
  "summary_gm_p95": 817.3362818334251,
  "summary_gm_stdv": 64.81204515268723,
  "summary_wm_k": 0.8784662237382377,
  "summary_wm_mad": 64.04841470609703,
  "summary_wm_mean": 1008.327740197159,
  "summary_wm_median": 1000.0592415630817,
  "summary_wm_n": 199745.0,
  "summary_wm_p05": 912.592576444149,
  "summary_wm_p95": 1131.4962762743235,
  "summary_wm_stdv": 67.83707741678715,
  "tpm_overlap_csf": 0.17259843969461375,
  "tpm_overlap_gm": 0.43684985410935245,
  "tpm_overlap_wm": 0.48806864157145746,
  "wm2max": 0.33745185497238755
}