{
  "bids_meta": {
    "AcquisitionDateTime": "2014-09-17T18:50:24.000000",
    "ConversionSoftware": "dcm2niix",
    "ConversionSoftwareVersion": "v1.0.20170411 GCC4.8.4",
    "EchoTime": 0.003184,
    "FlipAngle": 12,
    "ImageType": [
      "ORIGINAL",
      "PRIMARY",
      "OTHER"
    ],
    "InversionTime": 0.45,
    "MagneticFieldStrength": 3,
    "Manufacturer": "GE",
    "ManufacturersModelName": "DISCOVERY_MR750",
    "ProtocolName": "Sag_FSPGR_BRAVO",
    "RepetitionTime": 0.008164,
    "ScanningSequence": "GR",
    "SequenceVariant": "SS_SK",
    "SeriesDescription": "Sag_FSPGR_BRAVO",
    "dataset": "ds003146",
    "modality": "T1w",
    "subject_id": "401"
  },
  "cjv": 0.37116321099517835,
  "cnr": 3.548885361308823,
  "efc": 0.48566079025223396,
  "fber": 7572.7558614978525,
  "fwhm_avg": 4.181884135941185,
  "fwhm_x": 3.9897324078235537,
  "fwhm_y": 4.34457,
  "fwhm_z": 4.21135,
  "icvs_csf": 0.2124544665405249,
  "icvs_gm": 0.40837318449375015,
  "icvs_wm": 0.37917234896572494,
  "inu_med": 0.7389808893203735,
  "inu_range": 0.5354644626379014,
  "provenance": {
    "md5sum": "626c59bc50ba46c3edc245624307b67f",
    "settings": {
      "testing": false
    },
    "software": "mriqc",
    "version": "22.0.1",
    "warnings": {
      "large_rot_frame": true,
      "small_air_mask": false
    },
    "webapi_port": null,
    "webapi_url": "https://mriqc.nimh.nih.gov/api/v1"
  },
  "qi_1": 0.0,
  "qi_2": 0.00036113609033289646,
  "rpve_csf": 27.39827176263283,
  "rpve_gm": 14.321084586930382,
  "rpve_wm": 18.366623895312237,
  "size_x": 164,
  "size_y": 256,
  "size_z": 256,
  "snr_csf": 1.943033279119263,
  "snr_gm": 10.0777540885453,
  "snr_total": 11.732784604835187,
  "snr_wm": 23.177566446840995,
  "snrd_csf": 16.439910737196332,
  "snrd_gm": 47.916229040739616,
  "snrd_total": 44.074993302544186,
  "snrd_wm": 67.86884012969661,
  "spacing_x": 1.100006103515625,
  "spacing_y": 1.0,
  "spacing_z": 1.0,
  "summary_bg_k": 10.097295365796292,
  "summary_bg_mad": 0.0,
  "summary_bg_mean": 6.279915361361115,
  "summary_bg_median": 0.0,
  "summary_bg_n": 2679352.0,
  "summary_bg_p05": 0.0,
  "summary_bg_p95": 24.455416925251484,
  "summary_bg_stdv": 9.652977749926286,
  "summary_csf_k": 0.7622771474863366,
  "summary_csf_mad": 123.02627249775333,
  "summary_csf_mean": 255.16481525142484,
  "summary_csf_median": 242.2306142002344,
  "summary_csf_n": 25852.0,
  "summary_csf_p05": 69.16352057494227,
  "summary_csf_p95": 477.2582077383995,
  "summary_csf_stdv": 124.66380880285762,
  "summary_gm_k": 0.036439745487569564,
  "summary_gm_mad": 68.20917593155102,
  "summary_gm_mean": 704.2680111019763,
  "summary_gm_median": 706.0122026354074,
  "summary_gm_n": 23308.0,
  "summary_gm_p05": 586.8719173297286,
  "summary_gm_p95": 819.7298913378268,
  "summary_gm_stdv": 70.05499945658123,
  "summary_wm_k": 0.6692266675655718,
  "summary_wm_mad": 40.908281019553954,
  "summary_wm_mean": 1001.0622238162807,
  "summary_wm_median": 1000.0000056251884,
  "summary_wm_n": 191362.0,
  "summary_wm_p05": 932.384553603828,
  "summary_wm_p95": 1072.7853676378727,
  "summary_wm_stdv": 43.14505558926397,
  "tpm_overlap_csf": 0.13743067792207522,
  "tpm_overlap_gm": 0.4680726351947537,
  "tpm_overlap_wm": 0.5074003230706959,
  "wm2max": 0.34409287673375916
}