{
  "aor": 0.0005432682926829268,
  "aqi": 0.0065437384878048776,
  "bids_meta": {
    "AcquisitionDateTime": "2015-01-22T18:10:50.000000",
    "Authors": [
      "Arafat Angulo-Perkins and Luis Concha"
    ],
    "ConversionSoftware": "dcm2niix",
    "ConversionSoftwareVersion": "v1.0.20170411 GCC4.8.4",
    "EchoTime": 0.04,
    "FlipAngle": 90,
    "ImageType": [
      "ORIGINAL",
      "PRIMARY",
      "EPI",
      "NONE"
    ],
    "MagneticFieldStrength": 3,
    "Manufacturer": "GE",
    "ManufacturersModelName": "DISCOVERY_MR750",
    "ProcedureStepDescription": "Protocolo_Auditivo",
    "ProtocolName": "fMRI_vocal",
    "RepetitionTime": 3,
    "ScanningSequence": "EP_GR",
    "SequenceVariant": "SS",
    "SeriesDescription": "fMRI_vocal",
    "SliceTiming": [
      0,
      1.53844,
      0.0769231,
      1.61536,
      0.153846,
      1.69228,
      0.230769,
      1.7692,
      0.307692,
      1.84612,
      0.384615,
      1.92304,
      0.461538,
      1.99996,
      0.538461,
      2.07688,
      0.615384,
      2.1538,
      0.692307,
      2.23072,
      0.76923,
      2.30764,
      0.846153,
      2.38456,
      0.923076,
      2.46148,
      0.999999,
      2.5384,
      1.07692,
      2.61532,
      1.15384,
      2.69224,
      1.23076,
      2.76916,
      1.30768,
      2.84608,
      1.3846,
      2.923,
      1.46152
    ],
    "TaskName": "Vocal music block-design fMRI",
    "dataset": "ds003146",
    "modality": "bold",
    "subject_id": "423",
    "task_id": "vocal"
  },
  "dummy_trs": 0,
  "dvars_nstd": 23.80060160411764,
  "dvars_std": 1.0336416275490197,
  "dvars_vstd": 0.9731636748039213,
  "efc": 0.38152082000255133,
  "fber": 54223.73828125,
  "fd_mean": 0.07214116341436656,
  "fd_num": 4,
  "fd_perc": 1.951219512195122,
  "fwhm_avg": 2.9000114021273666,
  "fwhm_x": 3.063705,
  "fwhm_y": 3.199635,
  "fwhm_z": 2.4366942063820995,
  "gcor": 0.0861655,
  "gsr_x": -0.019322000443935394,
  "gsr_y": 0.008066934533417225,
  "provenance": {
    "md5sum": "a4fc76cf35301ce468c08bc387bcdf7b",
    "settings": {
      "fd_thres": 0.2,
      "testing": false
    },
    "software": "mriqc",
    "version": "22.0.1",
    "webapi_port": null,
    "webapi_url": "https://mriqc.nimh.nih.gov/api/v1"
  },
  "size_t": 205,
  "size_x": 128,
  "size_y": 128,
  "size_z": 39,
  "snr": 2.86718401380682,
  "spacing_tr": 3.0,
  "spacing_x": 2.0,
  "spacing_y": 2.0,
  "spacing_z": 2.9999701976776123,
  "summary_bg_k": 108.51736742761618,
  "summary_bg_mad": 12.67082439476193,
  "summary_bg_mean": 62.10982894897461,
  "summary_bg_median": 10.292682647705078,
  "summary_bg_n": 472319.0,
  "summary_bg_p05": 1.0487804412841797,
  "summary_bg_p95": 280.8731689453125,
  "summary_bg_stdv": 205.5957794189453,
  "summary_fg_k": 1.913641121470846,
  "summary_fg_mad": 678.7062299682547,
  "summary_fg_mean": 2530.527587890625,
  "summary_fg_median": 2383.9072265625,
  "summary_fg_n": 83103.0,
  "summary_fg_p05": 1466.8239501953126,
  "summary_fg_p95": 4133.068847656249,
  "summary_fg_stdv": 831.4404907226562,
  "tsnr": 48.40538054611534
}