{
  "bids_meta": {
    "AcquisitionDateTime": "2014-10-10T19:54:29.000000",
    "ConversionSoftware": "dcm2niix",
    "ConversionSoftwareVersion": "v1.0.20170411 GCC4.8.4",
    "EchoTime": 0.003184,
    "FlipAngle": 12,
    "ImageType": [
      "ORIGINAL",
      "PRIMARY",
      "OTHER"
    ],
    "InversionTime": 0.45,
    "MagneticFieldStrength": 3,
    "Manufacturer": "GE",
    "ManufacturersModelName": "DISCOVERY_MR750",
    "ProtocolName": "Sag_FSPGR_BRAVO",
    "RepetitionTime": 0.008164,
    "ScanningSequence": "GR",
    "SequenceVariant": "SS_SK",
    "SeriesDescription": "Sag_FSPGR_BRAVO",
    "dataset": "ds003146",
    "modality": "T1w",
    "subject_id": "408"
  },
  "cjv": 0.37078231806565626,
  "cnr": 3.712657838604797,
  "efc": 0.4716397481197495,
  "fber": -1.0,
  "fwhm_avg": 4.433056199608357,
  "fwhm_x": 4.232778598825071,
  "fwhm_y": 4.66962,
  "fwhm_z": 4.39677,
  "icvs_csf": 0.1754439269663582,
  "icvs_gm": 0.4152421981709971,
  "icvs_wm": 0.4093138748626447,
  "inu_med": 0.8100239634513855,
  "inu_range": 0.617091026902199,
  "provenance": {
    "md5sum": "3ee8f0e27548f92aa3b35c383eaeb4d8",
    "settings": {
      "testing": false
    },
    "software": "mriqc",
    "version": "22.0.1",
    "warnings": {
      "large_rot_frame": true,
      "small_air_mask": false
    },
    "webapi_port": null,
    "webapi_url": "https://mriqc.nimh.nih.gov/api/v1"
  },
  "qi_1": 0.0,
  "qi_2": 0.00038907904117931145,
  "rpve_csf": 32.391134384261534,
  "rpve_gm": 14.20685083050516,
  "rpve_wm": 16.836389523348007,
  "size_x": 164,
  "size_y": 256,
  "size_z": 256,
  "snr_csf": 2.106306768392131,
  "snr_gm": 11.636934212324903,
  "snr_total": 10.698270444267301,
  "snr_wm": 18.35157035208487,
  "snrd_csf": 16.191946090100576,
  "snrd_gm": 48.26667527847326,
  "snrd_total": 44.56044423185489,
  "snrd_wm": 69.22271132699082,
  "spacing_x": 1.0999984741210938,
  "spacing_y": 1.0,
  "spacing_z": 1.0,
  "summary_bg_k": 7.305560137876229,
  "summary_bg_mad": 0.0,
  "summary_bg_mean": 6.525899521520478,
  "summary_bg_median": 0.0,
  "summary_bg_n": 3048135.0,
  "summary_bg_p05": 0.0,
  "summary_bg_p95": 25.29057238250971,
  "summary_bg_stdv": 9.464182830715892,
  "summary_csf_k": 1.1329758551581284,
  "summary_csf_mad": 84.40557133497309,
  "summary_csf_mean": 253.1410996206268,
  "summary_csf_median": 233.9108896739781,
  "summary_csf_n": 22385.0,
  "summary_csf_p05": 99.66637907847762,
  "summary_csf_p95": 475.6134280309081,
  "summary_csf_stdv": 111.05014160414305,
  "summary_gm_k": 0.06709168495783491,
  "summary_gm_mad": 59.674260263289106,
  "summary_gm_mean": 696.5864938114063,
  "summary_gm_median": 697.26646155864,
  "summary_gm_n": 24890.0,
  "summary_gm_p05": 597.3417957834899,
  "summary_gm_p95": 793.5320657975972,
  "summary_gm_stdv": 59.9171948329501,
  "summary_wm_k": 0.4204249870517538,
  "summary_wm_mad": 52.57398063303145,
  "summary_wm_mean": 1002.9109766551701,
  "summary_wm_median": 999.9999939501286,
  "summary_wm_n": 188500.0,
  "summary_wm_p05": 918.6934942267835,
  "summary_wm_p95": 1096.3194079175591,
  "summary_wm_stdv": 54.49110469792172,
  "tpm_overlap_csf": 0.14333676454113176,
  "tpm_overlap_gm": 0.4436280687751666,
  "tpm_overlap_wm": 0.48765344292365714,
  "wm2max": 0.3799243585812123
}