{
  "bids_meta": {
    "AcquisitionDateTime": "2014-12-13T13:36:29.000000",
    "ConversionSoftware": "dcm2niix",
    "ConversionSoftwareVersion": "v1.0.20170411 GCC4.8.4",
    "EchoTime": 0.003184,
    "FlipAngle": 12,
    "ImageType": [
      "ORIGINAL",
      "PRIMARY",
      "OTHER"
    ],
    "InversionTime": 0.45,
    "MagneticFieldStrength": 3,
    "Manufacturer": "GE",
    "ManufacturersModelName": "DISCOVERY_MR750",
    "ProtocolName": "Sag_FSPGR_BRAVO",
    "RepetitionTime": 0.008164,
    "ScanningSequence": "GR",
    "SequenceVariant": "SS_SK",
    "SeriesDescription": "Sag_FSPGR_BRAVO",
    "dataset": "ds003146",
    "modality": "T1w",
    "subject_id": "419"
  },
  "cjv": 0.37880805481676144,
  "cnr": 3.5345641308754776,
  "efc": 0.4733500975769959,
  "fber": -1.0,
  "fwhm_avg": 3.947678058986861,
  "fwhm_x": 3.6665141769605833,
  "fwhm_y": 4.20283,
  "fwhm_z": 3.97369,
  "icvs_csf": 0.2028338255771116,
  "icvs_gm": 0.4331112512566266,
  "icvs_wm": 0.36405492316626187,
  "inu_med": 0.8787537515163422,
  "inu_range": 0.813546031713485,
  "provenance": {
    "md5sum": "d3d93e60c35bc5ada3224edd598115ef",
    "settings": {
      "testing": false
    },
    "software": "mriqc",
    "version": "22.0.1",
    "warnings": {
      "large_rot_frame": true,
      "small_air_mask": false
    },
    "webapi_port": null,
    "webapi_url": "https://mriqc.nimh.nih.gov/api/v1"
  },
  "qi_1": 0.0,
  "qi_2": 0.0005193635335273709,
  "rpve_csf": 25.978494335811543,
  "rpve_gm": 12.682215063079969,
  "rpve_wm": 17.392569299086446,
  "size_x": 164,
  "size_y": 256,
  "size_z": 256,
  "snr_csf": 2.086579333796236,
  "snr_gm": 9.264904811993409,
  "snr_total": 9.719337578263682,
  "snr_wm": 17.806528589001395,
  "snrd_csf": 11.423562620594993,
  "snrd_gm": 33.71384632262175,
  "snrd_total": 31.75936022371796,
  "snrd_wm": 50.14067172793713,
  "spacing_x": 1.0999984741210938,
  "spacing_y": 1.0,
  "spacing_z": 1.0,
  "summary_bg_k": 10.427546853642495,
  "summary_bg_mad": 0.0,
  "summary_bg_mean": 8.878498240509336,
  "summary_bg_median": 0.0,
  "summary_bg_n": 3449225.0,
  "summary_bg_p05": 0.0,
  "summary_bg_p95": 34.55992137640715,
  "summary_bg_stdv": 13.065968109709917,
  "summary_csf_k": 1.640332684633747,
  "summary_csf_mad": 91.78716122234577,
  "summary_csf_mean": 242.82179222833167,
  "summary_csf_median": 227.83027305454016,
  "summary_csf_n": 18436.0,
  "summary_csf_p05": 84.20354944467545,
  "summary_csf_p95": 445.8188418801874,
  "summary_csf_stdv": 109.18544544648482,
  "summary_gm_k": 0.04377167051891018,
  "summary_gm_mad": 72.0043861797786,
  "summary_gm_mean": 670.6391977438464,
  "summary_gm_median": 672.3852329179645,
  "summary_gm_n": 24165.0,
  "summary_gm_p05": 547.8369119480252,
  "summary_gm_p95": 787.6512728467583,
  "summary_gm_stdv": 72.57185411398507,
  "summary_wm_k": 1.1321020966646058,
  "summary_wm_mad": 52.09873675806507,
  "summary_wm_mean": 1003.2685465646797,
  "summary_wm_median": 1000.0000271648169,
  "summary_wm_n": 172767.0,
  "summary_wm_p05": 918.5314355269074,
  "summary_wm_p95": 1099.2044057920575,
  "summary_wm_stdv": 56.15901651414613,
  "tpm_overlap_csf": 0.16387201031062673,
  "tpm_overlap_gm": 0.4770002483068317,
  "tpm_overlap_wm": 0.509332561134974,
  "wm2max": 0.27554175091229444
}