{
  "bids_meta": {
    "AcquisitionDateTime": "2015-02-20T18:48:24.000000",
    "ConversionSoftware": "dcm2niix",
    "ConversionSoftwareVersion": "v1.0.20170411 GCC4.8.4",
    "EchoTime": 0.003184,
    "FlipAngle": 12,
    "ImageType": [
      "ORIGINAL",
      "PRIMARY",
      "OTHER"
    ],
    "InversionTime": 0.45,
    "MagneticFieldStrength": 3,
    "Manufacturer": "GE",
    "ManufacturersModelName": "DISCOVERY_MR750",
    "ProtocolName": "Sag_FSPGR_BRAVO",
    "RepetitionTime": 0.008164,
    "ScanningSequence": "GR",
    "SequenceVariant": "SS_SK",
    "SeriesDescription": "Sag_FSPGR_BRAVO",
    "dataset": "ds003146",
    "modality": "T1w",
    "subject_id": "430"
  },
  "cjv": 0.44111218691808196,
  "cnr": 3.093164719397639,
  "efc": 0.46344265612753444,
  "fber": -1.0,
  "fwhm_avg": 3.884430815722123,
  "fwhm_x": 3.7302324471663697,
  "fwhm_y": 4.01324,
  "fwhm_z": 3.90982,
  "icvs_csf": 0.2203096921490968,
  "icvs_gm": 0.3908070108293343,
  "icvs_wm": 0.38888329702156893,
  "inu_med": 0.9075778722763062,
  "inu_range": 0.6748055338859559,
  "provenance": {
    "md5sum": "4da2b410edfee9f058e813a2ab9eb847",
    "settings": {
      "testing": false
    },
    "software": "mriqc",
    "version": "22.0.1",
    "warnings": {
      "large_rot_frame": true,
      "small_air_mask": false
    },
    "webapi_port": null,
    "webapi_url": "https://mriqc.nimh.nih.gov/api/v1"
  },
  "qi_1": 0.0,
  "qi_2": 0.001274580300941907,
  "rpve_csf": 24.236732739112572,
  "rpve_gm": 13.165442789272298,
  "rpve_wm": 15.7295577999463,
  "size_x": 164,
  "size_y": 256,
  "size_z": 256,
  "snr_csf": 1.5323828298561228,
  "snr_gm": 9.223147120313557,
  "snr_total": 9.159489227527798,
  "snr_wm": 16.722937732413712,
  "snrd_csf": 11.998327847386804,
  "snrd_gm": 41.36453932597901,
  "snrd_total": 37.50341971061045,
  "snrd_wm": 59.14739195846553,
  "spacing_x": 1.0999984741210938,
  "spacing_y": 1.0,
  "spacing_z": 1.0,
  "summary_bg_k": 5.480909140359444,
  "summary_bg_mad": 0.0,
  "summary_bg_mean": 8.007910030126878,
  "summary_bg_median": 0.0,
  "summary_bg_n": 3490848.0,
  "summary_bg_p05": 0.0,
  "summary_bg_p95": 28.972358617931604,
  "summary_bg_stdv": 11.077006291754412,
  "summary_csf_k": 1.3939890732974014,
  "summary_csf_mad": 104.83046099522235,
  "summary_csf_mean": 230.70637264777812,
  "summary_csf_median": 202.86699541658163,
  "summary_csf_n": 29752.0,
  "summary_csf_p05": 60.45787276942284,
  "summary_csf_p95": 500.8165539801121,
  "summary_csf_stdv": 132.3844029933711,
  "summary_gm_k": -0.0706036321102852,
  "summary_gm_mad": 76.22403066376305,
  "summary_gm_mean": 697.4937014719878,
  "summary_gm_median": 699.3891079314053,
  "summary_gm_n": 22993.0,
  "summary_gm_p05": 569.3824532061815,
  "summary_gm_p95": 820.7463946349917,
  "summary_gm_stdv": 75.82811917701186,
  "summary_wm_k": 0.6027289906645277,
  "summary_wm_mad": 56.405782691184655,
  "summary_wm_mean": 1004.6588304750386,
  "summary_wm_median": 1000.0604955926538,
  "summary_wm_n": 195840.0,
  "summary_wm_p05": 915.1999128349125,
  "summary_wm_p95": 1110.8691824153066,
  "summary_wm_stdv": 59.80157065298263,
  "tpm_overlap_csf": 0.15590656102807177,
  "tpm_overlap_gm": 0.4512638266134878,
  "tpm_overlap_wm": 0.4998236948637555,
  "wm2max": 0.31547958172221696
}