{
  "aor": 0.005429268292682927,
  "aqi": 0.003899417268292683,
  "bids_meta": {
    "AcquisitionDateTime": "2015-02-02T18:46:18.000000",
    "Authors": [
      "Arafat Angulo-Perkins and Luis Concha"
    ],
    "ConversionSoftware": "dcm2niix",
    "ConversionSoftwareVersion": "v1.0.20170411 GCC4.8.4",
    "EchoTime": 0.04,
    "FlipAngle": 90,
    "ImageType": [
      "ORIGINAL",
      "PRIMARY",
      "EPI",
      "NONE"
    ],
    "MagneticFieldStrength": 3,
    "Manufacturer": "GE",
    "ManufacturersModelName": "DISCOVERY_MR750",
    "ProtocolName": "fMRI_vocal",
    "RepetitionTime": 3,
    "ScanningSequence": "EP_GR",
    "SequenceVariant": "SS",
    "SeriesDescription": "fMRI_vocal",
    "SliceTiming": [
      0,
      1.5349,
      0.0697674,
      1.60467,
      0.139535,
      1.67444,
      0.209302,
      1.74421,
      0.279069,
      1.81398,
      0.348836,
      1.88375,
      0.418603,
      1.95352,
      0.48837,
      2.02329,
      0.558137,
      2.09306,
      0.627904,
      2.16283,
      0.697671,
      2.2326,
      0.767438,
      2.30237,
      0.837205,
      2.37214,
      0.906972,
      2.44191,
      0.976739,
      2.51168,
      1.04651,
      2.58145,
      1.11628,
      2.65122,
      1.18605,
      2.72099,
      1.25582,
      2.79076,
      1.32559,
      2.86053,
      1.39536,
      2.9303,
      1.46513
    ],
    "TaskName": "Vocal music block-design fMRI",
    "dataset": "ds003146",
    "modality": "bold",
    "subject_id": "429",
    "task_id": "vocal"
  },
  "dummy_trs": 0,
  "dvars_nstd": 22.433896289117648,
  "dvars_std": 1.0510237303431365,
  "dvars_vstd": 1.0252705127450983,
  "efc": 0.3873561451268526,
  "fber": 35834.16796875,
  "fd_mean": 0.06134262927186607,
  "fd_num": 6,
  "fd_perc": 2.926829268292683,
  "fwhm_avg": 3.3286,
  "fwhm_x": 3.397365,
  "fwhm_y": 3.559095,
  "fwhm_z": 3.02934,
  "gcor": 0.014467,
  "gsr_x": -0.015474159270524979,
  "gsr_y": 0.018868690356612206,
  "provenance": {
    "md5sum": "e027f00642f73893759a7957b196ead3",
    "settings": {
      "fd_thres": 0.2,
      "testing": false
    },
    "software": "mriqc",
    "version": "22.0.1",
    "webapi_port": null,
    "webapi_url": "https://mriqc.nimh.nih.gov/api/v1"
  },
  "size_t": 205,
  "size_x": 128,
  "size_y": 128,
  "size_z": 43,
  "snr": 2.6087167263812785,
  "spacing_tr": 3.0,
  "spacing_x": 2.0,
  "spacing_y": 2.0,
  "spacing_z": 3.0,
  "summary_bg_k": 153.92263442066755,
  "summary_bg_mad": 16.52559002148453,
  "summary_bg_mean": 53.73536682128906,
  "summary_bg_median": 13.375609397888184,
  "summary_bg_n": 512817.0,
  "summary_bg_p05": 0.8536585569381714,
  "summary_bg_p95": 211.57170104980446,
  "summary_bg_stdv": 170.98680114746094,
  "summary_fg_k": 1.608149172383655,
  "summary_fg_mad": 760.416036146615,
  "summary_fg_mean": 2637.9345703125,
  "summary_fg_median": 2448.58544921875,
  "summary_fg_n": 102113.0,
  "summary_fg_p05": 1443.5511962890625,
  "summary_fg_p95": 4487.985351562499,
  "summary_fg_stdv": 938.6122436523438,
  "tsnr": 55.020114253275096
}