{
  "aor": 0.0009113170731707318,
  "aqi": 0.004060958926829268,
  "bids_meta": {
    "AcquisitionDateTime": "2015-01-22T19:32:1.000000",
    "Authors": [
      "Arafat Angulo-Perkins and Luis Concha"
    ],
    "ConversionSoftware": "dcm2niix",
    "ConversionSoftwareVersion": "v1.0.20170411 GCC4.8.4",
    "EchoTime": 0.04,
    "FlipAngle": 90,
    "ImageType": [
      "ORIGINAL",
      "PRIMARY",
      "EPI",
      "NONE"
    ],
    "MagneticFieldStrength": 3,
    "Manufacturer": "GE",
    "ManufacturersModelName": "DISCOVERY_MR750",
    "ProcedureStepDescription": "Protocolo_Auditivo",
    "ProtocolName": "fMRI_vocal",
    "RepetitionTime": 3,
    "ScanningSequence": "EP_GR",
    "SequenceVariant": "SS",
    "SeriesDescription": "fMRI_vocal",
    "SliceTiming": [
      0,
      1.5,
      0.075,
      1.575,
      0.15,
      1.65,
      0.225,
      1.725,
      0.3,
      1.8,
      0.375,
      1.875,
      0.45,
      1.95,
      0.525,
      2.025,
      0.6,
      2.1,
      0.675,
      2.175,
      0.75,
      2.25,
      0.825,
      2.325,
      0.9,
      2.4,
      0.975,
      2.475,
      1.05,
      2.55,
      1.125,
      2.625,
      1.2,
      2.7,
      1.275,
      2.775,
      1.35,
      2.85,
      1.425,
      2.925
    ],
    "TaskName": "Vocal music block-design fMRI",
    "dataset": "ds003146",
    "modality": "bold",
    "subject_id": "424",
    "task_id": "vocal"
  },
  "dummy_trs": 0,
  "dvars_nstd": 23.550299569754905,
  "dvars_std": 1.0500839756862752,
  "dvars_vstd": 0.9979070363725492,
  "efc": 0.43147475431606297,
  "fber": 34338.43359375,
  "fd_mean": 0.04186423571476624,
  "fd_num": 0,
  "fd_perc": 0.0,
  "fwhm_avg": 3.2111510538972072,
  "fwhm_x": 3.24106,
  "fwhm_y": 3.61204,
  "fwhm_z": 2.780353161691622,
  "gcor": 0.00942219,
  "gsr_x": -0.014629627577960491,
  "gsr_y": 0.03295328468084335,
  "provenance": {
    "md5sum": "fbd68acad0462cb780963917b2aee352",
    "settings": {
      "fd_thres": 0.2,
      "testing": false
    },
    "software": "mriqc",
    "version": "22.0.1",
    "webapi_port": null,
    "webapi_url": "https://mriqc.nimh.nih.gov/api/v1"
  },
  "size_t": 205,
  "size_x": 128,
  "size_y": 128,
  "size_z": 40,
  "snr": 2.665605790320652,
  "spacing_tr": 3.0,
  "spacing_x": 2.0,
  "spacing_y": 2.0,
  "spacing_z": 3.000093698501587,
  "summary_bg_k": 130.21390233796646,
  "summary_bg_mad": 16.612377647225358,
  "summary_bg_mean": 84.20001983642578,
  "summary_bg_median": 12.61463451385498,
  "summary_bg_n": 454635.0,
  "summary_bg_p05": 0.4682926833629608,
  "summary_bg_p95": 454.715118408203,
  "summary_bg_stdv": 263.2278137207031,
  "summary_fg_k": 0.8201047076224235,
  "summary_fg_mad": 807.2875858975517,
  "summary_fg_mean": 2516.00537109375,
  "summary_fg_median": 2375.634033203125,
  "summary_fg_n": 109827.0,
  "summary_fg_p05": 1339.4239501953125,
  "summary_fg_p95": 4174.80810546875,
  "summary_fg_stdv": 891.2132568359375,
  "tsnr": 55.55652285553515
}