{
  "bids_meta": {
    "AcquisitionDateTime": "2014-10-15T18:46:0.000000",
    "ConversionSoftware": "dcm2niix",
    "ConversionSoftwareVersion": "v1.0.20170411 GCC4.8.4",
    "EchoTime": 0.003184,
    "FlipAngle": 12,
    "ImageType": [
      "ORIGINAL",
      "PRIMARY",
      "OTHER"
    ],
    "InversionTime": 0.45,
    "MagneticFieldStrength": 3,
    "Manufacturer": "GE",
    "ManufacturersModelName": "DISCOVERY_MR750",
    "ProtocolName": "Sag_FSPGR_BRAVO",
    "RepetitionTime": 0.008164,
    "ScanningSequence": "GR",
    "SequenceVariant": "SS_SK",
    "SeriesDescription": "Sag_FSPGR_BRAVO",
    "dataset": "ds003146",
    "modality": "T1w",
    "subject_id": "409"
  },
  "cjv": 0.3803583476317622,
  "cnr": 3.5584031233279125,
  "efc": 0.4883497186864335,
  "fber": 10427.02023856634,
  "fwhm_avg": 4.454433207379664,
  "fwhm_x": 4.327939622138993,
  "fwhm_y": 4.60131,
  "fwhm_z": 4.43405,
  "icvs_csf": 0.19004420393135987,
  "icvs_gm": 0.43662023622819535,
  "icvs_wm": 0.3733355598404448,
  "inu_med": 0.8550900816917419,
  "inu_range": 0.9051485776901241,
  "provenance": {
    "md5sum": "e61a88c56c9c4e3d1f734aa417c73840",
    "settings": {
      "testing": false
    },
    "software": "mriqc",
    "version": "22.0.1",
    "warnings": {
      "large_rot_frame": true,
      "small_air_mask": false
    },
    "webapi_port": null,
    "webapi_url": "https://mriqc.nimh.nih.gov/api/v1"
  },
  "qi_1": 0.0,
  "qi_2": 0.0007103970797744403,
  "rpve_csf": 26.004390763315442,
  "rpve_gm": 12.052990649311619,
  "rpve_wm": 16.235316779322662,
  "size_x": 164,
  "size_y": 256,
  "size_z": 256,
  "snr_csf": 1.7893900067592614,
  "snr_gm": 9.827778789844832,
  "snr_total": 9.845592635234583,
  "snr_wm": 17.919609109099657,
  "snrd_csf": 14.457549273279227,
  "snrd_gm": 48.66777008469131,
  "snrd_total": 44.84351511563036,
  "snrd_wm": 71.40522598892052,
  "spacing_x": 1.100006103515625,
  "spacing_y": 1.0,
  "spacing_z": 1.0,
  "summary_bg_k": 10.523260440057085,
  "summary_bg_mad": 0.0,
  "summary_bg_mean": 6.623733650958101,
  "summary_bg_median": 0.0,
  "summary_bg_n": 2930473.0,
  "summary_bg_p05": 0.0,
  "summary_bg_p95": 24.567925974726677,
  "summary_bg_stdv": 9.174908265499962,
  "summary_csf_k": 6.001232868240651,
  "summary_csf_mad": 83.4261696129172,
  "summary_csf_mean": 217.29721743500608,
  "summary_csf_median": 202.47186437249184,
  "summary_csf_n": 21723.0,
  "summary_csf_p05": 60.088424265384674,
  "summary_csf_p95": 440.40896176248776,
  "summary_csf_stdv": 113.14872847351566,
  "summary_gm_k": -0.011016442576595953,
  "summary_gm_mad": 69.64595409649785,
  "summary_gm_mean": 678.907453624448,
  "summary_gm_median": 681.5715414583683,
  "summary_gm_n": 28649.0,
  "summary_gm_p05": 560.2893874645233,
  "summary_gm_p95": 788.2837598025799,
  "summary_gm_stdv": 69.35032429223372,
  "summary_wm_k": 1.0563234353337663,
  "summary_wm_mad": 51.47096714511231,
  "summary_wm_mean": 1003.1216620804357,
  "summary_wm_median": 999.999997138977,
  "summary_wm_n": 187518.0,
  "summary_wm_p05": 917.7552224546671,
  "summary_wm_p95": 1098.874594926834,
  "summary_wm_stdv": 55.80463974612792,
  "tpm_overlap_csf": 0.1659393383876864,
  "tpm_overlap_gm": 0.46431125646597293,
  "tpm_overlap_wm": 0.49342394442217385,
  "wm2max": 0.4591782591644174
}