{
  "bids_meta": {
    "AcquisitionDateTime": "2014-12-18T19:27:0.000000",
    "ConversionSoftware": "dcm2niix",
    "ConversionSoftwareVersion": "v1.0.20170411 GCC4.8.4",
    "EchoTime": 0.003184,
    "FlipAngle": 12,
    "ImageType": [
      "ORIGINAL",
      "PRIMARY",
      "OTHER"
    ],
    "InversionTime": 0.45,
    "MagneticFieldStrength": 3,
    "Manufacturer": "GE",
    "ManufacturersModelName": "DISCOVERY_MR750",
    "ProtocolName": "Sag_FSPGR_BRAVO",
    "RepetitionTime": 0.008164,
    "ScanningSequence": "GR",
    "SequenceVariant": "SS_SK",
    "SeriesDescription": "Sag_FSPGR_BRAVO",
    "dataset": "ds003146",
    "modality": "T1w",
    "subject_id": "421"
  },
  "cjv": 0.39116768310287475,
  "cnr": 3.4436615846049765,
  "efc": 0.4876288356177283,
  "fber": 6724.0,
  "fwhm_avg": 3.437606389881097,
  "fwhm_x": 3.3335591696432907,
  "fwhm_y": 3.52808,
  "fwhm_z": 3.45118,
  "icvs_csf": 0.19254179685137776,
  "icvs_gm": 0.41778189441432,
  "icvs_wm": 0.38967630873430226,
  "inu_med": 0.903766930103302,
  "inu_range": 0.6038278341293335,
  "provenance": {
    "md5sum": "4bfbc74771ef3aa923fb0fde47157448",
    "settings": {
      "testing": false
    },
    "software": "mriqc",
    "version": "22.0.1",
    "warnings": {
      "large_rot_frame": true,
      "small_air_mask": false
    },
    "webapi_port": null,
    "webapi_url": "https://mriqc.nimh.nih.gov/api/v1"
  },
  "qi_1": 0.0,
  "qi_2": 0.00041471985014736003,
  "rpve_csf": 24.049330195102375,
  "rpve_gm": 11.49129081158617,
  "rpve_wm": 14.483943722478788,
  "size_x": 164,
  "size_y": 256,
  "size_z": 256,
  "snr_csf": 1.6513770608502005,
  "snr_gm": 9.45470768925332,
  "snr_total": 9.351633635537256,
  "snr_wm": 16.94881615650825,
  "snrd_csf": 12.308512838608497,
  "snrd_gm": 46.16353250270379,
  "snrd_total": 42.17903386976977,
  "snrd_wm": 68.06505626799702,
  "spacing_x": 1.0999984741210938,
  "spacing_y": 1.0,
  "spacing_z": 1.0,
  "summary_bg_k": 13.375750147747016,
  "summary_bg_mad": 9.625684733458103,
  "summary_bg_mean": 7.661567717204507,
  "summary_bg_median": 6.492425691336393,
  "summary_bg_n": 3334846.0,
  "summary_bg_p05": 0.0,
  "summary_bg_p95": 26.358138490468264,
  "summary_bg_stdv": 10.206696238912452,
  "summary_csf_k": 2.445048313534568,
  "summary_csf_mad": 87.0425166495613,
  "summary_csf_mean": 201.82529394192383,
  "summary_csf_median": 180.84457545354962,
  "summary_csf_n": 28829.0,
  "summary_csf_p05": 62.98207828775048,
  "summary_csf_p95": 422.09645524546494,
  "summary_csf_stdv": 109.50947739867622,
  "summary_gm_k": 0.08344382250082738,
  "summary_gm_mad": 70.67062552171376,
  "summary_gm_mean": 677.2697434415645,
  "summary_gm_median": 678.2642668820918,
  "summary_gm_n": 27454.0,
  "summary_gm_p05": 556.9058481901884,
  "summary_gm_p95": 793.3161541225388,
  "summary_gm_stdv": 71.73695224868693,
  "summary_wm_k": 0.8031173136024194,
  "summary_wm_mad": 55.20371330043066,
  "summary_wm_mean": 1004.0588795545663,
  "summary_wm_median": 1000.0555197373033,
  "summary_wm_n": 215635.0,
  "summary_wm_p05": 914.7106418460608,
  "summary_wm_p95": 1106.4869084209204,
  "summary_wm_stdv": 59.00430989622955,
  "tpm_overlap_csf": 0.14928532119476232,
  "tpm_overlap_gm": 0.4373399805882872,
  "tpm_overlap_wm": 0.48311701217033026,
  "wm2max": 0.35058164416605064
}