{
  "aor": 0.008885658536585366,
  "aqi": 0.010763617512195123,
  "bids_meta": {
    "AcquisitionDateTime": "2014-09-17T18:30:40.000000",
    "Authors": [
      "Arafat Angulo-Perkins and Luis Concha"
    ],
    "ConversionSoftware": "dcm2niix",
    "ConversionSoftwareVersion": "v1.0.20170411 GCC4.8.4",
    "EchoTime": 0.04,
    "FlipAngle": 90,
    "ImageType": [
      "ORIGINAL",
      "PRIMARY",
      "EPI",
      "NONE"
    ],
    "MagneticFieldStrength": 3,
    "Manufacturer": "GE",
    "ManufacturersModelName": "DISCOVERY_MR750",
    "ProtocolName": "fMRI_vocal",
    "RepetitionTime": 3,
    "ScanningSequence": "EP_GR",
    "SequenceVariant": "SS",
    "SeriesDescription": "fMRI_vocal",
    "SliceTiming": [
      0,
      1.54283,
      0.0857143,
      1.62854,
      0.171429,
      1.71425,
      0.257143,
      1.79996,
      0.342857,
      1.88567,
      0.428571,
      1.97138,
      0.514285,
      2.05709,
      0.599999,
      2.1428,
      0.685713,
      2.22851,
      0.771427,
      2.31422,
      0.857141,
      2.39993,
      0.942855,
      2.48564,
      1.02857,
      2.57135,
      1.11428,
      2.65706,
      1.19999,
      2.74277,
      1.2857,
      2.82848,
      1.37141,
      2.91419,
      1.45712
    ],
    "TaskName": "Vocal music block-design fMRI",
    "dataset": "ds003146",
    "modality": "bold",
    "subject_id": "401",
    "task_id": "vocal"
  },
  "dummy_trs": 0,
  "dvars_nstd": 24.729726997254915,
  "dvars_std": 0.9968566281862749,
  "dvars_vstd": 0.9467351072549015,
  "efc": 0.3859637020455685,
  "fber": 28875.212890625,
  "fd_mean": 0.08112560006780409,
  "fd_num": 12,
  "fd_perc": 5.853658536585366,
  "fwhm_avg": 2.8963300000000003,
  "fwhm_x": 3.00998,
  "fwhm_y": 3.27103,
  "fwhm_z": 2.40798,
  "gcor": 0.0131443,
  "gsr_x": -0.02020880952477455,
  "gsr_y": 0.009473131038248539,
  "provenance": {
    "md5sum": "209dd94f4d26e64b8b40e7f6db4710e1",
    "settings": {
      "fd_thres": 0.2,
      "testing": false
    },
    "software": "mriqc",
    "version": "22.0.1",
    "webapi_port": null,
    "webapi_url": "https://mriqc.nimh.nih.gov/api/v1"
  },
  "size_t": 205,
  "size_x": 128,
  "size_y": 128,
  "size_z": 35,
  "snr": 3.3026362802330875,
  "spacing_tr": 3.0,
  "spacing_x": 2.0,
  "spacing_y": 2.0,
  "spacing_z": 3.0,
  "summary_bg_k": 76.62566163987353,
  "summary_bg_mad": 18.369802722548037,
  "summary_bg_mean": 57.852622985839844,
  "summary_bg_median": 14.219511985778809,
  "summary_bg_n": 420830.0,
  "summary_bg_p05": 0.6243902444839478,
  "summary_bg_p95": 256.19561767578114,
  "summary_bg_stdv": 164.16018676757812,
  "summary_fg_k": 0.9192848098187683,
  "summary_fg_mad": 630.044499572256,
  "summary_fg_mean": 2519.512451171875,
  "summary_fg_median": 2398.348876953125,
  "summary_fg_n": 74500.0,
  "summary_fg_p05": 1552.6090087890625,
  "summary_fg_p95": 3897.290270996094,
  "summary_fg_stdv": 726.1873779296875,
  "tsnr": 44.300897780572996
}