{
  "bids_meta": {
    "AcquisitionDateTime": "2015-01-19T18:58:46.000000",
    "ConversionSoftware": "dcm2niix",
    "ConversionSoftwareVersion": "v1.0.20170411 GCC4.8.4",
    "EchoTime": 0.003184,
    "FlipAngle": 12,
    "ImageType": [
      "ORIGINAL",
      "PRIMARY",
      "OTHER"
    ],
    "InversionTime": 0.45,
    "MagneticFieldStrength": 3,
    "Manufacturer": "GE",
    "ManufacturersModelName": "DISCOVERY_MR750",
    "ProtocolName": "Sag_FSPGR_BRAVO",
    "RepetitionTime": 0.008164,
    "ScanningSequence": "GR",
    "SequenceVariant": "SS_SK",
    "SeriesDescription": "Sag_FSPGR_BRAVO",
    "dataset": "ds003146",
    "modality": "T1w",
    "subject_id": "422"
  },
  "cjv": 0.3891986952707208,
  "cnr": 3.476015647719209,
  "efc": 0.5039013590024508,
  "fber": 6631.530644044322,
  "fwhm_avg": 3.833486189227742,
  "fwhm_x": 3.554968567683227,
  "fwhm_y": 4.03613,
  "fwhm_z": 3.90936,
  "icvs_csf": 0.19831619970619613,
  "icvs_gm": 0.43630240057744796,
  "icvs_wm": 0.3653813997163559,
  "inu_med": 0.8646428287029266,
  "inu_range": 0.8737951248884193,
  "provenance": {
    "md5sum": "efacd1d6bca87f56a1171244109366a4",
    "settings": {
      "testing": false
    },
    "software": "mriqc",
    "version": "22.0.1",
    "warnings": {
      "large_rot_frame": true,
      "small_air_mask": false
    },
    "webapi_port": null,
    "webapi_url": "https://mriqc.nimh.nih.gov/api/v1"
  },
  "qi_1": 0.0,
  "qi_2": 0.0008570701554550798,
  "rpve_csf": 26.60280267913409,
  "rpve_gm": 12.551575252594631,
  "rpve_wm": 16.88097092542814,
  "size_x": 164,
  "size_y": 256,
  "size_z": 256,
  "snr_csf": 1.8101398945321128,
  "snr_gm": 9.153420185893449,
  "snr_total": 9.343616447749278,
  "snr_wm": 17.06728926282227,
  "snrd_csf": 12.427047880683736,
  "snrd_gm": 43.91662942386777,
  "snrd_total": 40.5856059027557,
  "snrd_wm": 65.41314040371562,
  "spacing_x": 1.0999984741210938,
  "spacing_y": 1.0,
  "spacing_z": 1.0,
  "summary_bg_k": 13.94538602944968,
  "summary_bg_mad": 10.015363979002169,
  "summary_bg_mean": 8.400165859843867,
  "summary_bg_median": 6.755260348320007,
  "summary_bg_n": 3192457.0,
  "summary_bg_p05": 0.0,
  "summary_bg_p95": 29.069767892360687,
  "summary_bg_stdv": 11.204272657733567,
  "summary_csf_k": 4.3449598413050765,
  "summary_csf_mad": 77.33174482147575,
  "summary_csf_mean": 206.20101572812334,
  "summary_csf_median": 189.9778545498848,
  "summary_csf_n": 25634.0,
  "summary_csf_p05": 68.77076518535614,
  "summary_csf_p95": 417.5913685977457,
  "summary_csf_stdv": 104.94998176887091,
  "summary_gm_k": -0.06883632438161458,
  "summary_gm_mad": 73.80173948461434,
  "summary_gm_mean": 671.253723052798,
  "summary_gm_median": 671.3732108473778,
  "summary_gm_n": 28813.0,
  "summary_gm_p05": 550.3765312314034,
  "summary_gm_p95": 791.7165128231047,
  "summary_gm_stdv": 73.34543226311703,
  "summary_wm_k": 1.1318891104545319,
  "summary_wm_mad": 54.09938411608548,
  "summary_wm_mean": 1002.9881316213695,
  "summary_wm_median": 1000.0000154972076,
  "summary_wm_n": 166447.0,
  "summary_wm_p05": 912.9568247795105,
  "summary_wm_p95": 1103.2669052481651,
  "summary_wm_stdv": 58.59143746463168,
  "tpm_overlap_csf": 0.1671794891238278,
  "tpm_overlap_gm": 0.4683738858529696,
  "tpm_overlap_wm": 0.4859491550959518,
  "wm2max": 0.3911542099807294
}