{
  "aor": 0.00044009756097560985,
  "aqi": 0.003321802048780488,
  "bids_meta": {
    "AcquisitionDateTime": "2014-12-08T18:32:25.000000",
    "Authors": [
      "Arafat Angulo-Perkins and Luis Concha"
    ],
    "ConversionSoftware": "dcm2niix",
    "ConversionSoftwareVersion": "v1.0.20170411 GCC4.8.4",
    "EchoTime": 0.04,
    "FlipAngle": 90,
    "ImageType": [
      "ORIGINAL",
      "PRIMARY",
      "EPI",
      "NONE"
    ],
    "MagneticFieldStrength": 3,
    "Manufacturer": "GE",
    "ManufacturersModelName": "DISCOVERY_MR750",
    "ProtocolName": "fMRI_vocal",
    "RepetitionTime": 3,
    "ScanningSequence": "EP_GR",
    "SequenceVariant": "SS",
    "SeriesDescription": "fMRI_vocal",
    "SliceTiming": [
      0,
      1.5349,
      0.0697674,
      1.60467,
      0.139535,
      1.67444,
      0.209302,
      1.74421,
      0.279069,
      1.81398,
      0.348836,
      1.88375,
      0.418603,
      1.95352,
      0.48837,
      2.02329,
      0.558137,
      2.09306,
      0.627904,
      2.16283,
      0.697671,
      2.2326,
      0.767438,
      2.30237,
      0.837205,
      2.37214,
      0.906972,
      2.44191,
      0.976739,
      2.51168,
      1.04651,
      2.58145,
      1.11628,
      2.65122,
      1.18605,
      2.72099,
      1.25582,
      2.79076,
      1.32559,
      2.86053,
      1.39536,
      2.9303,
      1.46513
    ],
    "TaskName": "Vocal music block-design fMRI",
    "dataset": "ds003146",
    "modality": "bold",
    "subject_id": "415",
    "task_id": "vocal"
  },
  "dummy_trs": 0,
  "dvars_nstd": 23.818740330490183,
  "dvars_std": 1.1140779081862746,
  "dvars_vstd": 0.9936054877450977,
  "efc": 0.3626619890643121,
  "fber": 48599.32421875,
  "fd_mean": 0.03048730641526275,
  "fd_num": 2,
  "fd_perc": 0.975609756097561,
  "fwhm_avg": 3.0825844444444446,
  "fwhm_x": 3.165505,
  "fwhm_y": 3.391465,
  "fwhm_z": 2.6907833333333335,
  "gcor": 0.0144061,
  "gsr_x": -0.014407637529075146,
  "gsr_y": 0.011106792837381363,
  "provenance": {
    "md5sum": "e3d6ce313aea88ee660a73860c748b19",
    "settings": {
      "fd_thres": 0.2,
      "testing": false
    },
    "software": "mriqc",
    "version": "22.0.1",
    "webapi_port": null,
    "webapi_url": "https://mriqc.nimh.nih.gov/api/v1"
  },
  "size_t": 205,
  "size_x": 128,
  "size_y": 128,
  "size_z": 43,
  "snr": 2.991439968284416,
  "spacing_tr": 3.0,
  "spacing_x": 2.0,
  "spacing_y": 2.0,
  "spacing_z": 3.0,
  "summary_bg_k": 112.92349611206762,
  "summary_bg_mad": 13.827977656163299,
  "summary_bg_mean": 52.692935943603516,
  "summary_bg_median": 11.95121955871582,
  "summary_bg_n": 533420.0,
  "summary_bg_p05": 1.6146341562271118,
  "summary_bg_p95": 231.71218872070312,
  "summary_bg_stdv": 160.04782104492188,
  "summary_fg_k": 1.2917898410769553,
  "summary_fg_mad": 710.7959170728701,
  "summary_fg_mean": 2775.02978515625,
  "summary_fg_median": 2603.0927734375,
  "summary_fg_n": 84297.0,
  "summary_fg_p05": 1703.4604736328124,
  "summary_fg_p95": 4504.839843749999,
  "summary_fg_stdv": 870.1753540039062,
  "tsnr": 63.725580328609794
}