{
  "bids_meta": {
    "AcquisitionDateTime": "2014-11-20T18:55:2.000000",
    "ConversionSoftware": "dcm2niix",
    "ConversionSoftwareVersion": "v1.0.20170411 GCC4.8.4",
    "EchoTime": 0.003184,
    "FlipAngle": 12,
    "ImageType": [
      "ORIGINAL",
      "PRIMARY",
      "OTHER"
    ],
    "InversionTime": 0.45,
    "MagneticFieldStrength": 3,
    "Manufacturer": "GE",
    "ManufacturersModelName": "DISCOVERY_MR750",
    "ProcedureStepDescription": "Protocolo_Auditivo",
    "ProtocolName": "Sag_FSPGR_BRAVO",
    "RepetitionTime": 0.008164,
    "ScanningSequence": "GR",
    "SequenceVariant": "SS_SK",
    "SeriesDescription": "Sag_FSPGR_BRAVO",
    "dataset": "ds003146",
    "modality": "T1w",
    "subject_id": "413"
  },
  "cjv": 0.37186338187869916,
  "cnr": 3.6304459811838417,
  "efc": 0.5010850822605277,
  "fber": 6877.686466942149,
  "fwhm_avg": 4.092120878791873,
  "fwhm_x": 3.8666326363756163,
  "fwhm_y": 4.34325,
  "fwhm_z": 4.06648,
  "icvs_csf": 0.19203720962875212,
  "icvs_gm": 0.42238166928835535,
  "icvs_wm": 0.3855811210828925,
  "inu_med": 0.8435497879981995,
  "inu_range": 0.8024064898490906,
  "provenance": {
    "md5sum": "20b907e98158783a90b88858f3f54e78",
    "settings": {
      "testing": false
    },
    "software": "mriqc",
    "version": "22.0.1",
    "warnings": {
      "large_rot_frame": true,
      "small_air_mask": false
    },
    "webapi_port": null,
    "webapi_url": "https://mriqc.nimh.nih.gov/api/v1"
  },
  "qi_1": 0.0,
  "qi_2": 0.000699987423775003,
  "rpve_csf": 27.660684626606173,
  "rpve_gm": 13.195902027195299,
  "rpve_wm": 17.150894688450386,
  "size_x": 164,
  "size_y": 256,
  "size_z": 256,
  "snr_csf": 1.6505947963774588,
  "snr_gm": 9.207243015223035,
  "snr_total": 9.378171203224243,
  "snr_wm": 17.276675798072233,
  "snrd_csf": 12.718030406274474,
  "snrd_gm": 40.363505152725224,
  "snrd_total": 38.004846039182375,
  "snrd_wm": 60.93300255854742,
  "spacing_x": 1.0999984741210938,
  "spacing_y": 1.0,
  "spacing_z": 1.0,
  "summary_bg_k": 13.2019406661569,
  "summary_bg_mad": 10.752265997582652,
  "summary_bg_mean": 8.683228853922078,
  "summary_bg_median": 7.252293206751347,
  "summary_bg_n": 2770908.0,
  "summary_bg_p05": 0.0,
  "summary_bg_p95": 28.33677478134632,
  "summary_bg_stdv": 10.953042780642187,
  "summary_csf_k": 2.229973094760636,
  "summary_csf_mad": 113.07681062358445,
  "summary_csf_mean": 230.5817106168769,
  "summary_csf_median": 208.73156474530697,
  "summary_csf_n": 14457.0,
  "summary_csf_p05": 59.78579194545746,
  "summary_csf_p95": 460.85201480835667,
  "summary_csf_stdv": 126.45401889680913,
  "summary_gm_k": -0.03944921925318612,
  "summary_gm_mad": 73.12965019547937,
  "summary_gm_mean": 660.6145337726937,
  "summary_gm_median": 662.4561602696776,
  "summary_gm_n": 17483.0,
  "summary_gm_p05": 539.171978598088,
  "summary_gm_p95": 774.5929429128764,
  "summary_gm_stdv": 71.94740197257897,
  "summary_wm_k": 1.047743551384074,
  "summary_wm_mad": 52.408395855767104,
  "summary_wm_mean": 1001.3492397375226,
  "summary_wm_median": 1000.0480076223612,
  "summary_wm_n": 182810.0,
  "summary_wm_p05": 910.042726367712,
  "summary_wm_p95": 1096.8733261972666,
  "summary_wm_stdv": 57.884125632476426,
  "tpm_overlap_csf": 0.14374076856570875,
  "tpm_overlap_gm": 0.43600796174914636,
  "tpm_overlap_wm": 0.47297852106554816,
  "wm2max": 0.4105283911671924
}