{
  "aor": 0.00821009756097561,
  "aqi": 0.0066362584390243905,
  "bids_meta": {
    "AcquisitionDateTime": "2015-02-20T18:23:29.000000",
    "Authors": [
      "Arafat Angulo-Perkins and Luis Concha"
    ],
    "ConversionSoftware": "dcm2niix",
    "ConversionSoftwareVersion": "v1.0.20170411 GCC4.8.4",
    "EchoTime": 0.04,
    "FlipAngle": 90,
    "ImageType": [
      "ORIGINAL",
      "PRIMARY",
      "EPI",
      "NONE"
    ],
    "MagneticFieldStrength": 3,
    "Manufacturer": "GE",
    "ManufacturersModelName": "DISCOVERY_MR750",
    "ProtocolName": "fMRI_vocal",
    "RepetitionTime": 3,
    "ScanningSequence": "EP_GR",
    "SequenceVariant": "SS",
    "SeriesDescription": "fMRI_vocal",
    "SliceTiming": [
      0,
      1.5349,
      0.0697674,
      1.60467,
      0.139535,
      1.67444,
      0.209302,
      1.74421,
      0.279069,
      1.81398,
      0.348836,
      1.88375,
      0.418603,
      1.95352,
      0.48837,
      2.02329,
      0.558137,
      2.09306,
      0.627904,
      2.16283,
      0.697671,
      2.2326,
      0.767438,
      2.30237,
      0.837205,
      2.37214,
      0.906972,
      2.44191,
      0.976739,
      2.51168,
      1.04651,
      2.58145,
      1.11628,
      2.65122,
      1.18605,
      2.72099,
      1.25582,
      2.79076,
      1.32559,
      2.86053,
      1.39536,
      2.9303,
      1.46513
    ],
    "TaskName": "Vocal music block-design fMRI",
    "dataset": "ds003146",
    "modality": "bold",
    "subject_id": "430",
    "task_id": "vocal"
  },
  "dummy_trs": 0,
  "dvars_nstd": 29.050140399362746,
  "dvars_std": 1.1128404979901958,
  "dvars_vstd": 1.0322240558823532,
  "efc": 0.38701942313067456,
  "fber": 37768.45703125,
  "fd_mean": 0.1289061984690871,
  "fd_num": 14,
  "fd_perc": 6.829268292682927,
  "fwhm_avg": 2.7538838888888892,
  "fwhm_x": 2.893695,
  "fwhm_y": 3.02675,
  "fwhm_z": 2.341206666666667,
  "gcor": 0.0567246,
  "gsr_x": -0.014014873653650284,
  "gsr_y": 0.009821916930377483,
  "provenance": {
    "md5sum": "82879c36350c4a24a859a47fca658662",
    "settings": {
      "fd_thres": 0.2,
      "testing": false
    },
    "software": "mriqc",
    "version": "22.0.1",
    "webapi_port": null,
    "webapi_url": "https://mriqc.nimh.nih.gov/api/v1"
  },
  "size_t": 205,
  "size_x": 128,
  "size_y": 128,
  "size_z": 43,
  "snr": 3.52984833855961,
  "spacing_tr": 3.0,
  "spacing_x": 2.0,
  "spacing_y": 2.0,
  "spacing_z": 3.0,
  "summary_bg_k": 223.02505426092165,
  "summary_bg_mad": 14.732002890488301,
  "summary_bg_mean": 47.53226852416992,
  "summary_bg_median": 12.424389839172363,
  "summary_bg_n": 517649.0,
  "summary_bg_p05": 1.414634108543396,
  "summary_bg_p95": 199.55609130859375,
  "summary_bg_stdv": 149.0163116455078,
  "summary_fg_k": 0.7216618599705464,
  "summary_fg_mad": 605.4587668725219,
  "summary_fg_mean": 2471.04248046875,
  "summary_fg_median": 2404.421875,
  "summary_fg_n": 97124.0,
  "summary_fg_p05": 1467.3951416015625,
  "summary_fg_p95": 3688.753417968749,
  "summary_fg_stdv": 681.1651000976562,
  "tsnr": 47.17454846575856
}