{
  "aor": 0.00036936585365853657,
  "aqi": 0.003863892195121952,
  "bids_meta": {
    "AcquisitionDateTime": "2014-10-25T14:48:20.000000",
    "Authors": [
      "Arafat Angulo-Perkins and Luis Concha"
    ],
    "ConversionSoftware": "dcm2niix",
    "ConversionSoftwareVersion": "v1.0.20170411 GCC4.8.4",
    "EchoTime": 0.04,
    "FlipAngle": 90,
    "ImageType": [
      "ORIGINAL",
      "PRIMARY",
      "EPI",
      "NONE"
    ],
    "MagneticFieldStrength": 3,
    "Manufacturer": "GE",
    "ManufacturersModelName": "DISCOVERY_MR750",
    "ProtocolName": "fMRI_vocal",
    "RepetitionTime": 3,
    "ScanningSequence": "EP_GR",
    "SequenceVariant": "SS",
    "SeriesDescription": "fMRI_vocal",
    "SliceTiming": [
      0,
      1.5349,
      0.0697674,
      1.60467,
      0.139535,
      1.67444,
      0.209302,
      1.74421,
      0.279069,
      1.81398,
      0.348836,
      1.88375,
      0.418603,
      1.95352,
      0.48837,
      2.02329,
      0.558137,
      2.09306,
      0.627904,
      2.16283,
      0.697671,
      2.2326,
      0.767438,
      2.30237,
      0.837205,
      2.37214,
      0.906972,
      2.44191,
      0.976739,
      2.51168,
      1.04651,
      2.58145,
      1.11628,
      2.65122,
      1.18605,
      2.72099,
      1.25582,
      2.79076,
      1.32559,
      2.86053,
      1.39536,
      2.9303,
      1.46513
    ],
    "TaskName": "Vocal music block-design fMRI",
    "dataset": "ds003146",
    "modality": "bold",
    "subject_id": "410",
    "task_id": "vocal"
  },
  "dummy_trs": 0,
  "dvars_nstd": 24.917658235539225,
  "dvars_std": 1.0749890605882355,
  "dvars_vstd": 0.9822752658823535,
  "efc": 0.39108631113557885,
  "fber": 30182.7421875,
  "fd_mean": 0.05082735438604785,
  "fd_num": 3,
  "fd_perc": 1.4634146341463414,
  "fwhm_avg": 3.121248888888889,
  "fwhm_x": 3.27574,
  "fwhm_y": 3.43216,
  "fwhm_z": 2.6558466666666667,
  "gcor": 0.0234654,
  "gsr_x": -0.007926525548100471,
  "gsr_y": 0.015043918043375015,
  "provenance": {
    "md5sum": "e23f07c8035963c3e9cb3971b131cf4a",
    "settings": {
      "fd_thres": 0.2,
      "testing": false
    },
    "software": "mriqc",
    "version": "22.0.1",
    "webapi_port": null,
    "webapi_url": "https://mriqc.nimh.nih.gov/api/v1"
  },
  "size_t": 205,
  "size_x": 128,
  "size_y": 128,
  "size_z": 43,
  "snr": 2.912696045763281,
  "spacing_tr": 3.0,
  "spacing_x": 2.0,
  "spacing_y": 2.0,
  "spacing_z": 3.0,
  "summary_bg_k": 107.56498733713553,
  "summary_bg_mad": 18.499983189089516,
  "summary_bg_mean": 69.295654296875,
  "summary_bg_median": 14.717073440551758,
  "summary_bg_n": 519956.0,
  "summary_bg_p05": 1.2195122241973877,
  "summary_bg_p95": 303.92681884765625,
  "summary_bg_stdv": 217.7720184326172,
  "summary_fg_k": 1.9659317377299876,
  "summary_fg_mad": 723.5677967798941,
  "summary_fg_mean": 2698.707763671875,
  "summary_fg_median": 2519.770751953125,
  "summary_fg_n": 96041.0,
  "summary_fg_p05": 1631.8194580078125,
  "summary_fg_p95": 4343.28759765625,
  "summary_fg_stdv": 865.0946044921875,
  "tsnr": 58.82919497333933
}