{
  "bids_meta": {
    "AcquisitionDateTime": "2015-02-24T20:13:45.000000",
    "ConversionSoftware": "dcm2niix",
    "ConversionSoftwareVersion": "v1.0.20170411 GCC4.8.4",
    "EchoTime": 0.003184,
    "FlipAngle": 12,
    "ImageType": [
      "ORIGINAL",
      "PRIMARY",
      "OTHER"
    ],
    "InversionTime": 0.45,
    "MagneticFieldStrength": 3,
    "Manufacturer": "GE",
    "ManufacturersModelName": "DISCOVERY_MR750",
    "ProcedureStepDescription": "Protocolo_Auditivo",
    "ProtocolName": "Sag_FSPGR_BRAVO",
    "RepetitionTime": 0.008176,
    "ScanningSequence": "GR",
    "SequenceVariant": "SS_SK",
    "SeriesDescription": "Sag_FSPGR_BRAVO",
    "dataset": "ds003146",
    "modality": "T1w",
    "subject_id": "432"
  },
  "cjv": 0.39712559424257193,
  "cnr": 3.3832598923844457,
  "efc": 0.5012970895206462,
  "fber": 5454.555387215198,
  "fwhm_avg": 3.880843050871484,
  "fwhm_x": 3.6515189155453083,
  "fwhm_y": 4.01365,
  "fwhm_z": 3.977360237069144,
  "icvs_csf": 0.20815063807783765,
  "icvs_gm": 0.4197315378822247,
  "icvs_wm": 0.3721178240399376,
  "inu_med": 0.840453028678894,
  "inu_range": 0.6921484321355815,
  "provenance": {
    "md5sum": "fa6c1aa3af129e7127f100b3d46530a4",
    "settings": {
      "testing": false
    },
    "software": "mriqc",
    "version": "22.0.1",
    "warnings": {
      "large_rot_frame": true,
      "small_air_mask": false
    },
    "webapi_port": null,
    "webapi_url": "https://mriqc.nimh.nih.gov/api/v1"
  },
  "qi_1": 0.0,
  "qi_2": 0.00024460567720270077,
  "rpve_csf": 26.709719367213328,
  "rpve_gm": 13.45808232740566,
  "rpve_wm": 17.53423741182194,
  "size_x": 164,
  "size_y": 256,
  "size_z": 256,
  "snr_csf": 1.8337728966791775,
  "snr_gm": 9.472625082430438,
  "snr_total": 9.715283405214775,
  "snr_wm": 17.839452236534704,
  "snrd_csf": 12.111017462421493,
  "snrd_gm": 39.53011473119347,
  "snrd_total": 36.38289196529914,
  "snrd_wm": 57.50754370228245,
  "spacing_x": 1.0999943017959595,
  "spacing_y": 1.0,
  "spacing_z": 0.9999999403953552,
  "summary_bg_k": 9.079826373456456,
  "summary_bg_mad": 0.0,
  "summary_bg_mean": 7.701038344794963,
  "summary_bg_median": 0.0,
  "summary_bg_n": 2696750.0,
  "summary_bg_p05": 0.0,
  "summary_bg_p95": 30.970405340194702,
  "summary_bg_stdv": 11.39218166299318,
  "summary_csf_k": 1.6882547730845436,
  "summary_csf_mad": 101.24369125232995,
  "summary_csf_mean": 223.73041493166667,
  "summary_csf_median": 210.59875631332397,
  "summary_csf_n": 20653.0,
  "summary_csf_p05": 69.58782434463501,
  "summary_csf_p95": 441.00327801704407,
  "summary_csf_stdv": 114.841733199451,
  "summary_gm_k": 0.06876520574102507,
  "summary_gm_mad": 71.42612036838507,
  "summary_gm_mean": 686.1128596895642,
  "summary_gm_median": 687.3900582790375,
  "summary_gm_n": 23568.0,
  "summary_gm_p05": 563.2790265083313,
  "summary_gm_p95": 806.2743562102316,
  "summary_gm_stdv": 72.56441261217542,
  "summary_wm_k": 0.7548638858227203,
  "summary_wm_mad": 52.71927931952232,
  "summary_wm_mean": 1004.151913195934,
  "summary_wm_median": 999.9999768733978,
  "summary_wm_n": 170806.0,
  "summary_wm_p05": 920.2416243553162,
  "summary_wm_p95": 1103.0052509307861,
  "summary_wm_stdv": 56.055367413332284,
  "tpm_overlap_csf": 0.15653132264190456,
  "tpm_overlap_gm": 0.4527015830550945,
  "tpm_overlap_wm": 0.49311197394225376,
  "wm2max": 0.2796615242265045
}