{
  "bids_meta": {
    "AcquisitionDateTime": "2014-11-14T19:02:29.000000",
    "ConversionSoftware": "dcm2niix",
    "ConversionSoftwareVersion": "v1.0.20170411 GCC4.8.4",
    "EchoTime": 0.003184,
    "FlipAngle": 12,
    "ImageType": [
      "ORIGINAL",
      "PRIMARY",
      "OTHER"
    ],
    "InversionTime": 0.45,
    "MagneticFieldStrength": 3,
    "Manufacturer": "GE",
    "ManufacturersModelName": "DISCOVERY_MR750",
    "ProcedureStepDescription": "Auditivo_musica",
    "ProtocolName": "Sag_FSPGR_BRAVO",
    "RepetitionTime": 0.008164,
    "ScanningSequence": "GR",
    "SequenceVariant": "SS_SK",
    "SeriesDescription": "Sag_FSPGR_BRAVO",
    "dataset": "ds003146",
    "modality": "T1w",
    "subject_id": "412"
  },
  "cjv": 0.401874412236762,
  "cnr": 3.313679294318143,
  "efc": 0.5162460382638061,
  "fber": 7090.095142439736,
  "fwhm_avg": 4.049126388588339,
  "fwhm_x": 3.918669165765016,
  "fwhm_y": 4.14147,
  "fwhm_z": 4.08724,
  "icvs_csf": 0.1952677967972933,
  "icvs_gm": 0.41190032671291144,
  "icvs_wm": 0.39283187648979523,
  "inu_med": 0.842025876045227,
  "inu_range": 0.6898640632629394,
  "provenance": {
    "md5sum": "f646d8c9c1c81601865f4518e850ee2f",
    "settings": {
      "testing": false
    },
    "software": "mriqc",
    "version": "22.0.1",
    "warnings": {
      "large_rot_frame": true,
      "small_air_mask": false
    },
    "webapi_port": null,
    "webapi_url": "https://mriqc.nimh.nih.gov/api/v1"
  },
  "qi_1": 0.0,
  "qi_2": 0.00027370844490031223,
  "rpve_csf": 22.67432250215872,
  "rpve_gm": 11.174324090011376,
  "rpve_wm": 13.979075045919705,
  "size_x": 164,
  "size_y": 256,
  "size_z": 256,
  "snr_csf": 2.131679120560035,
  "snr_gm": 10.10623914515873,
  "snr_total": 10.298896693776848,
  "snr_wm": 18.658771815611782,
  "snrd_csf": 14.151115147138258,
  "snrd_gm": 45.61534275993325,
  "snrd_total": 41.447639535982965,
  "snrd_wm": 64.57646070087739,
  "spacing_x": 1.100006103515625,
  "spacing_y": 1.0,
  "spacing_z": 1.0,
  "summary_bg_k": 15.706070688808573,
  "summary_bg_mad": 10.145695801224456,
  "summary_bg_mean": 7.458360110522031,
  "summary_bg_median": 6.843167826533318,
  "summary_bg_n": 2702370.0,
  "summary_bg_p05": 0.0,
  "summary_bg_p95": 25.633833579719067,
  "summary_bg_stdv": 9.703748708579463,
  "summary_csf_k": 2.536827286181067,
  "summary_csf_mad": 78.75388462097999,
  "summary_csf_mean": 228.809362352245,
  "summary_csf_median": 219.1496450677514,
  "summary_csf_n": 30345.0,
  "summary_csf_p05": 81.68049990981818,
  "summary_csf_p95": 428.6403270229697,
  "summary_csf_stdv": 102.80441927510863,
  "summary_gm_k": 0.08231266108517987,
  "summary_gm_mad": 68.19238161478732,
  "summary_gm_mean": 703.7366433776749,
  "summary_gm_median": 706.4168492406607,
  "summary_gm_n": 24907.0,
  "summary_gm_p05": 583.4081029817462,
  "summary_gm_p95": 815.178344450891,
  "summary_gm_stdv": 69.89767982544416,
  "summary_wm_k": 0.830530558909282,
  "summary_wm_mad": 49.8137031551922,
  "summary_wm_mean": 1003.1119958723548,
  "summary_wm_median": 1000.0560588464141,
  "summary_wm_n": 239696.0,
  "summary_wm_p05": 921.6400865390897,
  "summary_wm_p95": 1095.5799507200718,
  "summary_wm_stdv": 53.596988195921206,
  "tpm_overlap_csf": 0.17845576390553725,
  "tpm_overlap_gm": 0.45322920080661766,
  "tpm_overlap_wm": 0.5013839270347226,
  "wm2max": 0.41748232098534166
}