{
  "bids_meta": {
    "AcquisitionDateTime": "2014-09-18T20:25:4.000000",
    "ConversionSoftware": "dcm2niix",
    "ConversionSoftwareVersion": "v1.0.20170411 GCC4.8.4",
    "EchoTime": 0.003184,
    "FlipAngle": 12,
    "ImageType": [
      "ORIGINAL",
      "PRIMARY",
      "OTHER"
    ],
    "InversionTime": 0.45,
    "MagneticFieldStrength": 3,
    "Manufacturer": "GE",
    "ManufacturersModelName": "DISCOVERY_MR750",
    "ProcedureStepDescription": "Auditivo",
    "ProtocolName": "Sag_FSPGR_BRAVO",
    "RepetitionTime": 0.008164,
    "ScanningSequence": "GR",
    "SequenceVariant": "SS_SK",
    "SeriesDescription": "Sag_FSPGR_BRAVO",
    "dataset": "ds003146",
    "modality": "T1w",
    "subject_id": "404"
  },
  "cjv": 0.3793574254473793,
  "cnr": 3.3876057001119197,
  "efc": 0.5189576310427738,
  "fber": 3985.7645008812688,
  "fwhm_avg": 4.408777413562308,
  "fwhm_x": 4.236742240686923,
  "fwhm_y": 4.45822,
  "fwhm_z": 4.53137,
  "icvs_csf": 0.1677750772752885,
  "icvs_gm": 0.4188727637602638,
  "icvs_wm": 0.4133521589644477,
  "inu_med": 0.857065886259079,
  "inu_range": 0.7940230816602707,
  "provenance": {
    "md5sum": "53eb8c710096361d9378ca5dc6d280d6",
    "settings": {
      "testing": false
    },
    "software": "mriqc",
    "version": "22.0.1",
    "warnings": {
      "large_rot_frame": true,
      "small_air_mask": false
    },
    "webapi_port": null,
    "webapi_url": "https://mriqc.nimh.nih.gov/api/v1"
  },
  "qi_1": 0.0,
  "qi_2": 0.00025127978895692266,
  "rpve_csf": 30.07750935807414,
  "rpve_gm": 12.804310996366187,
  "rpve_wm": 15.24947947299055,
  "size_x": 164,
  "size_y": 256,
  "size_z": 256,
  "snr_csf": 2.2776278870003903,
  "snr_gm": 11.02786792961291,
  "snr_total": 10.286166273624858,
  "snr_wm": 17.55300300426127,
  "snrd_csf": 14.56143542652259,
  "snrd_gm": 39.29857982898899,
  "snrd_total": 36.487322310746315,
  "snrd_wm": 55.601951676727374,
  "spacing_x": 1.0999984741210938,
  "spacing_y": 1.0,
  "spacing_z": 1.0,
  "summary_bg_k": 22.40761164901739,
  "summary_bg_mad": 0.0,
  "summary_bg_mean": 7.382903409130543,
  "summary_bg_median": 0.0,
  "summary_bg_n": 2384238.0,
  "summary_bg_p05": 0.0,
  "summary_bg_p95": 29.034887671470642,
  "summary_bg_stdv": 11.783488458794091,
  "summary_csf_k": 3.6605881493116783,
  "summary_csf_mad": 89.3888054716521,
  "summary_csf_mean": 280.75314405487285,
  "summary_csf_median": 261.906537771225,
  "summary_csf_n": 14390.0,
  "summary_csf_p05": 120.30590892955662,
  "summary_csf_p95": 493.3042229101061,
  "summary_csf_stdv": 114.98692952051,
  "summary_gm_k": 0.2957266052981309,
  "summary_gm_mad": 61.38616985092571,
  "summary_gm_mean": 705.9192556833658,
  "summary_gm_median": 706.8365639001131,
  "summary_gm_n": 20386.0,
  "summary_gm_p05": 598.8630753718317,
  "summary_gm_p95": 809.9400425702333,
  "summary_gm_stdv": 64.09391478714008,
  "summary_wm_k": 1.647230632083705,
  "summary_wm_mad": 49.8556728306266,
  "summary_wm_mean": 1006.1082784402564,
  "summary_wm_median": 1000.0741156637669,
  "summary_wm_n": 191870.0,
  "summary_wm_p05": 925.85738748312,
  "summary_wm_p95": 1109.769698932767,
  "summary_wm_stdv": 56.974382633749244,
  "tpm_overlap_csf": 0.14727708150951338,
  "tpm_overlap_gm": 0.4169621056011867,
  "tpm_overlap_wm": 0.43817436346676636,
  "wm2max": 0.27157139926760426
}