{
  "aor": 0.0038049756097560967,
  "aqi": 0.009501738341463414,
  "bids_meta": {
    "AcquisitionDateTime": "2014-11-14T18:39:11.000000",
    "Authors": [
      "Arafat Angulo-Perkins and Luis Concha"
    ],
    "ConversionSoftware": "dcm2niix",
    "ConversionSoftwareVersion": "v1.0.20170411 GCC4.8.4",
    "EchoTime": 0.04,
    "FlipAngle": 90,
    "ImageType": [
      "ORIGINAL",
      "PRIMARY",
      "EPI",
      "NONE"
    ],
    "MagneticFieldStrength": 3,
    "Manufacturer": "GE",
    "ManufacturersModelName": "DISCOVERY_MR750",
    "ProcedureStepDescription": "Auditivo_musica",
    "ProtocolName": "fMRI_vocal",
    "RepetitionTime": 3,
    "ScanningSequence": "EP_GR",
    "SequenceVariant": "SS",
    "SeriesDescription": "fMRI_vocal",
    "SliceTiming": [
      0,
      1.5349,
      0.0697674,
      1.60467,
      0.139535,
      1.67444,
      0.209302,
      1.74421,
      0.279069,
      1.81398,
      0.348836,
      1.88375,
      0.418603,
      1.95352,
      0.48837,
      2.02329,
      0.558137,
      2.09306,
      0.627904,
      2.16283,
      0.697671,
      2.2326,
      0.767438,
      2.30237,
      0.837205,
      2.37214,
      0.906972,
      2.44191,
      0.976739,
      2.51168,
      1.04651,
      2.58145,
      1.11628,
      2.65122,
      1.18605,
      2.72099,
      1.25582,
      2.79076,
      1.32559,
      2.86053,
      1.39536,
      2.9303,
      1.46513
    ],
    "TaskName": "Vocal music block-design fMRI",
    "dataset": "ds003146",
    "modality": "bold",
    "subject_id": "412",
    "task_id": "vocal"
  },
  "dummy_trs": 0,
  "dvars_nstd": 25.72985261999999,
  "dvars_std": 1.0089616040686271,
  "dvars_vstd": 0.9644821671078432,
  "efc": 0.4186709451496584,
  "fber": 15054.150390625,
  "fd_mean": 0.07703308115170926,
  "fd_num": 9,
  "fd_perc": 4.390243902439025,
  "fwhm_avg": 2.9502044444444446,
  "fwhm_x": 3.07726,
  "fwhm_y": 3.28105,
  "fwhm_z": 2.4923033333333335,
  "gcor": 0.0229041,
  "gsr_x": -0.011898418888449669,
  "gsr_y": 0.03530264273285866,
  "provenance": {
    "md5sum": "6450d6a7f6467e3434d5d0ceaa3e8ccd",
    "settings": {
      "fd_thres": 0.2,
      "testing": false
    },
    "software": "mriqc",
    "version": "22.0.1",
    "webapi_port": null,
    "webapi_url": "https://mriqc.nimh.nih.gov/api/v1"
  },
  "size_t": 205,
  "size_x": 128,
  "size_y": 128,
  "size_z": 43,
  "snr": 3.082374579574814,
  "spacing_tr": 3.0,
  "spacing_x": 2.0,
  "spacing_y": 2.0,
  "spacing_z": 3.0,
  "summary_bg_k": 101.66406145347156,
  "summary_bg_mad": 27.272649646548068,
  "summary_bg_mean": 93.62223052978516,
  "summary_bg_median": 20.22926902770996,
  "summary_bg_n": 510733.0,
  "summary_bg_p05": 0.7560975551605225,
  "summary_bg_p95": 458.01171874999983,
  "summary_bg_stdv": 271.8979187011719,
  "summary_fg_k": 0.358793255468536,
  "summary_fg_mad": 730.6481634781823,
  "summary_fg_mean": 2528.43115234375,
  "summary_fg_median": 2429.287841796875,
  "summary_fg_n": 102219.0,
  "summary_fg_p05": 1396.548828125,
  "summary_fg_p95": 3965.8327636718745,
  "summary_fg_stdv": 788.1183471679688,
  "tsnr": 41.20949698984623
}