{
  "bids_meta": {
    "AcquisitionDateTime": "2015-01-22T18:32:8.000000",
    "ConversionSoftware": "dcm2niix",
    "ConversionSoftwareVersion": "v1.0.20170411 GCC4.8.4",
    "EchoTime": 0.003184,
    "FlipAngle": 12,
    "ImageType": [
      "ORIGINAL",
      "PRIMARY",
      "OTHER"
    ],
    "InversionTime": 0.45,
    "MagneticFieldStrength": 3,
    "Manufacturer": "GE",
    "ManufacturersModelName": "DISCOVERY_MR750",
    "ProcedureStepDescription": "Protocolo_Auditivo",
    "ProtocolName": "Sag_FSPGR_BRAVO",
    "RepetitionTime": 0.008164,
    "ScanningSequence": "GR",
    "SequenceVariant": "SS_SK",
    "SeriesDescription": "Sag_FSPGR_BRAVO",
    "dataset": "ds003146",
    "modality": "T1w",
    "subject_id": "423"
  },
  "cjv": 0.40302070306377275,
  "cnr": 3.3015493378558856,
  "efc": 0.5329622244282612,
  "fber": 7384.1797265625,
  "fwhm_avg": 4.207444570591648,
  "fwhm_x": 3.986523711774946,
  "fwhm_y": 4.42854,
  "fwhm_z": 4.20727,
  "icvs_csf": 0.21374178756348636,
  "icvs_gm": 0.4017663082596469,
  "icvs_wm": 0.38449190417686674,
  "inu_med": 0.8296899199485779,
  "inu_range": 0.7772331774234763,
  "provenance": {
    "md5sum": "db13769a9156e3e145523b03e46beaf6",
    "settings": {
      "testing": false
    },
    "software": "mriqc",
    "version": "22.0.1",
    "warnings": {
      "large_rot_frame": true,
      "small_air_mask": false
    },
    "webapi_port": null,
    "webapi_url": "https://mriqc.nimh.nih.gov/api/v1"
  },
  "qi_1": 0.0,
  "qi_2": 0.00039010021212779097,
  "rpve_csf": 27.751022666178383,
  "rpve_gm": 14.64361497352767,
  "rpve_wm": 18.09974006066947,
  "size_x": 164,
  "size_y": 256,
  "size_z": 256,
  "snr_csf": 1.9665484088735687,
  "snr_gm": 9.36006970709498,
  "snr_total": 10.043389731841808,
  "snr_wm": 18.803551079556875,
  "snrd_csf": 13.81734431711782,
  "snrd_gm": 50.23560346762054,
  "snrd_total": 45.39150809984534,
  "snrd_wm": 72.12157651479767,
  "spacing_x": 1.0999984741210938,
  "spacing_y": 1.0,
  "spacing_z": 1.0,
  "summary_bg_k": 8.559435290420243,
  "summary_bg_mad": 0.0,
  "summary_bg_mean": 6.731485957826565,
  "summary_bg_median": 0.0,
  "summary_bg_n": 2160716.0,
  "summary_bg_p05": 0.0,
  "summary_bg_p95": 22.860610261559486,
  "summary_bg_stdv": 9.083777858162128,
  "summary_csf_k": 4.220625278248001,
  "summary_csf_mad": 80.42134485225237,
  "summary_csf_mean": 204.06232955518885,
  "summary_csf_median": 191.58405236899853,
  "summary_csf_n": 31818.0,
  "summary_csf_p05": 74.08709057886153,
  "summary_csf_p95": 392.1859074141828,
  "summary_csf_stdv": 97.41994697772998,
  "summary_gm_k": 0.0064237412495367074,
  "summary_gm_mad": 73.71019299744903,
  "summary_gm_mean": 696.3765741956792,
  "summary_gm_median": 696.5405409783125,
  "summary_gm_n": 18326.0,
  "summary_gm_p05": 572.981977108866,
  "summary_gm_p95": 821.4014515606686,
  "summary_gm_stdv": 74.4141398892803,
  "summary_wm_k": 1.1719649585963996,
  "summary_wm_mad": 48.59023912751472,
  "summary_wm_mean": 1003.6238661889356,
  "summary_wm_median": 999.9999692291021,
  "summary_wm_n": 178245.0,
  "summary_wm_p05": 923.6293464526534,
  "summary_wm_p95": 1096.3483376987278,
  "summary_wm_stdv": 53.18129324969219,
  "tpm_overlap_csf": 0.16765133543424726,
  "tpm_overlap_gm": 0.45439740429284103,
  "tpm_overlap_wm": 0.5026790148386254,
  "wm2max": 0.39995106000430897
}