{
  "aor": 0.0064860000000000004,
  "aqi": 0.007903677902439024,
  "bids_meta": {
    "AcquisitionDateTime": "2015-01-26T18:36:46.000000",
    "Authors": [
      "Arafat Angulo-Perkins and Luis Concha"
    ],
    "ConversionSoftware": "dcm2niix",
    "ConversionSoftwareVersion": "v1.0.20170411 GCC4.8.4",
    "EchoTime": 0.04,
    "FlipAngle": 90,
    "ImageType": [
      "ORIGINAL",
      "PRIMARY",
      "EPI",
      "NONE"
    ],
    "MagneticFieldStrength": 3,
    "Manufacturer": "GE",
    "ManufacturersModelName": "DISCOVERY_MR750",
    "ProtocolName": "fMRI_vocal",
    "RepetitionTime": 3,
    "ScanningSequence": "EP_GR",
    "SequenceVariant": "SS",
    "SeriesDescription": "fMRI_vocal",
    "SliceTiming": [
      0,
      1.5349,
      0.0697674,
      1.60467,
      0.139535,
      1.67444,
      0.209302,
      1.74421,
      0.279069,
      1.81398,
      0.348836,
      1.88375,
      0.418603,
      1.95352,
      0.48837,
      2.02329,
      0.558137,
      2.09306,
      0.627904,
      2.16283,
      0.697671,
      2.2326,
      0.767438,
      2.30237,
      0.837205,
      2.37214,
      0.906972,
      2.44191,
      0.976739,
      2.51168,
      1.04651,
      2.58145,
      1.11628,
      2.65122,
      1.18605,
      2.72099,
      1.25582,
      2.79076,
      1.32559,
      2.86053,
      1.39536,
      2.9303,
      1.46513
    ],
    "TaskName": "Vocal music block-design fMRI",
    "dataset": "ds003146",
    "modality": "bold",
    "subject_id": "427",
    "task_id": "vocal"
  },
  "dummy_trs": 0,
  "dvars_nstd": 25.117594148823525,
  "dvars_std": 1.0651572432843128,
  "dvars_vstd": 1.0018904618627449,
  "efc": 0.3774098854237338,
  "fber": 46891.09375,
  "fd_mean": 0.07045394551513957,
  "fd_num": 13,
  "fd_perc": 6.341463414634147,
  "fwhm_avg": 2.9519033333333335,
  "fwhm_x": 3.032235,
  "fwhm_y": 3.323545,
  "fwhm_z": 2.49993,
  "gcor": 0.032097,
  "gsr_x": -0.011412112042307854,
  "gsr_y": 0.010088167153298855,
  "provenance": {
    "md5sum": "699eddcb9a116bb3230183776646577b",
    "settings": {
      "fd_thres": 0.2,
      "testing": false
    },
    "software": "mriqc",
    "version": "22.0.1",
    "webapi_port": null,
    "webapi_url": "https://mriqc.nimh.nih.gov/api/v1"
  },
  "size_t": 205,
  "size_x": 128,
  "size_y": 128,
  "size_z": 43,
  "snr": 2.9952436050310816,
  "spacing_tr": 3.0,
  "spacing_x": 2.0,
  "spacing_y": 2.0,
  "spacing_z": 3.0,
  "summary_bg_k": 186.71936160613376,
  "summary_bg_mad": 14.439099182574408,
  "summary_bg_mean": 57.809940338134766,
  "summary_bg_median": 12.007316589355469,
  "summary_bg_n": 523598.0,
  "summary_bg_p05": 1.1609755754470825,
  "summary_bg_p95": 247.65023803710903,
  "summary_bg_stdv": 191.99502563476562,
  "summary_fg_k": 0.4987814097074845,
  "summary_fg_mad": 780.2248469400569,
  "summary_fg_mean": 2723.390869140625,
  "summary_fg_median": 2581.331787109375,
  "summary_fg_n": 91759.0,
  "summary_fg_p05": 1572.9599731445312,
  "summary_fg_p95": 4366.601562499999,
  "summary_fg_stdv": 861.8056030273438,
  "tsnr": 46.99749478138983
}