{
  "aor": 0.0013137745098039217,
  "aqi": 0.004392804068627451,
  "bids_meta": {
    "AcquisitionDateTime": "2014-12-18T18:49:59.000000",
    "Authors": [
      "Arafat Angulo-Perkins and Luis Concha"
    ],
    "ConversionSoftware": "dcm2niix",
    "ConversionSoftwareVersion": "v1.0.20170411 GCC4.8.4",
    "EchoTime": 0.04,
    "FlipAngle": 90,
    "ImageType": [
      "ORIGINAL",
      "PRIMARY",
      "EPI",
      "NONE"
    ],
    "MagneticFieldStrength": 3,
    "Manufacturer": "GE",
    "ManufacturersModelName": "DISCOVERY_MR750",
    "ProtocolName": "fMRI_vocal",
    "RepetitionTime": 3,
    "ScanningSequence": "EP_GR",
    "SequenceVariant": "SS",
    "SeriesDescription": "fMRI_vocal",
    "SliceTiming": [
      0,
      1.5349,
      0.0697674,
      1.60467,
      0.139535,
      1.67444,
      0.209302,
      1.74421,
      0.279069,
      1.81398,
      0.348836,
      1.88375,
      0.418603,
      1.95352,
      0.48837,
      2.02329,
      0.558137,
      2.09306,
      0.627904,
      2.16283,
      0.697671,
      2.2326,
      0.767438,
      2.30237,
      0.837205,
      2.37214,
      0.906972,
      2.44191,
      0.976739,
      2.51168,
      1.04651,
      2.58145,
      1.11628,
      2.65122,
      1.18605,
      2.72099,
      1.25582,
      2.79076,
      1.32559,
      2.86053,
      1.39536,
      2.9303,
      1.46513
    ],
    "TaskName": "Vocal music block-design fMRI",
    "dataset": "ds003146",
    "modality": "bold",
    "subject_id": "421",
    "task_id": "vocal"
  },
  "dummy_trs": 1,
  "dvars_nstd": 25.10127806064038,
  "dvars_std": 1.080768436502463,
  "dvars_vstd": 0.9792137741379309,
  "efc": 0.41257409096122577,
  "fber": 33618.375,
  "fd_mean": 0.05594523755277349,
  "fd_num": 5,
  "fd_perc": 2.450980392156863,
  "fwhm_avg": 3.073488888888889,
  "fwhm_x": 3.060715,
  "fwhm_y": 3.494445,
  "fwhm_z": 2.6653066666666665,
  "gcor": 0.0210668,
  "gsr_x": -0.009169005788862705,
  "gsr_y": 0.014283190481364727,
  "provenance": {
    "md5sum": "2be2fcd0a20c8350294fecded1f90530",
    "settings": {
      "fd_thres": 0.2,
      "testing": false
    },
    "software": "mriqc",
    "version": "22.0.1",
    "webapi_port": null,
    "webapi_url": "https://mriqc.nimh.nih.gov/api/v1"
  },
  "size_t": 204,
  "size_x": 128,
  "size_y": 128,
  "size_z": 43,
  "snr": 2.734406467712483,
  "spacing_tr": 3.0,
  "spacing_x": 2.0,
  "spacing_y": 2.0,
  "spacing_z": 3.0,
  "summary_bg_k": 93.89558015889787,
  "summary_bg_mad": 17.12260328081578,
  "summary_bg_mean": 60.5090217590332,
  "summary_bg_median": 13.254902839660645,
  "summary_bg_n": 498420.0,
  "summary_bg_p05": 0.529411792755127,
  "summary_bg_p95": 282.3630065917968,
  "summary_bg_stdv": 178.92503356933594,
  "summary_fg_k": 2.07394266749135,
  "summary_fg_mad": 746.1485235375244,
  "summary_fg_mean": 2526.16259765625,
  "summary_fg_median": 2389.024658203125,
  "summary_fg_n": 112927.0,
  "summary_fg_p05": 1378.3912597656251,
  "summary_fg_p95": 4093.993676757812,
  "summary_fg_stdv": 873.6865234375,
  "tsnr": 52.238169349730015
}