{
  "aor": 0.0007674146341463416,
  "aqi": 0.005545340097560975,
  "bids_meta": {
    "AcquisitionDateTime": "2015-01-24T15:37:38.000000",
    "Authors": [
      "Arafat Angulo-Perkins and Luis Concha"
    ],
    "ConversionSoftware": "dcm2niix",
    "ConversionSoftwareVersion": "v1.0.20170411 GCC4.8.4",
    "EchoTime": 0.04,
    "FlipAngle": 90,
    "ImageType": [
      "ORIGINAL",
      "PRIMARY",
      "EPI",
      "NONE"
    ],
    "MagneticFieldStrength": 3,
    "Manufacturer": "GE",
    "ManufacturersModelName": "DISCOVERY_MR750",
    "ProtocolName": "fMRI_vocal",
    "RepetitionTime": 3,
    "ScanningSequence": "EP_GR",
    "SequenceVariant": "SS",
    "SeriesDescription": "fMRI_vocal",
    "SliceTiming": [
      0,
      1.5349,
      0.0697674,
      1.60467,
      0.139535,
      1.67444,
      0.209302,
      1.74421,
      0.279069,
      1.81398,
      0.348836,
      1.88375,
      0.418603,
      1.95352,
      0.48837,
      2.02329,
      0.558137,
      2.09306,
      0.627904,
      2.16283,
      0.697671,
      2.2326,
      0.767438,
      2.30237,
      0.837205,
      2.37214,
      0.906972,
      2.44191,
      0.976739,
      2.51168,
      1.04651,
      2.58145,
      1.11628,
      2.65122,
      1.18605,
      2.72099,
      1.25582,
      2.79076,
      1.32559,
      2.86053,
      1.39536,
      2.9303,
      1.46513
    ],
    "TaskName": "Vocal music block-design fMRI",
    "dataset": "ds003146",
    "modality": "bold",
    "subject_id": "425",
    "task_id": "vocal"
  },
  "dummy_trs": 0,
  "dvars_nstd": 22.80752472784313,
  "dvars_std": 1.0635493187745098,
  "dvars_vstd": 0.9874162736274511,
  "efc": 0.3846366203365757,
  "fber": 34170.203125,
  "fd_mean": 0.05310094104307842,
  "fd_num": 2,
  "fd_perc": 0.975609756097561,
  "fwhm_avg": 3.0318411111111114,
  "fwhm_x": 3.116435,
  "fwhm_y": 3.369245,
  "fwhm_z": 2.6098433333333335,
  "gcor": 0.0304,
  "gsr_x": -0.015940718352794647,
  "gsr_y": 0.013198504224419594,
  "provenance": {
    "md5sum": "85da1e67bed09317eca3b9b756793435",
    "settings": {
      "fd_thres": 0.2,
      "testing": false
    },
    "software": "mriqc",
    "version": "22.0.1",
    "webapi_port": null,
    "webapi_url": "https://mriqc.nimh.nih.gov/api/v1"
  },
  "size_t": 205,
  "size_x": 128,
  "size_y": 128,
  "size_z": 43,
  "snr": 3.1731369305231074,
  "spacing_tr": 3.0,
  "spacing_x": 2.0,
  "spacing_y": 2.0,
  "spacing_z": 3.0,
  "summary_bg_k": 80.43332855364815,
  "summary_bg_mad": 17.726136477166463,
  "summary_bg_mean": 63.148948669433594,
  "summary_bg_median": 14.278048515319824,
  "summary_bg_n": 522513.0,
  "summary_bg_p05": 1.1951220035552979,
  "summary_bg_p95": 271.638055419919,
  "summary_bg_stdv": 194.61138916015625,
  "summary_fg_k": 1.2020193140793713,
  "summary_fg_mad": 712.0251448887991,
  "summary_fg_mean": 2735.791015625,
  "summary_fg_median": 2620.136474609375,
  "summary_fg_n": 92683.0,
  "summary_fg_p05": 1623.6092529296875,
  "summary_fg_p95": 4265.426367187495,
  "summary_fg_stdv": 825.7199096679688,
  "tsnr": 61.05398978339508
}