{
  "aor": 0.0014770243902439025,
  "aqi": 0.005156778048780487,
  "bids_meta": {
    "AcquisitionDateTime": "2014-10-10T18:26:15.000000",
    "Authors": [
      "Arafat Angulo-Perkins and Luis Concha"
    ],
    "ConversionSoftware": "dcm2niix",
    "ConversionSoftwareVersion": "v1.0.20170411 GCC4.8.4",
    "EchoTime": 0.04,
    "FlipAngle": 90,
    "ImageType": [
      "ORIGINAL",
      "PRIMARY",
      "EPI",
      "NONE"
    ],
    "MagneticFieldStrength": 3,
    "Manufacturer": "GE",
    "ManufacturersModelName": "DISCOVERY_MR750",
    "ProcedureStepDescription": "Protocolo_Auditivo",
    "ProtocolName": "fMRI_vocal",
    "RepetitionTime": 3,
    "ScanningSequence": "EP_GR",
    "SequenceVariant": "SS",
    "SeriesDescription": "fMRI_vocal",
    "SliceTiming": [
      0,
      1.54283,
      0.0857143,
      1.62854,
      0.171429,
      1.71425,
      0.257143,
      1.79996,
      0.342857,
      1.88567,
      0.428571,
      1.97138,
      0.514285,
      2.05709,
      0.599999,
      2.1428,
      0.685713,
      2.22851,
      0.771427,
      2.31422,
      0.857141,
      2.39993,
      0.942855,
      2.48564,
      1.02857,
      2.57135,
      1.11428,
      2.65706,
      1.19999,
      2.74277,
      1.2857,
      2.82848,
      1.37141,
      2.91419,
      1.45712
    ],
    "TaskName": "Vocal music block-design fMRI",
    "dataset": "ds003146",
    "modality": "bold",
    "subject_id": "407",
    "task_id": "vocal"
  },
  "dummy_trs": 0,
  "dvars_nstd": 27.422344049019596,
  "dvars_std": 1.110089195686275,
  "dvars_vstd": 0.9881551237254906,
  "efc": 0.40247130871319087,
  "fber": 42212.7734375,
  "fd_mean": 0.06942095609940052,
  "fd_num": 10,
  "fd_perc": 4.878048780487805,
  "fwhm_avg": 2.906914826494095,
  "fwhm_x": 2.991755,
  "fwhm_y": 3.19711,
  "fwhm_z": 2.531879479482286,
  "gcor": 0.0235447,
  "gsr_x": -0.019320329651236534,
  "gsr_y": 0.011119432747364044,
  "provenance": {
    "md5sum": "50d484d6c9aa8544b7115cbfe4a3b6d9",
    "settings": {
      "fd_thres": 0.2,
      "testing": false
    },
    "software": "mriqc",
    "version": "22.0.1",
    "webapi_port": null,
    "webapi_url": "https://mriqc.nimh.nih.gov/api/v1"
  },
  "size_t": 205,
  "size_x": 128,
  "size_y": 128,
  "size_z": 35,
  "snr": 3.5293373374563877,
  "spacing_tr": 3.0,
  "spacing_x": 2.0,
  "spacing_y": 2.0,
  "spacing_z": 3.000115156173706,
  "summary_bg_k": 126.56717713198748,
  "summary_bg_mad": 14.609056390393155,
  "summary_bg_mean": 60.85717010498047,
  "summary_bg_median": 11.756097793579102,
  "summary_bg_n": 412548.0,
  "summary_bg_p05": 1.1365853548049927,
  "summary_bg_p95": 280.0519409179686,
  "summary_bg_stdv": 198.23435974121094,
  "summary_fg_k": 0.662661220326556,
  "summary_fg_mad": 598.3820198085564,
  "summary_fg_mean": 2497.547119140625,
  "summary_fg_median": 2408.304931640625,
  "summary_fg_n": 81774.0,
  "summary_fg_p05": 1537.3821655273437,
  "summary_fg_p95": 3783.3983520507786,
  "summary_fg_stdv": 682.36328125,
  "tsnr": 53.638453759253025
}