{
  "bids_meta": {
    "AcquisitionDateTime": "2014-12-13T11:02:31.000000",
    "ConversionSoftware": "dcm2niix",
    "ConversionSoftwareVersion": "v1.0.20170411 GCC4.8.4",
    "EchoTime": 0.003184,
    "FlipAngle": 12,
    "ImageType": [
      "ORIGINAL",
      "PRIMARY",
      "OTHER"
    ],
    "InversionTime": 0.45,
    "MagneticFieldStrength": 3,
    "Manufacturer": "GE",
    "ManufacturersModelName": "DISCOVERY_MR750",
    "ProtocolName": "Sag_FSPGR_BRAVO",
    "RepetitionTime": 0.008164,
    "ScanningSequence": "GR",
    "SequenceVariant": "SS_SK",
    "SeriesDescription": "Sag_FSPGR_BRAVO",
    "dataset": "ds003146",
    "modality": "T1w",
    "subject_id": "417"
  },
  "cjv": 0.3736762734396772,
  "cnr": 3.5892680243079584,
  "efc": 0.5126580632999954,
  "fber": 5778.730861630033,
  "fwhm_avg": 4.016320848967834,
  "fwhm_x": 3.802132546903502,
  "fwhm_y": 4.22927,
  "fwhm_z": 4.01756,
  "icvs_csf": 0.19310874176055054,
  "icvs_gm": 0.43221521091413484,
  "icvs_wm": 0.3746760473253146,
  "inu_med": 0.823410153388977,
  "inu_range": 0.6917907595634457,
  "provenance": {
    "md5sum": "19ae1a76dcacc5bc3cc261c0a386f674",
    "settings": {
      "testing": false
    },
    "software": "mriqc",
    "version": "22.0.1",
    "warnings": {
      "large_rot_frame": true,
      "small_air_mask": false
    },
    "webapi_port": null,
    "webapi_url": "https://mriqc.nimh.nih.gov/api/v1"
  },
  "qi_1": 0.0,
  "qi_2": 0.00025403160731370957,
  "rpve_csf": 23.042561376210234,
  "rpve_gm": 10.972581061911823,
  "rpve_wm": 14.778922675066688,
  "size_x": 164,
  "size_y": 256,
  "size_z": 256,
  "snr_csf": 1.7551850169753096,
  "snr_gm": 9.467397634763394,
  "snr_total": 10.30503589893554,
  "snr_wm": 19.692525045067914,
  "snrd_csf": 14.030791972906666,
  "snrd_gm": 51.06786665203851,
  "snrd_total": 46.66795731333254,
  "snrd_wm": 74.90521331505244,
  "spacing_x": 1.0999984741210938,
  "spacing_y": 1.0,
  "spacing_z": 1.0,
  "summary_bg_k": 13.087562079931988,
  "summary_bg_mad": 8.746205895527531,
  "summary_bg_mean": 7.388402668246191,
  "summary_bg_median": 5.899226229637861,
  "summary_bg_n": 2560164.0,
  "summary_bg_p05": 0.0,
  "summary_bg_p95": 25.166423823684454,
  "summary_bg_stdv": 9.837807631628271,
  "summary_csf_k": 3.502892515364122,
  "summary_csf_mad": 87.30157811315553,
  "summary_csf_mean": 201.35876296134708,
  "summary_csf_median": 187.31396312639117,
  "summary_csf_n": 30212.0,
  "summary_csf_p05": 63.2732604134828,
  "summary_csf_p95": 410.258711466379,
  "summary_csf_stdv": 106.71858595896607,
  "summary_gm_k": 0.029510499578352167,
  "summary_gm_mad": 71.49421516435807,
  "summary_gm_mean": 680.4598176463815,
  "summary_gm_median": 681.7665395848453,
  "summary_gm_n": 36223.0,
  "summary_gm_p05": 559.5605503506958,
  "summary_gm_p95": 797.044997099787,
  "summary_gm_stdv": 72.01103778833586,
  "summary_wm_k": 0.6928658812525685,
  "summary_wm_mad": 47.42208884639239,
  "summary_wm_mean": 1001.8397802966302,
  "summary_wm_median": 1000.000027935952,
  "summary_wm_n": 232579.0,
  "summary_wm_p05": 922.3359028026462,
  "summary_wm_p95": 1087.8389652818441,
  "summary_wm_stdv": 50.78058176073632,
  "tpm_overlap_csf": 0.16172223303569175,
  "tpm_overlap_gm": 0.4563441521093855,
  "tpm_overlap_wm": 0.4940842193906202,
  "wm2max": 0.36628631165926734
}