{
  "bids_meta": {
    "AcquisitionDateTime": "2014-12-13T14:54:45.000000",
    "ConversionSoftware": "dcm2niix",
    "ConversionSoftwareVersion": "v1.0.20170411 GCC4.8.4",
    "EchoTime": 0.003184,
    "FlipAngle": 12,
    "ImageType": [
      "ORIGINAL",
      "PRIMARY",
      "OTHER"
    ],
    "InversionTime": 0.45,
    "MagneticFieldStrength": 3,
    "Manufacturer": "GE",
    "ManufacturersModelName": "DISCOVERY_MR750",
    "ProtocolName": "Sag_FSPGR_BRAVO",
    "RepetitionTime": 0.008164,
    "ScanningSequence": "GR",
    "SequenceVariant": "SS_SK",
    "SeriesDescription": "Sag_FSPGR_BRAVO",
    "dataset": "ds003146",
    "modality": "T1w",
    "subject_id": "420"
  },
  "cjv": 0.3488635507745282,
  "cnr": 3.861812147784688,
  "efc": 0.47687103646681755,
  "fber": 5518.219955632716,
  "fwhm_avg": 4.28524614509279,
  "fwhm_x": 4.11487843527837,
  "fwhm_y": 4.47745,
  "fwhm_z": 4.26341,
  "icvs_csf": 0.2094978664379345,
  "icvs_gm": 0.4237277091794877,
  "icvs_wm": 0.3667744243825778,
  "inu_med": 0.8586330413818359,
  "inu_range": 0.7205554127693174,
  "provenance": {
    "md5sum": "903f62f1bf7fb1fc9f00347f53cfc566",
    "settings": {
      "testing": false
    },
    "software": "mriqc",
    "version": "22.0.1",
    "warnings": {
      "large_rot_frame": true,
      "small_air_mask": false
    },
    "webapi_port": null,
    "webapi_url": "https://mriqc.nimh.nih.gov/api/v1"
  },
  "qi_1": 0.0,
  "qi_2": 0.00030264317163851396,
  "rpve_csf": 26.520500737400873,
  "rpve_gm": 13.315104859977396,
  "rpve_wm": 17.60621488039738,
  "size_x": 164,
  "size_y": 256,
  "size_z": 256,
  "snr_csf": 1.7628585376628478,
  "snr_gm": 9.307334469897894,
  "snr_total": 9.436955277321099,
  "snr_wm": 17.24067282440256,
  "snrd_csf": 9.54949469708863,
  "snrd_gm": 37.26903961548598,
  "snrd_total": 34.79310707340035,
  "snrd_wm": 57.560786907626444,
  "spacing_x": 1.0999984741210938,
  "spacing_y": 1.0,
  "spacing_z": 1.0,
  "summary_bg_k": 7.321204639419806,
  "summary_bg_mad": 0.0,
  "summary_bg_mean": 8.286926048312784,
  "summary_bg_median": 0.0,
  "summary_bg_n": 2982928.0,
  "summary_bg_p05": 0.0,
  "summary_bg_p95": 30.146536327898502,
  "summary_bg_stdv": 11.381644121589058,
  "summary_csf_k": 1.9654808342982504,
  "summary_csf_mad": 82.11688643923287,
  "summary_csf_mean": 180.98561015987306,
  "summary_csf_median": 165.90278021991253,
  "summary_csf_n": 33324.0,
  "summary_csf_p05": 57.77548182755709,
  "summary_csf_p95": 358.98263066262007,
  "summary_csf_stdv": 94.10868054250905,
  "summary_gm_k": 0.02303317358889645,
  "summary_gm_mad": 69.96205592899678,
  "summary_gm_mean": 646.5055301572338,
  "summary_gm_median": 647.4727181345224,
  "summary_gm_n": 27876.0,
  "summary_gm_p05": 529.7107933033258,
  "summary_gm_p95": 757.4075176343322,
  "summary_gm_stdv": 69.56461129452475,
  "summary_wm_k": 0.8551478044419536,
  "summary_wm_mad": 53.02185907614803,
  "summary_wm_mean": 1000.5889266995641,
  "summary_wm_median": 999.9999876990914,
  "summary_wm_n": 179499.0,
  "summary_wm_p05": 906.5263589993119,
  "summary_wm_p95": 1095.9912072271109,
  "summary_wm_stdv": 58.00221443498452,
  "tpm_overlap_csf": 0.1554512650368935,
  "tpm_overlap_gm": 0.45663931224868554,
  "tpm_overlap_wm": 0.48116027192964733,
  "wm2max": 0.3198832156785178
}