{
  "aor": 0.0005762439024390245,
  "aqi": 0.006834189853658535,
  "bids_meta": {
    "AcquisitionDateTime": "2014-09-18T18:56:6.000000",
    "Authors": [
      "Arafat Angulo-Perkins and Luis Concha"
    ],
    "ConversionSoftware": "dcm2niix",
    "ConversionSoftwareVersion": "v1.0.20170411 GCC4.8.4",
    "EchoTime": 0.04,
    "FlipAngle": 90,
    "ImageType": [
      "ORIGINAL",
      "PRIMARY",
      "EPI",
      "NONE"
    ],
    "MagneticFieldStrength": 3,
    "Manufacturer": "GE",
    "ManufacturersModelName": "DISCOVERY_MR750",
    "ProcedureStepDescription": "Auditivo",
    "ProtocolName": "fMRI_vocal",
    "RepetitionTime": 3,
    "ScanningSequence": "EP_GR",
    "SequenceVariant": "SS",
    "SeriesDescription": "fMRI_vocal",
    "SliceTiming": [
      0,
      1.5349,
      0.0697674,
      1.60467,
      0.139535,
      1.67444,
      0.209302,
      1.74421,
      0.279069,
      1.81398,
      0.348836,
      1.88375,
      0.418603,
      1.95352,
      0.48837,
      2.02329,
      0.558137,
      2.09306,
      0.627904,
      2.16283,
      0.697671,
      2.2326,
      0.767438,
      2.30237,
      0.837205,
      2.37214,
      0.906972,
      2.44191,
      0.976739,
      2.51168,
      1.04651,
      2.58145,
      1.11628,
      2.65122,
      1.18605,
      2.72099,
      1.25582,
      2.79076,
      1.32559,
      2.86053,
      1.39536,
      2.9303,
      1.46513
    ],
    "TaskName": "Vocal music block-design fMRI",
    "dataset": "ds003146",
    "modality": "bold",
    "subject_id": "403",
    "task_id": "vocal"
  },
  "dummy_trs": 0,
  "dvars_nstd": 23.90010398058822,
  "dvars_std": 1.0116124338725496,
  "dvars_vstd": 0.9582786114215678,
  "efc": 0.3804068148762457,
  "fber": 24898.759765625,
  "fd_mean": 0.047819548791537166,
  "fd_num": 4,
  "fd_perc": 1.951219512195122,
  "fwhm_avg": 2.8307994444444446,
  "fwhm_x": 2.91493,
  "fwhm_y": 3.192765,
  "fwhm_z": 2.3847033333333334,
  "gcor": 0.0247172,
  "gsr_x": -0.01961849257349968,
  "gsr_y": 0.008539462462067604,
  "provenance": {
    "md5sum": "603479fa420a03b5ce2ac6704f1dad2c",
    "settings": {
      "fd_thres": 0.2,
      "testing": false
    },
    "software": "mriqc",
    "version": "22.0.1",
    "webapi_port": null,
    "webapi_url": "https://mriqc.nimh.nih.gov/api/v1"
  },
  "size_t": 205,
  "size_x": 128,
  "size_y": 128,
  "size_z": 43,
  "snr": 3.6327662527893785,
  "spacing_tr": 3.0,
  "spacing_x": 2.0,
  "spacing_y": 2.0,
  "spacing_z": 3.0,
  "summary_bg_k": 63.18932728105655,
  "summary_bg_mad": 19.461866015788605,
  "summary_bg_mean": 65.20515441894531,
  "summary_bg_median": 15.141463279724121,
  "summary_bg_n": 534653.0,
  "summary_bg_p05": 1.0390243530273438,
  "summary_bg_p95": 298.7160949707028,
  "summary_bg_stdv": 186.8331298828125,
  "summary_fg_k": 0.9785145954912902,
  "summary_fg_mad": 555.2886443634696,
  "summary_fg_mean": 2410.856201171875,
  "summary_fg_median": 2335.224365234375,
  "summary_fg_n": 83577.0,
  "summary_fg_p05": 1471.715087890625,
  "summary_fg_p95": 3566.264404296875,
  "summary_fg_stdv": 642.8187866210938,
  "tsnr": 50.10095287207514
}