{
  "bids_meta": {
    "AcquisitionDateTime": "2014-12-13T12:09:33.000000",
    "ConversionSoftware": "dcm2niix",
    "ConversionSoftwareVersion": "v1.0.20170411 GCC4.8.4",
    "EchoTime": 0.003184,
    "FlipAngle": 12,
    "ImageType": [
      "ORIGINAL",
      "PRIMARY",
      "OTHER"
    ],
    "InversionTime": 0.45,
    "MagneticFieldStrength": 3,
    "Manufacturer": "GE",
    "ManufacturersModelName": "DISCOVERY_MR750",
    "ProtocolName": "Sag_FSPGR_BRAVO",
    "RepetitionTime": 0.008164,
    "ScanningSequence": "GR",
    "SequenceVariant": "SS_SK",
    "SeriesDescription": "Sag_FSPGR_BRAVO",
    "dataset": "ds003146",
    "modality": "T1w",
    "subject_id": "418"
  },
  "cjv": 0.35664933175246366,
  "cnr": 3.795803192409179,
  "efc": 0.5095371897118721,
  "fber": 7890.015208907255,
  "fwhm_avg": 4.73248816082786,
  "fwhm_x": 4.54212448248358,
  "fwhm_y": 4.82084,
  "fwhm_z": 4.8345,
  "icvs_csf": 0.19522790188117173,
  "icvs_gm": 0.42390451318738137,
  "icvs_wm": 0.38086758493144685,
  "inu_med": 0.8040682077407837,
  "inu_range": 0.853716254234314,
  "provenance": {
    "md5sum": "ab2cfbe2c06176c0716cc98eb73c897a",
    "settings": {
      "testing": false
    },
    "software": "mriqc",
    "version": "22.0.1",
    "warnings": {
      "large_rot_frame": true,
      "small_air_mask": false
    },
    "webapi_port": null,
    "webapi_url": "https://mriqc.nimh.nih.gov/api/v1"
  },
  "qi_1": 0.0,
  "qi_2": 0.0003643814646377736,
  "rpve_csf": 27.480656385760465,
  "rpve_gm": 13.191394728916787,
  "rpve_wm": 17.180866789907956,
  "size_x": 164,
  "size_y": 256,
  "size_z": 256,
  "snr_csf": 1.5711814033506157,
  "snr_gm": 9.545019390233124,
  "snr_total": 10.239659358739091,
  "snr_wm": 19.60277728263354,
  "snrd_csf": 10.5565224959085,
  "snrd_gm": 44.08106997492782,
  "snrd_total": 40.1812399864973,
  "snrd_wm": 65.90612748865559,
  "spacing_x": 1.0999984741210938,
  "spacing_y": 1.0,
  "spacing_z": 1.0,
  "summary_bg_k": 9.392796930166442,
  "summary_bg_mad": 0.0,
  "summary_bg_mean": 7.285343002569443,
  "summary_bg_median": 0.0,
  "summary_bg_n": 1972250.0,
  "summary_bg_p05": 0.0,
  "summary_bg_p95": 25.41794528067112,
  "summary_bg_stdv": 9.941012426410493,
  "summary_csf_k": 2.2206343393954935,
  "summary_csf_mad": 85.90763177220036,
  "summary_csf_mean": 178.2476266450878,
  "summary_csf_median": 160.18423233926296,
  "summary_csf_n": 30317.0,
  "summary_csf_p05": 48.84567113220692,
  "summary_csf_p95": 384.4080395668743,
  "summary_csf_stdv": 101.9497749616495,
  "summary_gm_k": -0.003411093043949709,
  "summary_gm_mad": 69.72091410756595,
  "summary_gm_mean": 668.6431545058839,
  "summary_gm_median": 668.8843184262514,
  "summary_gm_n": 29833.0,
  "summary_gm_p05": 553.2013925224543,
  "summary_gm_p95": 784.3397906810044,
  "summary_gm_stdv": 70.075615408363,
  "summary_wm_k": 0.596417510937457,
  "summary_wm_mad": 48.391541351563305,
  "summary_wm_mean": 1003.0188410473133,
  "summary_wm_median": 1000.0568314343691,
  "summary_wm_n": 191507.0,
  "summary_wm_p05": 925.1108540743589,
  "summary_wm_p95": 1091.720651999116,
  "summary_wm_stdv": 51.01594564857534,
  "tpm_overlap_csf": 0.16281613721522223,
  "tpm_overlap_gm": 0.4596847903790769,
  "tpm_overlap_wm": 0.4905247241233708,
  "wm2max": 0.3951597724969772
}