{
  "bids_meta": {
    "AcquisitionDateTime": "2015-01-24T16:01:23.000000",
    "ConversionSoftware": "dcm2niix",
    "ConversionSoftwareVersion": "v1.0.20170411 GCC4.8.4",
    "EchoTime": 0.003184,
    "FlipAngle": 12,
    "ImageType": [
      "ORIGINAL",
      "PRIMARY",
      "OTHER"
    ],
    "InversionTime": 0.45,
    "MagneticFieldStrength": 3,
    "Manufacturer": "GE",
    "ManufacturersModelName": "DISCOVERY_MR750",
    "ProtocolName": "Sag_FSPGR_BRAVO",
    "RepetitionTime": 0.008164,
    "ScanningSequence": "GR",
    "SequenceVariant": "SS_SK",
    "SeriesDescription": "Sag_FSPGR_BRAVO",
    "dataset": "ds003146",
    "modality": "T1w",
    "subject_id": "425"
  },
  "cjv": 0.3795951277058691,
  "cnr": 3.533002138283981,
  "efc": 0.45219072256022236,
  "fber": -1.0,
  "fwhm_avg": 3.989640522313698,
  "fwhm_x": 3.7510415669410944,
  "fwhm_y": 4.12942,
  "fwhm_z": 4.08846,
  "icvs_csf": 0.20411004083665799,
  "icvs_gm": 0.4111252650647757,
  "icvs_wm": 0.38476469409856634,
  "inu_med": 0.872050404548645,
  "inu_range": 0.7092217803001404,
  "provenance": {
    "md5sum": "ab766c2350c7ac7e85815706a4118a38",
    "settings": {
      "testing": false
    },
    "software": "mriqc",
    "version": "22.0.1",
    "warnings": {
      "large_rot_frame": true,
      "small_air_mask": false
    },
    "webapi_port": null,
    "webapi_url": "https://mriqc.nimh.nih.gov/api/v1"
  },
  "qi_1": 0.0,
  "qi_2": 0.0005152704276421905,
  "rpve_csf": 25.726883871123214,
  "rpve_gm": 13.039815833314877,
  "rpve_wm": 16.45190003423485,
  "size_x": 164,
  "size_y": 256,
  "size_z": 256,
  "snr_csf": 1.6815874507331885,
  "snr_gm": 9.116513058992394,
  "snr_total": 9.733317135295417,
  "snr_wm": 18.401850896160667,
  "snrd_csf": 9.624252569326911,
  "snrd_gm": 35.548349752081066,
  "snrd_total": 32.66058680069229,
  "snrd_wm": 52.80915808066889,
  "spacing_x": 1.0999984741210938,
  "spacing_y": 1.0,
  "spacing_z": 1.0,
  "summary_bg_k": 7.437853695218632,
  "summary_bg_mad": 0.0,
  "summary_bg_mean": 8.355428843934353,
  "summary_bg_median": 0.0,
  "summary_bg_n": 3322361.0,
  "summary_bg_p05": 0.0,
  "summary_bg_p95": 33.35178641974926,
  "summary_bg_stdv": 12.406593463426178,
  "summary_csf_k": 2.157178704785789,
  "summary_csf_mad": 86.68688899129305,
  "summary_csf_mean": 198.83596968413252,
  "summary_csf_median": 182.25851748883724,
  "summary_csf_n": 21712.0,
  "summary_csf_p05": 52.58787900209427,
  "summary_csf_p95": 417.96638647131624,
  "summary_csf_stdv": 108.38230279195749,
  "summary_gm_k": 0.05050475415031652,
  "summary_gm_mad": 72.78621034239339,
  "summary_gm_mean": 671.5759509516236,
  "summary_gm_median": 673.194045804441,
  "summary_gm_n": 26324.0,
  "summary_gm_p05": 547.7442765533924,
  "summary_gm_p95": 791.6551627144217,
  "summary_gm_stdv": 73.84196727734253,
  "summary_wm_k": 0.7343839793937073,
  "summary_wm_mad": 51.29401715461127,
  "summary_wm_mean": 1002.652119868128,
  "summary_wm_median": 1000.0692305490375,
  "summary_wm_n": 202772.0,
  "summary_wm_p05": 918.6272126734257,
  "summary_wm_p95": 1095.3501639515162,
  "summary_wm_stdv": 54.34598781366365,
  "tpm_overlap_csf": 0.1515167081492521,
  "tpm_overlap_gm": 0.45783699311660453,
  "tpm_overlap_wm": 0.4900279117782023,
  "wm2max": 0.2815263547469711
}