{
  "bids_meta": {
    "AcquisitionDateTime": "2014-12-10T19:58:14.000000",
    "ConversionSoftware": "dcm2niix",
    "ConversionSoftwareVersion": "v1.0.20170411 GCC4.8.4",
    "EchoTime": 0.003184,
    "FlipAngle": 12,
    "ImageType": [
      "ORIGINAL",
      "PRIMARY",
      "OTHER"
    ],
    "InversionTime": 0.45,
    "MagneticFieldStrength": 3,
    "Manufacturer": "GE",
    "ManufacturersModelName": "DISCOVERY_MR750",
    "ProtocolName": "Sag_FSPGR_BRAVO",
    "RepetitionTime": 0.008164,
    "ScanningSequence": "GR",
    "SequenceVariant": "SS_SK",
    "SeriesDescription": "Sag_FSPGR_BRAVO",
    "dataset": "ds003146",
    "modality": "T1w",
    "subject_id": "416"
  },
  "cjv": 0.38254492412192403,
  "cnr": 3.546077140283936,
  "efc": 0.47975333169327794,
  "fber": -1.0,
  "fwhm_avg": 3.8898896570952974,
  "fwhm_x": 3.789878971285893,
  "fwhm_y": 4.00338,
  "fwhm_z": 3.87641,
  "icvs_csf": 0.2080071608993037,
  "icvs_gm": 0.4253761762479775,
  "icvs_wm": 0.3666166628527187,
  "inu_med": 0.781080573797226,
  "inu_range": 0.573908442258835,
  "provenance": {
    "md5sum": "37ac833cf1351c63467d16240f56f357",
    "settings": {
      "testing": false
    },
    "software": "mriqc",
    "version": "22.0.1",
    "warnings": {
      "large_rot_frame": true,
      "small_air_mask": false
    },
    "webapi_port": null,
    "webapi_url": "https://mriqc.nimh.nih.gov/api/v1"
  },
  "qi_1": 2.3191501838589134e-06,
  "qi_2": 0.0002889775322825746,
  "rpve_csf": 28.431719011079064,
  "rpve_gm": 14.085078537506073,
  "rpve_wm": 18.731250471689005,
  "size_x": 164,
  "size_y": 256,
  "size_z": 256,
  "snr_csf": 1.7886611845164575,
  "snr_gm": 10.01368113771287,
  "snr_total": 10.481648701790144,
  "snr_wm": 19.642603783141105,
  "snrd_csf": 13.461896669964357,
  "snrd_gm": 48.362081937794756,
  "snrd_total": 43.85627327041718,
  "snrd_wm": 69.74484120349241,
  "spacing_x": 1.100006103515625,
  "spacing_y": 1.0,
  "spacing_z": 1.0,
  "summary_bg_k": 7.023451128090208,
  "summary_bg_mad": 0.0,
  "summary_bg_mean": 6.42986783454539,
  "summary_bg_median": 0.0,
  "summary_bg_n": 2815328.0,
  "summary_bg_p05": 0.0,
  "summary_bg_p95": 25.536029372364283,
  "summary_bg_stdv": 9.393865622785777,
  "summary_csf_k": 1.5799437366318907,
  "summary_csf_mad": 95.28183606503205,
  "summary_csf_mean": 211.69868130268665,
  "summary_csf_median": 193.0273578837514,
  "summary_csf_n": 26088.0,
  "summary_csf_p05": 71.56628632675857,
  "summary_csf_p95": 426.1474193444472,
  "summary_csf_stdv": 107.91516021936562,
  "summary_gm_k": -0.0041277430439810026,
  "summary_gm_mad": 69.3955319305499,
  "summary_gm_mean": 693.001919107529,
  "summary_gm_median": 693.4539112187922,
  "summary_gm_n": 23944.0,
  "summary_gm_p05": 578.2943809857592,
  "summary_gm_p95": 806.3470477536321,
  "summary_gm_stdv": 69.2492022450286,
  "summary_wm_k": 0.5796486565252339,
  "summary_wm_mad": 47.89387865923735,
  "summary_wm_mean": 1001.6638355980319,
  "summary_wm_median": 1000.0568830370903,
  "summary_wm_n": 156442.0,
  "summary_wm_p05": 921.173870254308,
  "summary_wm_p95": 1088.153340715915,
  "summary_wm_stdv": 50.912480739230844,
  "tpm_overlap_csf": 0.1499502725673389,
  "tpm_overlap_gm": 0.4595109826032393,
  "tpm_overlap_wm": 0.49461786410320574,
  "wm2max": 0.3717858163140092
}