{
  "bids_meta": {
    "AcquisitionDateTime": "2014-12-08T18:55:28.000000",
    "ConversionSoftware": "dcm2niix",
    "ConversionSoftwareVersion": "v1.0.20170411 GCC4.8.4",
    "EchoTime": 0.003184,
    "FlipAngle": 12,
    "ImageType": [
      "ORIGINAL",
      "PRIMARY",
      "OTHER"
    ],
    "InversionTime": 0.45,
    "MagneticFieldStrength": 3,
    "Manufacturer": "GE",
    "ManufacturersModelName": "DISCOVERY_MR750",
    "ProtocolName": "Sag_FSPGR_BRAVO",
    "RepetitionTime": 0.008164,
    "ScanningSequence": "GR",
    "SequenceVariant": "SS_SK",
    "SeriesDescription": "Sag_FSPGR_BRAVO",
    "dataset": "ds003146",
    "modality": "T1w",
    "subject_id": "415"
  },
  "cjv": 0.37457454219556574,
  "cnr": 3.6327760039264008,
  "efc": 0.4674623252023875,
  "fber": 10258.053911900066,
  "fwhm_avg": 4.022114506689601,
  "fwhm_x": 3.8483235200688037,
  "fwhm_y": 4.20297,
  "fwhm_z": 4.01505,
  "icvs_csf": 0.20276887269742422,
  "icvs_gm": 0.42850648216813764,
  "icvs_wm": 0.36872464513443814,
  "inu_med": 0.8303692638874054,
  "inu_range": 0.7624274998903269,
  "provenance": {
    "md5sum": "9a855f07d558e80790450a292afd77b6",
    "settings": {
      "testing": false
    },
    "software": "mriqc",
    "version": "22.0.1",
    "warnings": {
      "large_rot_frame": true,
      "small_air_mask": false
    },
    "webapi_port": null,
    "webapi_url": "https://mriqc.nimh.nih.gov/api/v1"
  },
  "qi_1": 0.0,
  "qi_2": 0.001047124729283957,
  "rpve_csf": 27.64475206622266,
  "rpve_gm": 13.594646487173769,
  "rpve_wm": 18.3764324279654,
  "size_x": 164,
  "size_y": 256,
  "size_z": 256,
  "snr_csf": 1.5426835918331396,
  "snr_gm": 9.469799775267596,
  "snr_total": 9.914578931088425,
  "snr_wm": 18.73125342616454,
  "snrd_csf": 12.14975600649382,
  "snrd_gm": 44.853172733238374,
  "snrd_total": 41.16295930080809,
  "snrd_wm": 66.48594916269207,
  "spacing_x": 1.0999984741210938,
  "spacing_y": 1.0,
  "spacing_z": 1.0,
  "summary_bg_k": 4.921363274961682,
  "summary_bg_mad": 0.0,
  "summary_bg_mean": 7.393815941401076,
  "summary_bg_median": 0.0,
  "summary_bg_n": 2863844.0,
  "summary_bg_p05": 0.0,
  "summary_bg_p95": 25.573656164109707,
  "summary_bg_stdv": 9.8543327360134,
  "summary_csf_k": 1.8456602684577623,
  "summary_csf_mad": 97.81868055149685,
  "summary_csf_mean": 205.155879055205,
  "summary_csf_median": 182.75238309055567,
  "summary_csf_n": 21061.0,
  "summary_csf_p05": 50.50505155697465,
  "summary_csf_p95": 439.42314221709967,
  "summary_csf_stdv": 118.46113186269811,
  "summary_gm_k": 0.021407027646540566,
  "summary_gm_mad": 70.98346730285613,
  "summary_gm_mean": 673.420044173419,
  "summary_gm_median": 674.6657465212047,
  "summary_gm_n": 21543.0,
  "summary_gm_p05": 554.9716936983168,
  "summary_gm_p95": 788.6903883542864,
  "summary_gm_stdv": 71.24227584173069,
  "summary_wm_k": 0.674272715904344,
  "summary_wm_mad": 50.90033996838951,
  "summary_wm_mean": 1003.5679181945777,
  "summary_wm_median": 1000.0584081709385,
  "summary_wm_n": 175317.0,
  "summary_wm_p05": 922.5784042216837,
  "summary_wm_p95": 1095.8720377720892,
  "summary_wm_stdv": 53.38967624166952,
  "tpm_overlap_csf": 0.13537965772664184,
  "tpm_overlap_gm": 0.45195631085016863,
  "tpm_overlap_wm": 0.48954840772052205,
  "wm2max": 0.33612653806150283
}