{
  "aor": 0.002182549019607843,
  "aqi": 0.005601724264705882,
  "bids_meta": {
    "AcquisitionDateTime": "2014-12-13T14:33:57.000000",
    "Authors": [
      "Arafat Angulo-Perkins and Luis Concha"
    ],
    "ConversionSoftware": "dcm2niix",
    "ConversionSoftwareVersion": "v1.0.20170411 GCC4.8.4",
    "EchoTime": 0.04,
    "FlipAngle": 90,
    "ImageType": [
      "ORIGINAL",
      "PRIMARY",
      "EPI",
      "NONE"
    ],
    "MagneticFieldStrength": 3,
    "Manufacturer": "GE",
    "ManufacturersModelName": "DISCOVERY_MR750",
    "ProtocolName": "fMRI_vocal",
    "RepetitionTime": 3,
    "ScanningSequence": "EP_GR",
    "SequenceVariant": "SS",
    "SeriesDescription": "fMRI_vocal",
    "SliceTiming": [
      0,
      1.5349,
      0.0697674,
      1.60467,
      0.139535,
      1.67444,
      0.209302,
      1.74421,
      0.279069,
      1.81398,
      0.348836,
      1.88375,
      0.418603,
      1.95352,
      0.48837,
      2.02329,
      0.558137,
      2.09306,
      0.627904,
      2.16283,
      0.697671,
      2.2326,
      0.767438,
      2.30237,
      0.837205,
      2.37214,
      0.906972,
      2.44191,
      0.976739,
      2.51168,
      1.04651,
      2.58145,
      1.11628,
      2.65122,
      1.18605,
      2.72099,
      1.25582,
      2.79076,
      1.32559,
      2.86053,
      1.39536,
      2.9303,
      1.46513
    ],
    "TaskName": "Vocal music block-design fMRI",
    "dataset": "ds003146",
    "modality": "bold",
    "subject_id": "420",
    "task_id": "vocal"
  },
  "dummy_trs": 1,
  "dvars_nstd": 27.756146182660096,
  "dvars_std": 1.0847723326108374,
  "dvars_vstd": 0.9991046816256156,
  "efc": 0.3912622758123088,
  "fber": 17511.228515625,
  "fd_mean": 0.10635972075569353,
  "fd_num": 18,
  "fd_perc": 8.823529411764707,
  "fwhm_avg": 2.988847777777778,
  "fwhm_x": 3.089785,
  "fwhm_y": 3.313495,
  "fwhm_z": 2.5632633333333334,
  "gcor": 0.02685,
  "gsr_x": -0.006960727274417877,
  "gsr_y": 0.010714631527662277,
  "provenance": {
    "md5sum": "eabccdc7488ab2dbf52c5de44b72a7bc",
    "settings": {
      "fd_thres": 0.2,
      "testing": false
    },
    "software": "mriqc",
    "version": "22.0.1",
    "webapi_port": null,
    "webapi_url": "https://mriqc.nimh.nih.gov/api/v1"
  },
  "size_t": 204,
  "size_x": 128,
  "size_y": 128,
  "size_z": 43,
  "snr": 2.8851035818485364,
  "spacing_tr": 3.0,
  "spacing_x": 2.0,
  "spacing_y": 2.0,
  "spacing_z": 3.0,
  "summary_bg_k": 93.43500625469133,
  "summary_bg_mad": 23.518142058140782,
  "summary_bg_mean": 75.27715301513672,
  "summary_bg_median": 18.45098114013672,
  "summary_bg_n": 524424.0,
  "summary_bg_p05": 0.9754902124404907,
  "summary_bg_p95": 348.317901611328,
  "summary_bg_stdv": 208.90904235839844,
  "summary_fg_k": 0.7805504266276073,
  "summary_fg_mad": 715.4572821534158,
  "summary_fg_mean": 2509.201904296875,
  "summary_fg_median": 2376.9951171875,
  "summary_fg_n": 91631.0,
  "summary_fg_p05": 1384.8848876953125,
  "summary_fg_p95": 4061.3677978515625,
  "summary_fg_stdv": 823.8810424804688,
  "tsnr": 49.29689293541014
}