{
  "aor": 0.0026821463414634147,
  "aqi": 0.009850413219512194,
  "bids_meta": {
    "AcquisitionDateTime": "2015-02-24T19:51:49.000000",
    "Authors": [
      "Arafat Angulo-Perkins and Luis Concha"
    ],
    "ConversionSoftware": "dcm2niix",
    "ConversionSoftwareVersion": "v1.0.20170411 GCC4.8.4",
    "EchoTime": 0.04,
    "FlipAngle": 90,
    "ImageType": [
      "ORIGINAL",
      "PRIMARY",
      "EPI",
      "NONE"
    ],
    "MagneticFieldStrength": 3,
    "Manufacturer": "GE",
    "ManufacturersModelName": "DISCOVERY_MR750",
    "ProcedureStepDescription": "Protocolo_Auditivo",
    "ProtocolName": "fMRI_vocal",
    "RepetitionTime": 3,
    "ScanningSequence": "EP_GR",
    "SequenceVariant": "SS",
    "SeriesDescription": "fMRI_vocal",
    "SliceTiming": [
      0,
      1.50001,
      0.0789474,
      1.57896,
      0.157895,
      1.65791,
      0.236842,
      1.73686,
      0.315789,
      1.81581,
      0.394736,
      1.89476,
      0.473683,
      1.97371,
      0.55263,
      2.05266,
      0.631577,
      2.13161,
      0.710524,
      2.21056,
      0.789471,
      2.28951,
      0.868418,
      2.36846,
      0.947365,
      2.44741,
      1.02631,
      2.52636,
      1.10526,
      2.60531,
      1.18421,
      2.68426,
      1.26316,
      2.76321,
      1.34211,
      2.84216,
      1.42106,
      2.92111
    ],
    "TaskName": "Vocal music block-design fMRI",
    "dataset": "ds003146",
    "modality": "bold",
    "subject_id": "432",
    "task_id": "vocal"
  },
  "dummy_trs": 0,
  "dvars_nstd": 29.33015332499999,
  "dvars_std": 1.067784491029412,
  "dvars_vstd": 0.9807679449509797,
  "efc": 0.40135679231166155,
  "fber": 25725.140625,
  "fd_mean": 0.09830723641996109,
  "fd_num": 19,
  "fd_perc": 9.268292682926829,
  "fwhm_avg": 2.507166167206133,
  "fwhm_x": 2.700935,
  "fwhm_y": 2.74438,
  "fwhm_z": 2.076183501618399,
  "gcor": 0.0195656,
  "gsr_x": -0.02087017148733139,
  "gsr_y": 0.00907822698354721,
  "provenance": {
    "md5sum": "64875332a89356e558f7328bd7ea9c17",
    "settings": {
      "fd_thres": 0.2,
      "testing": false
    },
    "software": "mriqc",
    "version": "22.0.1",
    "webapi_port": null,
    "webapi_url": "https://mriqc.nimh.nih.gov/api/v1"
  },
  "size_t": 205,
  "size_x": 128,
  "size_y": 128,
  "size_z": 38,
  "snr": 3.5209172618746907,
  "spacing_tr": 3.0,
  "spacing_x": 2.0,
  "spacing_y": 2.0,
  "spacing_z": 3.0000479221343994,
  "summary_bg_k": 59.676400136074285,
  "summary_bg_mad": 18.88328938508792,
  "summary_bg_mean": 75.74305725097656,
  "summary_bg_median": 14.180487632751465,
  "summary_bg_n": 458727.0,
  "summary_bg_p05": 0.785365879535675,
  "summary_bg_p95": 371.009765625,
  "summary_bg_stdv": 219.2379913330078,
  "summary_fg_k": 0.6259129895815314,
  "summary_fg_mad": 574.1322796648105,
  "summary_fg_mean": 2326.11181640625,
  "summary_fg_median": 2254.4462890625,
  "summary_fg_n": 80694.0,
  "summary_fg_p05": 1396.1717529296875,
  "summary_fg_p95": 3472.5751953124995,
  "summary_fg_stdv": 640.296875,
  "tsnr": 43.962652733549476
}