{
  "bids_meta": {
    "AcquisitionDateTime": "2014-09-18T19:19:51.000000",
    "ConversionSoftware": "dcm2niix",
    "ConversionSoftwareVersion": "v1.0.20170411 GCC4.8.4",
    "EchoTime": 0.003184,
    "FlipAngle": 12,
    "ImageType": [
      "ORIGINAL",
      "PRIMARY",
      "OTHER"
    ],
    "InversionTime": 0.45,
    "MagneticFieldStrength": 3,
    "Manufacturer": "GE",
    "ManufacturersModelName": "DISCOVERY_MR750",
    "ProcedureStepDescription": "Auditivo",
    "ProtocolName": "Sag_FSPGR_BRAVO",
    "RepetitionTime": 0.008164,
    "ScanningSequence": "GR",
    "SequenceVariant": "SS_SK",
    "SeriesDescription": "Sag_FSPGR_BRAVO",
    "dataset": "ds003146",
    "modality": "T1w",
    "subject_id": "403"
  },
  "cjv": 0.3655855766211039,
  "cnr": 3.7276646734674492,
  "efc": 0.46431048669012814,
  "fber": -1.0,
  "fwhm_avg": 4.1764869559347115,
  "fwhm_x": 4.103440867804134,
  "fwhm_y": 4.20038,
  "fwhm_z": 4.22564,
  "icvs_csf": 0.16197647641446336,
  "icvs_gm": 0.4277387432445821,
  "icvs_wm": 0.41028478034095456,
  "inu_med": 0.7521165609359741,
  "inu_range": 0.4758583903312683,
  "provenance": {
    "md5sum": "f5e0897b20837eb5baf8fd0ed33804cb",
    "settings": {
      "testing": false
    },
    "software": "mriqc",
    "version": "22.0.1",
    "warnings": {
      "large_rot_frame": true,
      "small_air_mask": false
    },
    "webapi_port": null,
    "webapi_url": "https://mriqc.nimh.nih.gov/api/v1"
  },
  "qi_1": 0.0,
  "qi_2": 0.0002915561122152758,
  "rpve_csf": 37.42434699827453,
  "rpve_gm": 15.24853446765489,
  "rpve_wm": 18.54351859895408,
  "size_x": 164,
  "size_y": 256,
  "size_z": 256,
  "snr_csf": 1.7419751198562219,
  "snr_gm": 11.166980893356675,
  "snr_total": 11.1148476638904,
  "snr_wm": 20.435586978458304,
  "snrd_csf": 14.851168556668942,
  "snrd_gm": 45.29054614773959,
  "snrd_total": 41.585636794430464,
  "snrd_wm": 64.61519567888286,
  "spacing_x": 1.100006103515625,
  "spacing_y": 1.0,
  "spacing_z": 1.0,
  "summary_bg_k": 32.22655634787018,
  "summary_bg_mad": 0.0,
  "summary_bg_mean": 6.284604320991341,
  "summary_bg_median": 0.0,
  "summary_bg_n": 2694080.0,
  "summary_bg_p05": 0.0,
  "summary_bg_p95": 24.948151610791683,
  "summary_bg_stdv": 10.139045299236473,
  "summary_csf_k": -0.048156781673670324,
  "summary_csf_mad": 130.67952864973893,
  "summary_csf_mean": 247.04555194640648,
  "summary_csf_median": 229.84018403291702,
  "summary_csf_n": 10447.0,
  "summary_csf_p05": 68.2749782346189,
  "summary_csf_p95": 492.96693611964577,
  "summary_csf_stdv": 131.93597362783328,
  "summary_gm_k": -0.09674732777621475,
  "summary_gm_mad": 64.39018989523468,
  "summary_gm_mean": 699.1488307692105,
  "summary_gm_median": 700.9271642044187,
  "summary_gm_n": 20195.0,
  "summary_gm_p05": 594.6077797114849,
  "summary_gm_p95": 797.8528681397438,
  "summary_gm_stdv": 62.7662764632058,
  "summary_wm_k": 1.068000001669125,
  "summary_wm_mad": 44.94652300271297,
  "summary_wm_mean": 1002.4010289972526,
  "summary_wm_median": 999.9999939054251,
  "summary_wm_n": 167361.0,
  "summary_wm_p05": 927.168470621109,
  "summary_wm_p95": 1085.702079512179,
  "summary_wm_stdv": 48.93409753295823,
  "tpm_overlap_csf": 0.14052917375204538,
  "tpm_overlap_gm": 0.4432845527097862,
  "tpm_overlap_wm": 0.4697148278361208,
  "wm2max": 0.3283127358846413
}