{
  "aor": 0.0019310243902439024,
  "aqi": 0.007178589219512196,
  "bids_meta": {
    "AcquisitionDateTime": "2015-01-26T19:47:25.000000",
    "Authors": [
      "Arafat Angulo-Perkins and Luis Concha"
    ],
    "ConversionSoftware": "dcm2niix",
    "ConversionSoftwareVersion": "v1.0.20170411 GCC4.8.4",
    "EchoTime": 0.04,
    "FlipAngle": 90,
    "ImageType": [
      "ORIGINAL",
      "PRIMARY",
      "EPI",
      "NONE"
    ],
    "MagneticFieldStrength": 3,
    "Manufacturer": "GE",
    "ManufacturersModelName": "DISCOVERY_MR750",
    "ProtocolName": "fMRI_vocal",
    "RepetitionTime": 3,
    "ScanningSequence": "EP_GR",
    "SequenceVariant": "SS",
    "SeriesDescription": "fMRI_vocal",
    "SliceTiming": [
      0,
      1.5349,
      0.0697674,
      1.60467,
      0.139535,
      1.67444,
      0.209302,
      1.74421,
      0.279069,
      1.81398,
      0.348836,
      1.88375,
      0.418603,
      1.95352,
      0.48837,
      2.02329,
      0.558137,
      2.09306,
      0.627904,
      2.16283,
      0.697671,
      2.2326,
      0.767438,
      2.30237,
      0.837205,
      2.37214,
      0.906972,
      2.44191,
      0.976739,
      2.51168,
      1.04651,
      2.58145,
      1.11628,
      2.65122,
      1.18605,
      2.72099,
      1.25582,
      2.79076,
      1.32559,
      2.86053,
      1.39536,
      2.9303,
      1.46513
    ],
    "TaskName": "Vocal music block-design fMRI",
    "dataset": "ds003146",
    "modality": "bold",
    "subject_id": "428",
    "task_id": "vocal"
  },
  "dummy_trs": 0,
  "dvars_nstd": 23.813909446225495,
  "dvars_std": 1.0256841890686277,
  "dvars_vstd": 0.9588551593627452,
  "efc": 0.3763673605982561,
  "fber": 34289.28125,
  "fd_mean": 0.053489741947432785,
  "fd_num": 6,
  "fd_perc": 2.926829268292683,
  "fwhm_avg": 3.047396111111111,
  "fwhm_x": 3.196215,
  "fwhm_y": 3.36441,
  "fwhm_z": 2.5815633333333334,
  "gcor": 0.0213808,
  "gsr_x": -0.011328797787427902,
  "gsr_y": 0.011972884647548199,
  "provenance": {
    "md5sum": "ebbc397174dcca4584c07adbbee4f4de",
    "settings": {
      "fd_thres": 0.2,
      "testing": false
    },
    "software": "mriqc",
    "version": "22.0.1",
    "webapi_port": null,
    "webapi_url": "https://mriqc.nimh.nih.gov/api/v1"
  },
  "size_t": 205,
  "size_x": 128,
  "size_y": 128,
  "size_z": 43,
  "snr": 2.942883961642659,
  "spacing_tr": 3.0,
  "spacing_x": 2.0,
  "spacing_y": 2.0,
  "spacing_z": 3.0,
  "summary_bg_k": 133.38663140625235,
  "summary_bg_mad": 16.127819427392605,
  "summary_bg_mean": 54.96397399902344,
  "summary_bg_median": 13.917073249816895,
  "summary_bg_n": 524801.0,
  "summary_bg_p05": 1.5609755516052246,
  "summary_bg_p95": 232.6975555419922,
  "summary_bg_stdv": 169.6217803955078,
  "summary_fg_k": 1.9155321261714153,
  "summary_fg_mad": 707.4977062781868,
  "summary_fg_mean": 2679.052978515625,
  "summary_fg_median": 2537.643798828125,
  "summary_fg_n": 90409.0,
  "summary_fg_p05": 1540.075146484375,
  "summary_fg_p95": 4317.590332031248,
  "summary_fg_stdv": 862.2935180664062,
  "tsnr": 47.814489476848394
}