{
  "bids_meta": {
    "AcquisitionDateTime": "2015-03-11T19:55:39.000000",
    "ConversionSoftware": "dcm2niix",
    "ConversionSoftwareVersion": "v1.0.20170411 GCC4.8.4",
    "EchoTime": 0.003184,
    "FlipAngle": 12,
    "ImageType": [
      "ORIGINAL",
      "PRIMARY",
      "OTHER"
    ],
    "InversionTime": 0.45,
    "MagneticFieldStrength": 3,
    "Manufacturer": "GE",
    "ManufacturersModelName": "DISCOVERY_MR750",
    "ProtocolName": "Sag_FSPGR_BRAVO",
    "RepetitionTime": 0.008164,
    "ScanningSequence": "GR",
    "SequenceVariant": "SS_SK",
    "SeriesDescription": "Sag_FSPGR_BRAVO",
    "dataset": "ds003146",
    "modality": "T1w",
    "subject_id": "433"
  },
  "cjv": 0.370258331817272,
  "cnr": 3.6987605190819104,
  "efc": 0.4830196478147198,
  "fber": 9839.77741020794,
  "fwhm_avg": 4.3998356081213865,
  "fwhm_x": 4.264296824364158,
  "fwhm_y": 4.54683,
  "fwhm_z": 4.38838,
  "icvs_csf": 0.17856325622156116,
  "icvs_gm": 0.43236177008437426,
  "icvs_wm": 0.3890749736940645,
  "inu_med": 0.7127466201782227,
  "inu_range": 0.5719389408826826,
  "provenance": {
    "md5sum": "ec1b64fca3b724728cabc42ba24c79ea",
    "settings": {
      "testing": false
    },
    "software": "mriqc",
    "version": "22.0.1",
    "warnings": {
      "large_rot_frame": true,
      "small_air_mask": false
    },
    "webapi_port": null,
    "webapi_url": "https://mriqc.nimh.nih.gov/api/v1"
  },
  "qi_1": 0.0,
  "qi_2": 0.0009518063969926678,
  "rpve_csf": 32.99471993433092,
  "rpve_gm": 14.388182835588339,
  "rpve_wm": 18.310153622397962,
  "size_x": 164,
  "size_y": 256,
  "size_z": 256,
  "snr_csf": 1.798592449342726,
  "snr_gm": 11.320876854811653,
  "snr_total": 12.02583439775649,
  "snr_wm": 22.95803388911509,
  "snrd_csf": 17.55378827795692,
  "snrd_gm": 52.926200993610436,
  "snrd_total": 48.185260725594446,
  "snrd_wm": 74.07579290521599,
  "spacing_x": 1.0999984741210938,
  "spacing_y": 1.0,
  "spacing_z": 1.0,
  "summary_bg_k": 14.7470970514626,
  "summary_bg_mad": 0.0,
  "summary_bg_mean": 6.269799840700494,
  "summary_bg_median": 0.0,
  "summary_bg_n": 3327552.0,
  "summary_bg_p05": 0.0,
  "summary_bg_p95": 22.911526039242744,
  "summary_bg_stdv": 8.84413609344795,
  "summary_csf_k": 0.09983540546941594,
  "summary_csf_mad": 141.9218888265548,
  "summary_csf_mean": 236.53301246275984,
  "summary_csf_median": 236.97064074873924,
  "summary_csf_n": 11904.0,
  "summary_csf_p05": 41.74429689347744,
  "summary_csf_p95": 458.7265175573528,
  "summary_csf_stdv": 131.74784939320784,
  "summary_gm_k": -0.03401098758092713,
  "summary_gm_mad": 63.45797238430909,
  "summary_gm_mean": 713.1263489263013,
  "summary_gm_median": 714.4871274083853,
  "summary_gm_n": 31561.0,
  "summary_gm_p05": 607.5834575593472,
  "summary_gm_p95": 814.2403869330883,
  "summary_gm_stdv": 63.111348823581146,
  "summary_wm_k": 0.38208495644654406,
  "summary_wm_mad": 42.25554396413994,
  "summary_wm_mean": 1001.1063814650165,
  "summary_wm_median": 999.9999903589487,
  "summary_wm_n": 185423.0,
  "summary_wm_p05": 931.6178972572088,
  "summary_wm_p95": 1073.921133711934,
  "summary_wm_stdv": 43.55761902992716,
  "tpm_overlap_csf": 0.1304237866917603,
  "tpm_overlap_gm": 0.4688934484734604,
  "tpm_overlap_wm": 0.5084813795517079,
  "wm2max": 0.40569929159517415
}