{
  "aor": 0.001706292682926829,
  "aqi": 0.006861410975609757,
  "bids_meta": {
    "AcquisitionDateTime": "2014-11-10T18:53:47.000000",
    "Authors": [
      "Arafat Angulo-Perkins and Luis Concha"
    ],
    "ConversionSoftware": "dcm2niix",
    "ConversionSoftwareVersion": "v1.0.20170411 GCC4.8.4",
    "EchoTime": 0.04,
    "FlipAngle": 90,
    "ImageType": [
      "ORIGINAL",
      "PRIMARY",
      "EPI",
      "NONE"
    ],
    "MagneticFieldStrength": 3,
    "Manufacturer": "GE",
    "ManufacturersModelName": "DISCOVERY_MR750",
    "ProtocolName": "fMRI_vocal",
    "RepetitionTime": 3,
    "ScanningSequence": "EP_GR",
    "SequenceVariant": "SS",
    "SeriesDescription": "fMRI_vocal",
    "SliceTiming": [
      0,
      1.5349,
      0.0697674,
      1.60467,
      0.139535,
      1.67444,
      0.209302,
      1.74421,
      0.279069,
      1.81398,
      0.348836,
      1.88375,
      0.418603,
      1.95352,
      0.48837,
      2.02329,
      0.558137,
      2.09306,
      0.627904,
      2.16283,
      0.697671,
      2.2326,
      0.767438,
      2.30237,
      0.837205,
      2.37214,
      0.906972,
      2.44191,
      0.976739,
      2.51168,
      1.04651,
      2.58145,
      1.11628,
      2.65122,
      1.18605,
      2.72099,
      1.25582,
      2.79076,
      1.32559,
      2.86053,
      1.39536,
      2.9303,
      1.46513
    ],
    "TaskName": "Vocal music block-design fMRI",
    "dataset": "ds003146",
    "modality": "bold",
    "subject_id": "411",
    "task_id": "vocal"
  },
  "dummy_trs": 0,
  "dvars_nstd": 26.868486507500023,
  "dvars_std": 1.0807973392156864,
  "dvars_vstd": 0.9852283730882355,
  "efc": 0.38441347829009637,
  "fber": 16341.68359375,
  "fd_mean": 0.0713647233021041,
  "fd_num": 5,
  "fd_perc": 2.4390243902439024,
  "fwhm_avg": 3.124771111111111,
  "fwhm_x": 3.218245,
  "fwhm_y": 3.474965,
  "fwhm_z": 2.681103333333333,
  "gcor": 0.037213,
  "gsr_x": -0.01191496942192316,
  "gsr_y": 0.023055793717503548,
  "provenance": {
    "md5sum": "fc93a0ae983beb44645b28950d8cd7b4",
    "settings": {
      "fd_thres": 0.2,
      "testing": false
    },
    "software": "mriqc",
    "version": "22.0.1",
    "webapi_port": null,
    "webapi_url": "https://mriqc.nimh.nih.gov/api/v1"
  },
  "size_t": 205,
  "size_x": 128,
  "size_y": 128,
  "size_z": 43,
  "snr": 3.050558395573948,
  "spacing_tr": 3.0,
  "spacing_x": 2.0,
  "spacing_y": 2.0,
  "spacing_z": 3.0,
  "summary_bg_k": 251.16885655077104,
  "summary_bg_mad": 22.745287210857278,
  "summary_bg_mean": 74.47785949707031,
  "summary_bg_median": 19.234146118164062,
  "summary_bg_n": 528598.0,
  "summary_bg_p05": 1.4536585807800293,
  "summary_bg_p95": 319.24951171874983,
  "summary_bg_stdv": 259.9713439941406,
  "summary_fg_k": 1.5663558225820413,
  "summary_fg_mad": 641.6485947559759,
  "summary_fg_mean": 2569.481689453125,
  "summary_fg_median": 2430.185302734375,
  "summary_fg_n": 89651.0,
  "summary_fg_p05": 1520.0,
  "summary_fg_p95": 4090.49755859375,
  "summary_fg_stdv": 796.6317749023438,
  "tsnr": 48.883561422117054
}