{
  "aor": 0.00041326829268292694,
  "aqi": 0.0056795487317073175,
  "bids_meta": {
    "AcquisitionDateTime": "2014-12-10T19:34:44.000000",
    "Authors": [
      "Arafat Angulo-Perkins and Luis Concha"
    ],
    "ConversionSoftware": "dcm2niix",
    "ConversionSoftwareVersion": "v1.0.20170411 GCC4.8.4",
    "EchoTime": 0.04,
    "FlipAngle": 90,
    "ImageType": [
      "ORIGINAL",
      "PRIMARY",
      "EPI",
      "NONE"
    ],
    "MagneticFieldStrength": 3,
    "Manufacturer": "GE",
    "ManufacturersModelName": "DISCOVERY_MR750",
    "ProtocolName": "fMRI_vocal",
    "RepetitionTime": 3,
    "ScanningSequence": "EP_GR",
    "SequenceVariant": "SS",
    "SeriesDescription": "fMRI_vocal",
    "SliceTiming": [
      0,
      1.5349,
      0.0697674,
      1.60467,
      0.139535,
      1.67444,
      0.209302,
      1.74421,
      0.279069,
      1.81398,
      0.348836,
      1.88375,
      0.418603,
      1.95352,
      0.48837,
      2.02329,
      0.558137,
      2.09306,
      0.627904,
      2.16283,
      0.697671,
      2.2326,
      0.767438,
      2.30237,
      0.837205,
      2.37214,
      0.906972,
      2.44191,
      0.976739,
      2.51168,
      1.04651,
      2.58145,
      1.11628,
      2.65122,
      1.18605,
      2.72099,
      1.25582,
      2.79076,
      1.32559,
      2.86053,
      1.39536,
      2.9303,
      1.46513
    ],
    "TaskName": "Vocal music block-design fMRI",
    "dataset": "ds003146",
    "modality": "bold",
    "subject_id": "416",
    "task_id": "vocal"
  },
  "dummy_trs": 0,
  "dvars_nstd": 24.513717464166675,
  "dvars_std": 1.1057835463235302,
  "dvars_vstd": 0.9816436996568628,
  "efc": 0.3655218794904092,
  "fber": 59953.453125,
  "fd_mean": 0.043934200019446444,
  "fd_num": 1,
  "fd_perc": 0.4878048780487805,
  "fwhm_avg": 2.9007733333333334,
  "fwhm_x": 3.055265,
  "fwhm_y": 3.192515,
  "fwhm_z": 2.45454,
  "gcor": 0.0404014,
  "gsr_x": -0.017199425026774406,
  "gsr_y": 0.004959611687809229,
  "provenance": {
    "md5sum": "6b2b47cd2b1700bde18ba822507f873a",
    "settings": {
      "fd_thres": 0.2,
      "testing": false
    },
    "software": "mriqc",
    "version": "22.0.1",
    "webapi_port": null,
    "webapi_url": "https://mriqc.nimh.nih.gov/api/v1"
  },
  "size_t": 205,
  "size_x": 128,
  "size_y": 128,
  "size_z": 43,
  "snr": 3.47634469058437,
  "spacing_tr": 3.0,
  "spacing_x": 2.0,
  "spacing_y": 2.0,
  "spacing_z": 3.0,
  "summary_bg_k": 136.88862054918434,
  "summary_bg_mad": 12.909488023744775,
  "summary_bg_mean": 64.67411804199219,
  "summary_bg_median": 10.741463661193848,
  "summary_bg_n": 538740.0,
  "summary_bg_p05": 1.2878048419952393,
  "summary_bg_p95": 310.83926391601557,
  "summary_bg_stdv": 210.1743621826172,
  "summary_fg_k": 0.6085988592502587,
  "summary_fg_mad": 653.8963514130984,
  "summary_fg_mean": 2696.279052734375,
  "summary_fg_median": 2604.55615234375,
  "summary_fg_n": 78930.0,
  "summary_fg_p05": 1615.0468200683595,
  "summary_fg_p95": 4097.438208007814,
  "summary_fg_stdv": 749.2178955078125,
  "tsnr": 55.361457312712446
}