{
  "aor": 0.0020700487804878047,
  "aqi": 0.004414506390243903,
  "bids_meta": {
    "AcquisitionDateTime": "2014-12-13T10:35:10.000000",
    "Authors": [
      "Arafat Angulo-Perkins and Luis Concha"
    ],
    "ConversionSoftware": "dcm2niix",
    "ConversionSoftwareVersion": "v1.0.20170411 GCC4.8.4",
    "EchoTime": 0.04,
    "FlipAngle": 90,
    "ImageType": [
      "ORIGINAL",
      "PRIMARY",
      "EPI",
      "NONE"
    ],
    "MagneticFieldStrength": 3,
    "Manufacturer": "GE",
    "ManufacturersModelName": "DISCOVERY_MR750",
    "ProtocolName": "fMRI_vocal",
    "RepetitionTime": 3,
    "ScanningSequence": "EP_GR",
    "SequenceVariant": "SS",
    "SeriesDescription": "fMRI_vocal",
    "SliceTiming": [
      0,
      1.5349,
      0.0697674,
      1.60467,
      0.139535,
      1.67444,
      0.209302,
      1.74421,
      0.279069,
      1.81398,
      0.348836,
      1.88375,
      0.418603,
      1.95352,
      0.48837,
      2.02329,
      0.558137,
      2.09306,
      0.627904,
      2.16283,
      0.697671,
      2.2326,
      0.767438,
      2.30237,
      0.837205,
      2.37214,
      0.906972,
      2.44191,
      0.976739,
      2.51168,
      1.04651,
      2.58145,
      1.11628,
      2.65122,
      1.18605,
      2.72099,
      1.25582,
      2.79076,
      1.32559,
      2.86053,
      1.39536,
      2.9303,
      1.46513
    ],
    "TaskName": "Vocal music block-design fMRI",
    "dataset": "ds003146",
    "modality": "bold",
    "subject_id": "417",
    "task_id": "vocal"
  },
  "dummy_trs": 0,
  "dvars_nstd": 24.289495141225487,
  "dvars_std": 1.0641065472549023,
  "dvars_vstd": 1.015387836666667,
  "efc": 0.41203155120910817,
  "fber": 33919.0546875,
  "fd_mean": 0.04488475218391724,
  "fd_num": 6,
  "fd_perc": 2.926829268292683,
  "fwhm_avg": 3.1074216666666667,
  "fwhm_x": 3.13221,
  "fwhm_y": 3.478795,
  "fwhm_z": 2.71126,
  "gcor": 0.0212769,
  "gsr_x": -0.011949402280151844,
  "gsr_y": 0.03228253871202469,
  "provenance": {
    "md5sum": "0378db9ff539e11036f15403c77fda2e",
    "settings": {
      "fd_thres": 0.2,
      "testing": false
    },
    "software": "mriqc",
    "version": "22.0.1",
    "webapi_port": null,
    "webapi_url": "https://mriqc.nimh.nih.gov/api/v1"
  },
  "size_t": 205,
  "size_x": 128,
  "size_y": 128,
  "size_z": 43,
  "snr": 2.718472125386014,
  "spacing_tr": 3.0,
  "spacing_x": 2.0,
  "spacing_y": 2.0,
  "spacing_z": 3.0,
  "summary_bg_k": 110.16101484002691,
  "summary_bg_mad": 18.594001599957448,
  "summary_bg_mean": 71.4751205444336,
  "summary_bg_median": 13.941463470458984,
  "summary_bg_n": 501200.0,
  "summary_bg_p05": 0.46341463923454285,
  "summary_bg_p95": 357.85952606201147,
  "summary_bg_stdv": 206.32565307617188,
  "summary_fg_k": 1.5525389736056399,
  "summary_fg_mad": 804.2031145096133,
  "summary_fg_mean": 2721.5615234375,
  "summary_fg_median": 2560.151123046875,
  "summary_fg_n": 108966.0,
  "summary_fg_p05": 1520.8402099609375,
  "summary_fg_p95": 4444.7755126953125,
  "summary_fg_stdv": 941.7567138671875,
  "tsnr": 53.416077088331804
}