{
  "bids_meta": {
    "AcquisitionDateTime": "2014-09-25T20:26:37.000000",
    "ConversionSoftware": "dcm2niix",
    "ConversionSoftwareVersion": "v1.0.20170411 GCC4.8.4",
    "EchoTime": 0.003184,
    "FlipAngle": 12,
    "ImageType": [
      "ORIGINAL",
      "PRIMARY",
      "OTHER"
    ],
    "InversionTime": 0.45,
    "MagneticFieldStrength": 3,
    "Manufacturer": "GE",
    "ManufacturersModelName": "DISCOVERY_MR750",
    "ProcedureStepDescription": "Protocolo_Auditivo",
    "ProtocolName": "Sag_FSPGR_BRAVO",
    "RepetitionTime": 0.008164,
    "ScanningSequence": "GR",
    "SequenceVariant": "SS_SK",
    "SeriesDescription": "Sag_FSPGR_BRAVO",
    "dataset": "ds003146",
    "modality": "T1w",
    "subject_id": "406"
  },
  "cjv": 0.4020224224385521,
  "cnr": 3.374608576555919,
  "efc": 0.4625738258572258,
  "fber": 6716.0508356290175,
  "fwhm_avg": 3.7514704755200134,
  "fwhm_x": 3.64984142656004,
  "fwhm_y": 3.87547,
  "fwhm_z": 3.7291,
  "icvs_csf": 0.21189535732942577,
  "icvs_gm": 0.4184636167828418,
  "icvs_wm": 0.36964102588773246,
  "inu_med": 0.8544001579284668,
  "inu_range": 0.4593010783195496,
  "provenance": {
    "md5sum": "c8b15390979c316546ccd98e9bb21081",
    "settings": {
      "testing": false
    },
    "software": "mriqc",
    "version": "22.0.1",
    "warnings": {
      "large_rot_frame": true,
      "small_air_mask": false
    },
    "webapi_port": null,
    "webapi_url": "https://mriqc.nimh.nih.gov/api/v1"
  },
  "qi_1": 0.0,
  "qi_2": 0.000492344658877809,
  "rpve_csf": 29.14007726934392,
  "rpve_gm": 14.789078681797479,
  "rpve_wm": 19.39479822126633,
  "size_x": 164,
  "size_y": 256,
  "size_z": 256,
  "snr_csf": 1.7734991368559683,
  "snr_gm": 9.4827238574306,
  "snr_total": 10.096762166769484,
  "snr_wm": 19.034063506021884,
  "snrd_csf": 12.738933888585143,
  "snrd_gm": 48.828755460708166,
  "snrd_total": 43.96582586904236,
  "snrd_wm": 70.32978825783378,
  "spacing_x": 1.0999984741210938,
  "spacing_y": 1.0,
  "spacing_z": 1.0,
  "summary_bg_k": 8.593802199458182,
  "summary_bg_mad": 0.0,
  "summary_bg_mean": 7.031207121016616,
  "summary_bg_median": 0.0,
  "summary_bg_n": 3195397.0,
  "summary_bg_p05": 0.0,
  "summary_bg_p95": 25.50072778761387,
  "summary_bg_stdv": 9.315672643187522,
  "summary_csf_k": 2.813562929214253,
  "summary_csf_mad": 84.13642900807987,
  "summary_csf_mean": 197.57423090091584,
  "summary_csf_median": 181.1405043732375,
  "summary_csf_n": 26040.0,
  "summary_csf_p05": 63.69911127183587,
  "summary_csf_p95": 397.0257503570988,
  "summary_csf_stdv": 102.13539011960162,
  "summary_gm_k": -0.05448433985175827,
  "summary_gm_mad": 73.64263290888547,
  "summary_gm_mean": 693.4785355570555,
  "summary_gm_median": 694.3175519574434,
  "summary_gm_n": 19052.0,
  "summary_gm_p05": 571.5852598229424,
  "summary_gm_p95": 813.5635733343661,
  "summary_gm_stdv": 73.21728867276083,
  "summary_wm_k": 0.7094065852570961,
  "summary_wm_mad": 49.26874480614673,
  "summary_wm_mean": 1004.2554439546502,
  "summary_wm_median": 1000.0501948520541,
  "summary_wm_n": 156439.0,
  "summary_wm_p05": 925.9575290754437,
  "summary_wm_p95": 1097.2340708300471,
  "summary_wm_stdv": 52.539858251296224,
  "tpm_overlap_csf": 0.1406028247946634,
  "tpm_overlap_gm": 0.4684574067731873,
  "tpm_overlap_wm": 0.5037066791034671,
  "wm2max": 0.35702508960573476
}